RESTRICTION: || (== netcoreapp2.0) (== netstandard1.6)
NUGET
  remote: https://api.nuget.org/v3/index.json
    FSharp.Core (4.3.4)
      System.Collections (>= 4.0.11) - restriction: || (&& (== netcoreapp2.0) (< netstandard2.0)) (== netstandard1.6)
      System.Console (>= 4.0) - restriction: || (&& (== netcoreapp2.0) (< netstandard2.0)) (== netstandard1.6)
      System.Diagnostics.Debug (>= 4.0.11) - restriction: || (&& (== netcoreapp2.0) (< netstandard2.0)) (== netstandard1.6)
      System.Diagnostics.Tools (>= 4.0.1) - restriction: || (&& (== netcoreapp2.0) (< netstandard2.0)) (== netstandard1.6)
      System.Globalization (>= 4.0.11) - restriction: || (&& (== netcoreapp2.0) (< netstandard2.0)) (== netstandard1.6)
      System.IO (>= 4.1) - restriction: || (&& (== netcoreapp2.0) (< netstandard2.0)) (== netstandard1.6)
      System.Linq (>= 4.1) - restriction: || (&& (== netcoreapp2.0) (< netstandard2.0)) (== netstandard1.6)
      System.Linq.Expressions (>= 4.1) - restriction: || (&& (== netcoreapp2.0) (< netstandard2.0)) (== netstandard1.6)
      System.Linq.Queryable (>= 4.0.1) - restriction: || (&& (== netcoreapp2.0) (< netstandard2.0)) (== netstandard1.6)
      System.Net.Requests (>= 4.0.11) - restriction: || (&& (== netcoreapp2.0) (< netstandard2.0)) (== netstandard1.6)
      System.Reflection (>= 4.1) - restriction: || (&& (== netcoreapp2.0) (< netstandard2.0)) (== netstandard1.6)
      System.Reflection.Extensions (>= 4.0.1) - restriction: || (&& (== netcoreapp2.0) (< netstandard2.0)) (== netstandard1.6)
      System.Resources.ResourceManager (>= 4.0.1) - restriction: || (&& (== netcoreapp2.0) (< netstandard2.0)) (== netstandard1.6)
      System.Runtime (>= 4.1) - restriction: || (&& (== netcoreapp2.0) (< netstandard2.0)) (== netstandard1.6)
      System.Runtime.Extensions (>= 4.1) - restriction: || (&& (== netcoreapp2.0) (< netstandard2.0)) (== netstandard1.6)
      System.Runtime.Numerics (>= 4.0.1) - restriction: || (&& (== netcoreapp2.0) (< netstandard2.0)) (== netstandard1.6)
      System.Text.RegularExpressions (>= 4.1) - restriction: || (&& (== netcoreapp2.0) (< netstandard2.0)) (== netstandard1.6)
      System.Threading (>= 4.0.11) - restriction: || (&& (== netcoreapp2.0) (< netstandard2.0)) (== netstandard1.6)
      System.Threading.Tasks (>= 4.0.11) - restriction: || (&& (== netcoreapp2.0) (< netstandard2.0)) (== netstandard1.6)
      System.Threading.Tasks.Parallel (>= 4.0.1) - restriction: || (&& (== netcoreapp2.0) (< netstandard2.0)) (== netstandard1.6)
      System.Threading.Thread (>= 4.0) - restriction: || (&& (== netcoreapp2.0) (< netstandard2.0)) (== netstandard1.6)
      System.Threading.ThreadPool (>= 4.0.10) - restriction: || (&& (== netcoreapp2.0) (< netstandard2.0)) (== netstandard1.6)
      System.Threading.Timer (>= 4.0.1) - restriction: || (&& (== netcoreapp2.0) (< netstandard2.0)) (== netstandard1.6)
    Microsoft.NETCore.Platforms (1.1)
    Microsoft.NETCore.Targets (1.1)
    Persimmon (4.0.2)
      FSharp.Core (>= 4.3.4)
    runtime.debian.8-x64.runtime.native.System.Security.Cryptography.OpenSsl (4.3) - restriction: || (&& (== netcoreapp2.0) (>= dnxcore50)) (&& (== netcoreapp2.0) (< netstandard2.0)) (== netstandard1.6)
    runtime.fedora.23-x64.runtime.native.System.Security.Cryptography.OpenSsl (4.3) - restriction: || (&& (== netcoreapp2.0) (>= dnxcore50)) (&& (== netcoreapp2.0) (< netstandard2.0)) (== netstandard1.6)
    runtime.fedora.24-x64.runtime.native.System.Security.Cryptography.OpenSsl (4.3) - restriction: || (&& (== netcoreapp2.0) (>= dnxcore50)) (&& (== netcoreapp2.0) (< netstandard2.0)) (== netstandard1.6)
    runtime.native.System (4.3) - restriction: || (&& (== netcoreapp2.0) (>= dnxcore50)) (&& (== netcoreapp2.0) (< netstandard2.0)) (== netstandard1.6)
      Microsoft.NETCore.Platforms (>= 1.1)
      Microsoft.NETCore.Targets (>= 1.1)
    runtime.native.System.Net.Http (4.3) - restriction: || (&& (== netcoreapp2.0) (>= dnxcore50)) (&& (== netcoreapp2.0) (< netstandard2.0)) (== netstandard1.6)
      Microsoft.NETCore.Platforms (>= 1.1)
      Microsoft.NETCore.Targets (>= 1.1)
    runtime.native.System.Security.Cryptography.Apple (4.3) - restriction: || (&& (== netcoreapp2.0) (>= dnxcore50)) (&& (== netcoreapp2.0) (< netstandard2.0)) (== netstandard1.6)
      runtime.osx.10.10-x64.runtime.native.System.Security.Cryptography.Apple (>= 4.3)
    runtime.native.System.Security.Cryptography.OpenSsl (4.3) - restriction: || (&& (== netcoreapp2.0) (>= dnxcore50)) (&& (== netcoreapp2.0) (< netstandard2.0)) (== netstandard1.6)
      runtime.debian.8-x64.runtime.native.System.Security.Cryptography.OpenSsl (>= 4.3)
      runtime.fedora.23-x64.runtime.native.System.Security.Cryptography.OpenSsl (>= 4.3)
      runtime.fedora.24-x64.runtime.native.System.Security.Cryptography.OpenSsl (>= 4.3)
      runtime.opensuse.13.2-x64.runtime.native.System.Security.Cryptography.OpenSsl (>= 4.3)
      runtime.opensuse.42.1-x64.runtime.native.System.Security.Cryptography.OpenSsl (>= 4.3)
      runtime.osx.10.10-x64.runtime.native.System.Security.Cryptography.OpenSsl (>= 4.3)
      runtime.rhel.7-x64.runtime.native.System.Security.Cryptography.OpenSsl (>= 4.3)
      runtime.ubuntu.14.04-x64.runtime.native.System.Security.Cryptography.OpenSsl (>= 4.3)
      runtime.ubuntu.16.04-x64.runtime.native.System.Security.Cryptography.OpenSsl (>= 4.3)
      runtime.ubuntu.16.10-x64.runtime.native.System.Security.Cryptography.OpenSsl (>= 4.3)
    runtime.opensuse.13.2-x64.runtime.native.System.Security.Cryptography.OpenSsl (4.3) - restriction: || (&& (== netcoreapp2.0) (>= dnxcore50)) (&& (== netcoreapp2.0) (< netstandard2.0)) (== netstandard1.6)
    runtime.opensuse.42.1-x64.runtime.native.System.Security.Cryptography.OpenSsl (4.3) - restriction: || (&& (== netcoreapp2.0) (>= dnxcore50)) (&& (== netcoreapp2.0) (< netstandard2.0)) (== netstandard1.6)
    runtime.osx.10.10-x64.runtime.native.System.Security.Cryptography.Apple (4.3) - restriction: || (&& (== netcoreapp2.0) (>= dnxcore50)) (&& (== netcoreapp2.0) (< netstandard2.0)) (== netstandard1.6)
    runtime.osx.10.10-x64.runtime.native.System.Security.Cryptography.OpenSsl (4.3) - restriction: || (&& (== netcoreapp2.0) (>= dnxcore50)) (&& (== netcoreapp2.0) (< netstandard2.0)) (== netstandard1.6)
    runtime.rhel.7-x64.runtime.native.System.Security.Cryptography.OpenSsl (4.3) - restriction: || (&& (== netcoreapp2.0) (>= dnxcore50)) (&& (== netcoreapp2.0) (< netstandard2.0)) (== netstandard1.6)
    runtime.ubuntu.14.04-x64.runtime.native.System.Security.Cryptography.OpenSsl (4.3) - restriction: || (&& (== netcoreapp2.0) (>= dnxcore50)) (&& (== netcoreapp2.0) (< netstandard2.0)) (== netstandard1.6)
    runtime.ubuntu.16.04-x64.runtime.native.System.Security.Cryptography.OpenSsl (4.3) - restriction: || (&& (== netcoreapp2.0) (>= dnxcore50)) (&& (== netcoreapp2.0) (< netstandard2.0)) (== netstandard1.6)
    runtime.ubuntu.16.10-x64.runtime.native.System.Security.Cryptography.OpenSsl (4.3) - restriction: || (&& (== netcoreapp2.0) (>= dnxcore50)) (&& (== netcoreapp2.0) (< netstandard2.0)) (== netstandard1.6)
    System.Collections (4.3) - restriction: || (&& (== netcoreapp2.0) (>= dnxcore50)) (&& (== netcoreapp2.0) (< netstandard1.6)) (&& (== netcoreapp2.0) (< netstandard2.0)) (== netstandard1.6)
      Microsoft.NETCore.Platforms (>= 1.1)
      Microsoft.NETCore.Targets (>= 1.1)
      System.Runtime (>= 4.3)
    System.Collections.Concurrent (4.3) - restriction: || (&& (== netcoreapp2.0) (>= dnxcore50)) (&& (== netcoreapp2.0) (< netstandard1.3)) (&& (== netcoreapp2.0) (< netstandard2.0)) (== netstandard1.6)
      System.Collections (>= 4.3)
      System.Diagnostics.Debug (>= 4.3)
      System.Diagnostics.Tracing (>= 4.3)
      System.Globalization (>= 4.3)
      System.Reflection (>= 4.3)
      System.Resources.ResourceManager (>= 4.3)
      System.Runtime (>= 4.3)
      System.Runtime.Extensions (>= 4.3)
      System.Threading (>= 4.3)
      System.Threading.Tasks (>= 4.3)
    System.Console (4.3) - restriction: || (&& (== netcoreapp2.0) (< netstandard2.0)) (== netstandard1.6)
      Microsoft.NETCore.Platforms (>= 1.1)
      Microsoft.NETCore.Targets (>= 1.1)
      System.IO (>= 4.3)
      System.Runtime (>= 4.3)
      System.Text.Encoding (>= 4.3)
    System.Diagnostics.Debug (4.3) - restriction: || (&& (== netcoreapp2.0) (>= dnxcore50)) (&& (== netcoreapp2.0) (< netstandard2.0)) (== netstandard1.6)
      Microsoft.NETCore.Platforms (>= 1.1)
      Microsoft.NETCore.Targets (>= 1.1)
      System.Runtime (>= 4.3)
    System.Diagnostics.DiagnosticSource (4.3) - restriction: || (&& (== netcoreapp2.0) (>= dnxcore50)) (&& (== netcoreapp2.0) (< netstandard1.6)) (&& (== netcoreapp2.0) (< netstandard2.0)) (== netstandard1.6)
      System.Collections (>= 4.3)
      System.Diagnostics.Tracing (>= 4.3)
      System.Reflection (>= 4.3)
      System.Runtime (>= 4.3)
      System.Threading (>= 4.3)
    System.Diagnostics.Tools (4.3) - restriction: || (&& (== netcoreapp2.0) (< netstandard2.0)) (== netstandard1.6)
      Microsoft.NETCore.Platforms (>= 1.1)
      Microsoft.NETCore.Targets (>= 1.1)
      System.Runtime (>= 4.3)
    System.Diagnostics.Tracing (4.3) - restriction: || (&& (== netcoreapp2.0) (>= dnxcore50)) (&& (== netcoreapp2.0) (< netstandard2.0)) (== netstandard1.6)
      Microsoft.NETCore.Platforms (>= 1.1)
      Microsoft.NETCore.Targets (>= 1.1)
      System.Runtime (>= 4.3)
    System.Globalization (4.3)
      Microsoft.NETCore.Platforms (>= 1.1)
      Microsoft.NETCore.Targets (>= 1.1)
      System.Runtime (>= 4.3)
    System.Globalization.Calendars (4.3) - restriction: || (&& (== netcoreapp2.0) (>= dnxcore50)) (&& (== netcoreapp2.0) (< netstandard1.6)) (&& (== netcoreapp2.0) (< netstandard2.0)) (== netstandard1.6)
      Microsoft.NETCore.Platforms (>= 1.1)
      Microsoft.NETCore.Targets (>= 1.1)
      System.Globalization (>= 4.3)
      System.Runtime (>= 4.3)
    System.Globalization.Extensions (4.3) - restriction: || (&& (== netcoreapp2.0) (>= dnxcore50)) (&& (== netcoreapp2.0) (< netstandard2.0)) (== netstandard1.6)
      Microsoft.NETCore.Platforms (>= 1.1)
      System.Globalization (>= 4.3)
      System.Resources.ResourceManager (>= 4.3)
      System.Runtime (>= 4.3)
      System.Runtime.Extensions (>= 4.3)
      System.Runtime.InteropServices (>= 4.3)
    System.IO (4.3) - restriction: || (&& (== netcoreapp2.0) (>= dnxcore50)) (&& (== netcoreapp2.0) (< netstandard2.0)) (== netstandard1.6)
      Microsoft.NETCore.Platforms (>= 1.1)
      Microsoft.NETCore.Targets (>= 1.1)
      System.Runtime (>= 4.3)
      System.Text.Encoding (>= 4.3)
      System.Threading.Tasks (>= 4.3)
    System.IO.FileSystem (4.3) - restriction: || (&& (== netcoreapp2.0) (>= dnxcore50)) (&& (== netcoreapp2.0) (< netstandard2.0)) (== netstandard1.6)
      Microsoft.NETCore.Platforms (>= 1.1)
      Microsoft.NETCore.Targets (>= 1.1)
      System.IO (>= 4.3)
      System.IO.FileSystem.Primitives (>= 4.3)
      System.Runtime (>= 4.3)
      System.Runtime.Handles (>= 4.3)
      System.Text.Encoding (>= 4.3)
      System.Threading.Tasks (>= 4.3)
    System.IO.FileSystem.Primitives (4.3) - restriction: || (&& (== netcoreapp2.0) (>= dnxcore50)) (&& (== netcoreapp2.0) (< netstandard2.0)) (== netstandard1.6)
      System.Runtime (>= 4.3)
    System.Linq (4.3) - restriction: || (&& (== netcoreapp2.0) (>= dnxcore50)) (&& (== netcoreapp2.0) (< netstandard2.0)) (== netstandard1.6)
      System.Collections (>= 4.3)
      System.Diagnostics.Debug (>= 4.3)
      System.Resources.ResourceManager (>= 4.3)
      System.Runtime (>= 4.3)
      System.Runtime.Extensions (>= 4.3)
    System.Linq.Expressions (4.3) - restriction: || (&& (== netcoreapp2.0) (>= dnxcore50)) (&& (== netcoreapp2.0) (< netstandard1.3)) (&& (== netcoreapp2.0) (< netstandard2.0)) (== netstandard1.6)
      System.Collections (>= 4.3)
      System.Diagnostics.Debug (>= 4.3)
      System.Globalization (>= 4.3)
      System.IO (>= 4.3)
      System.Linq (>= 4.3)
      System.ObjectModel (>= 4.3)
      System.Reflection (>= 4.3)
      System.Reflection.Emit (>= 4.3)
      System.Reflection.Emit.ILGeneration (>= 4.3)
      System.Reflection.Emit.Lightweight (>= 4.3)
      System.Reflection.Extensions (>= 4.3)
      System.Reflection.Primitives (>= 4.3)
      System.Reflection.TypeExtensions (>= 4.3)
      System.Resources.ResourceManager (>= 4.3)
      System.Runtime (>= 4.3)
      System.Runtime.Extensions (>= 4.3)
      System.Threading (>= 4.3)
    System.Linq.Queryable (4.3) - restriction: || (&& (== netcoreapp2.0) (< netstandard2.0)) (== netstandard1.6)
      System.Collections (>= 4.3)
      System.Diagnostics.Debug (>= 4.3)
      System.Linq (>= 4.3)
      System.Linq.Expressions (>= 4.3)
      System.Reflection (>= 4.3)
      System.Reflection.Extensions (>= 4.3)
      System.Resources.ResourceManager (>= 4.3)
      System.Runtime (>= 4.3)
    System.Net.Http (4.3.1) - restriction: || (&& (== netcoreapp2.0) (>= dnxcore50)) (&& (== netcoreapp2.0) (< netstandard2.0)) (== netstandard1.6)
      Microsoft.NETCore.Platforms (>= 1.1)
      runtime.native.System (>= 4.3)
      runtime.native.System.Net.Http (>= 4.3)
      runtime.native.System.Security.Cryptography.OpenSsl (>= 4.3)
      System.Collections (>= 4.3)
      System.Diagnostics.Debug (>= 4.3)
      System.Diagnostics.DiagnosticSource (>= 4.3)
      System.Diagnostics.Tracing (>= 4.3)
      System.Globalization (>= 4.3)
      System.Globalization.Extensions (>= 4.3)
      System.IO (>= 4.3)
      System.IO.FileSystem (>= 4.3)
      System.Net.Primitives (>= 4.3)
      System.Resources.ResourceManager (>= 4.3)
      System.Runtime (>= 4.3)
      System.Runtime.Extensions (>= 4.3)
      System.Runtime.Handles (>= 4.3)
      System.Runtime.InteropServices (>= 4.3)
      System.Security.Cryptography.Algorithms (>= 4.3)
      System.Security.Cryptography.Encoding (>= 4.3)
      System.Security.Cryptography.OpenSsl (>= 4.3)
      System.Security.Cryptography.Primitives (>= 4.3)
      System.Security.Cryptography.X509Certificates (>= 4.3)
      System.Text.Encoding (>= 4.3)
      System.Threading (>= 4.3)
      System.Threading.Tasks (>= 4.3)
    System.Net.Primitives (4.3) - restriction: || (&& (== netcoreapp2.0) (>= dnxcore50)) (&& (== netcoreapp2.0) (< netstandard1.1)) (&& (== netcoreapp2.0) (< netstandard1.3)) (&& (== netcoreapp2.0) (< netstandard2.0)) (== netstandard1.6)
      Microsoft.NETCore.Platforms (>= 1.1)
      Microsoft.NETCore.Targets (>= 1.1)
      System.Runtime (>= 4.3)
      System.Runtime.Handles (>= 4.3)
    System.Net.Requests (4.3) - restriction: || (&& (== netcoreapp2.0) (< netstandard2.0)) (== netstandard1.6)
      Microsoft.NETCore.Platforms (>= 1.1)
      System.Collections (>= 4.3)
      System.Diagnostics.Debug (>= 4.3)
      System.Diagnostics.Tracing (>= 4.3)
      System.Globalization (>= 4.3)
      System.IO (>= 4.3)
      System.Net.Http (>= 4.3)
      System.Net.Primitives (>= 4.3)
      System.Net.WebHeaderCollection (>= 4.3)
      System.Resources.ResourceManager (>= 4.3)
      System.Runtime (>= 4.3)
      System.Threading (>= 4.3)
      System.Threading.Tasks (>= 4.3)
    System.Net.WebHeaderCollection (4.3) - restriction: || (&& (== netcoreapp2.0) (>= dnxcore50)) (&& (== netcoreapp2.0) (< netstandard2.0)) (== netstandard1.6)
      System.Collections (>= 4.3)
      System.Resources.ResourceManager (>= 4.3)
      System.Runtime (>= 4.3)
      System.Runtime.Extensions (>= 4.3)
    System.ObjectModel (4.3) - restriction: || (&& (== netcoreapp2.0) (< netstandard2.0)) (== netstandard1.6)
      System.Collections (>= 4.3)
      System.Diagnostics.Debug (>= 4.3)
      System.Resources.ResourceManager (>= 4.3)
      System.Runtime (>= 4.3)
      System.Threading (>= 4.3)
    System.Reflection (4.3)
      Microsoft.NETCore.Platforms (>= 1.1)
      Microsoft.NETCore.Targets (>= 1.1)
      System.IO (>= 4.3)
      System.Reflection.Primitives (>= 4.3)
      System.Runtime (>= 4.3)
    System.Reflection.Emit (4.3) - restriction: || (&& (== netcoreapp2.0) (< netstandard2.0)) (== netstandard1.6)
      System.IO (>= 4.3)
      System.Reflection (>= 4.3)
      System.Reflection.Emit.ILGeneration (>= 4.3)
      System.Reflection.Primitives (>= 4.3)
      System.Runtime (>= 4.3)
    System.Reflection.Emit.ILGeneration (4.3) - restriction: || (&& (== netcoreapp2.0) (>= dnxcore50)) (&& (== netcoreapp2.0) (< netstandard2.0)) (== netstandard1.6)
      System.Reflection (>= 4.3)
      System.Reflection.Primitives (>= 4.3)
      System.Runtime (>= 4.3)
    System.Reflection.Emit.Lightweight (4.3) - restriction: || (&& (== netcoreapp2.0) (>= dnxcore50)) (&& (== netcoreapp2.0) (< netstandard2.0)) (== netstandard1.6)
      System.Reflection (>= 4.3)
      System.Reflection.Emit.ILGeneration (>= 4.3)
      System.Reflection.Primitives (>= 4.3)
      System.Runtime (>= 4.3)
    System.Reflection.Extensions (4.3) - restriction: || (&& (== netcoreapp2.0) (>= dnxcore50)) (&& (== netcoreapp2.0) (< netstandard2.0)) (== netstandard1.6)
      Microsoft.NETCore.Platforms (>= 1.1)
      Microsoft.NETCore.Targets (>= 1.1)
      System.Reflection (>= 4.3)
      System.Runtime (>= 4.3)
    System.Reflection.Primitives (4.3) - restriction: || (&& (== netcoreapp2.0) (>= dnxcore50)) (&& (== netcoreapp2.0) (< netstandard2.0)) (== netstandard1.6)
      Microsoft.NETCore.Platforms (>= 1.1)
      Microsoft.NETCore.Targets (>= 1.1)
      System.Runtime (>= 4.3)
    System.Reflection.TypeExtensions (4.3) - restriction: || (&& (== netcoreapp2.0) (>= dnxcore50)) (&& (== netcoreapp2.0) (< netstandard2.0)) (== netstandard1.6)
      System.Reflection (>= 4.3)
      System.Runtime (>= 4.3)
    System.Resources.ResourceManager (4.3)
      Microsoft.NETCore.Platforms (>= 1.1)
      Microsoft.NETCore.Targets (>= 1.1)
      System.Globalization (>= 4.3)
      System.Reflection (>= 4.3)
      System.Runtime (>= 4.3)
    System.Runtime (4.3)
      Microsoft.NETCore.Platforms (>= 1.1)
      Microsoft.NETCore.Targets (>= 1.1)
    System.Runtime.Extensions (4.3) - restriction: || (&& (== netcoreapp2.0) (>= dnxcore50)) (&& (== netcoreapp2.0) (< netstandard2.0)) (== netstandard1.6)
      Microsoft.NETCore.Platforms (>= 1.1)
      Microsoft.NETCore.Targets (>= 1.1)
      System.Runtime (>= 4.3)
    System.Runtime.Handles (4.3) - restriction: || (&& (== netcoreapp2.0) (< netstandard2.0)) (== netstandard1.6)
      Microsoft.NETCore.Platforms (>= 1.1)
      Microsoft.NETCore.Targets (>= 1.1)
      System.Runtime (>= 4.3)
    System.Runtime.InteropServices (4.3) - restriction: || (&& (== netcoreapp2.0) (>= dnxcore50)) (&& (== netcoreapp2.0) (< netstandard1.6)) (&& (== netcoreapp2.0) (< netstandard2.0)) (== netstandard1.6)
      Microsoft.NETCore.Platforms (>= 1.1)
      Microsoft.NETCore.Targets (>= 1.1)
      System.Reflection (>= 4.3)
      System.Reflection.Primitives (>= 4.3)
      System.Runtime (>= 4.3)
      System.Runtime.Handles (>= 4.3)
    System.Runtime.Numerics (4.3) - restriction: || (&& (== netcoreapp2.0) (>= dnxcore50)) (&& (== netcoreapp2.0) (< netstandard2.0)) (== netstandard1.6)
      System.Globalization (>= 4.3)
      System.Resources.ResourceManager (>= 4.3)
      System.Runtime (>= 4.3)
      System.Runtime.Extensions (>= 4.3)
    System.Runtime.Serialization.Primitives (4.3)
      System.Resources.ResourceManager (>= 4.3)
      System.Runtime (>= 4.3)
    System.Security.Cryptography.Algorithms (4.3) - restriction: || (&& (== netcoreapp2.0) (>= dnxcore50)) (&& (== netcoreapp2.0) (< netstandard2.0)) (== netstandard1.6)
      Microsoft.NETCore.Platforms (>= 1.1)
      runtime.native.System.Security.Cryptography.Apple (>= 4.3)
      runtime.native.System.Security.Cryptography.OpenSsl (>= 4.3)
      System.Collections (>= 4.3)
      System.IO (>= 4.3)
      System.Resources.ResourceManager (>= 4.3)
      System.Runtime (>= 4.3)
      System.Runtime.Extensions (>= 4.3)
      System.Runtime.Handles (>= 4.3)
      System.Runtime.InteropServices (>= 4.3)
      System.Runtime.Numerics (>= 4.3)
      System.Security.Cryptography.Encoding (>= 4.3)
      System.Security.Cryptography.Primitives (>= 4.3)
      System.Text.Encoding (>= 4.3)
    System.Security.Cryptography.Cng (4.3) - restriction: || (&& (== netcoreapp2.0) (>= dnxcore50)) (&& (== netcoreapp2.0) (< netstandard1.6)) (&& (== netcoreapp2.0) (< netstandard2.0)) (== netstandard1.6)
      Microsoft.NETCore.Platforms (>= 1.1)
      System.IO (>= 4.3)
      System.Resources.ResourceManager (>= 4.3)
      System.Runtime (>= 4.3)
      System.Runtime.Extensions (>= 4.3)
      System.Runtime.Handles (>= 4.3)
      System.Runtime.InteropServices (>= 4.3)
      System.Security.Cryptography.Algorithms (>= 4.3)
      System.Security.Cryptography.Encoding (>= 4.3)
      System.Security.Cryptography.Primitives (>= 4.3)
      System.Text.Encoding (>= 4.3)
    System.Security.Cryptography.Csp (4.3) - restriction: || (&& (== netcoreapp2.0) (>= dnxcore50)) (&& (== netcoreapp2.0) (< netstandard1.6)) (&& (== netcoreapp2.0) (< netstandard2.0)) (== netstandard1.6)
      Microsoft.NETCore.Platforms (>= 1.1)
      System.IO (>= 4.3)
      System.Reflection (>= 4.3)
      System.Resources.ResourceManager (>= 4.3)
      System.Runtime (>= 4.3)
      System.Runtime.Extensions (>= 4.3)
      System.Runtime.Handles (>= 4.3)
      System.Runtime.InteropServices (>= 4.3)
      System.Security.Cryptography.Algorithms (>= 4.3)
      System.Security.Cryptography.Encoding (>= 4.3)
      System.Security.Cryptography.Primitives (>= 4.3)
      System.Text.Encoding (>= 4.3)
      System.Threading (>= 4.3)
    System.Security.Cryptography.Encoding (4.3) - restriction: || (&& (== netcoreapp2.0) (>= dnxcore50)) (&& (== netcoreapp2.0) (< netstandard2.0)) (== netstandard1.6)
      Microsoft.NETCore.Platforms (>= 1.1)
      runtime.native.System.Security.Cryptography.OpenSsl (>= 4.3)
      System.Collections (>= 4.3)
      System.Collections.Concurrent (>= 4.3)
      System.Linq (>= 4.3)
      System.Resources.ResourceManager (>= 4.3)
      System.Runtime (>= 4.3)
      System.Runtime.Extensions (>= 4.3)
      System.Runtime.Handles (>= 4.3)
      System.Runtime.InteropServices (>= 4.3)
      System.Security.Cryptography.Primitives (>= 4.3)
      System.Text.Encoding (>= 4.3)
    System.Security.Cryptography.OpenSsl (4.3) - restriction: || (&& (== netcoreapp2.0) (>= dnxcore50)) (&& (== netcoreapp2.0) (< netstandard2.0)) (== netstandard1.6)
      runtime.native.System.Security.Cryptography.OpenSsl (>= 4.3)
      System.Collections (>= 4.3)
      System.IO (>= 4.3)
      System.Resources.ResourceManager (>= 4.3)
      System.Runtime (>= 4.3)
      System.Runtime.Extensions (>= 4.3)
      System.Runtime.Handles (>= 4.3)
      System.Runtime.InteropServices (>= 4.3)
      System.Runtime.Numerics (>= 4.3)
      System.Security.Cryptography.Algorithms (>= 4.3)
      System.Security.Cryptography.Encoding (>= 4.3)
      System.Security.Cryptography.Primitives (>= 4.3)
      System.Text.Encoding (>= 4.3)
    System.Security.Cryptography.Primitives (4.3) - restriction: || (&& (== netcoreapp2.0) (>= dnxcore50)) (&& (== netcoreapp2.0) (< netstandard2.0)) (== netstandard1.6)
      System.Diagnostics.Debug (>= 4.3)
      System.Globalization (>= 4.3)
      System.IO (>= 4.3)
      System.Resources.ResourceManager (>= 4.3)
      System.Runtime (>= 4.3)
      System.Threading (>= 4.3)
      System.Threading.Tasks (>= 4.3)
    System.Security.Cryptography.X509Certificates (4.3) - restriction: || (&& (== netcoreapp2.0) (>= dnxcore50)) (&& (== netcoreapp2.0) (< netstandard1.6)) (&& (== netcoreapp2.0) (< netstandard2.0)) (== netstandard1.6)
      Microsoft.NETCore.Platforms (>= 1.1)
      runtime.native.System (>= 4.3)
      runtime.native.System.Net.Http (>= 4.3)
      runtime.native.System.Security.Cryptography.OpenSsl (>= 4.3)
      System.Collections (>= 4.3)
      System.Diagnostics.Debug (>= 4.3)
      System.Globalization (>= 4.3)
      System.Globalization.Calendars (>= 4.3)
      System.IO (>= 4.3)
      System.IO.FileSystem (>= 4.3)
      System.IO.FileSystem.Primitives (>= 4.3)
      System.Resources.ResourceManager (>= 4.3)
      System.Runtime (>= 4.3)
      System.Runtime.Extensions (>= 4.3)
      System.Runtime.Handles (>= 4.3)
      System.Runtime.InteropServices (>= 4.3)
      System.Runtime.Numerics (>= 4.3)
      System.Security.Cryptography.Algorithms (>= 4.3)
      System.Security.Cryptography.Cng (>= 4.3)
      System.Security.Cryptography.Csp (>= 4.3)
      System.Security.Cryptography.Encoding (>= 4.3)
      System.Security.Cryptography.OpenSsl (>= 4.3)
      System.Security.Cryptography.Primitives (>= 4.3)
      System.Text.Encoding (>= 4.3)
      System.Threading (>= 4.3)
    System.Text.Encoding (4.3) - restriction: || (&& (== netcoreapp2.0) (>= dnxcore50)) (&& (== netcoreapp2.0) (< netstandard1.3)) (&& (== netcoreapp2.0) (< netstandard1.5)) (&& (== netcoreapp2.0) (< netstandard2.0)) (== netstandard1.6)
      Microsoft.NETCore.Platforms (>= 1.1)
      Microsoft.NETCore.Targets (>= 1.1)
      System.Runtime (>= 4.3)
    System.Text.RegularExpressions (4.3) - restriction: || (&& (== netcoreapp2.0) (< netstandard2.0)) (== netstandard1.6)
      System.Collections (>= 4.3) - restriction: || (&& (== netcoreapp2.0) (>= dnxcore50)) (&& (== netcoreapp2.0) (< netcoreapp1.1)) (== netstandard1.6)
      System.Globalization (>= 4.3) - restriction: || (&& (== netcoreapp2.0) (>= dnxcore50)) (&& (== netcoreapp2.0) (< netcoreapp1.1)) (== netstandard1.6)
      System.Resources.ResourceManager (>= 4.3) - restriction: || (&& (== netcoreapp2.0) (>= dnxcore50)) (&& (== netcoreapp2.0) (< netcoreapp1.1)) (== netstandard1.6)
      System.Runtime (>= 4.3)
      System.Runtime.Extensions (>= 4.3) - restriction: || (&& (== netcoreapp2.0) (>= dnxcore50)) (&& (== netcoreapp2.0) (< netcoreapp1.1)) (== netstandard1.6)
      System.Threading (>= 4.3) - restriction: || (&& (== netcoreapp2.0) (>= dnxcore50)) (&& (== netcoreapp2.0) (< netcoreapp1.1)) (== netstandard1.6)
    System.Threading (4.3) - restriction: || (&& (== netcoreapp2.0) (>= dnxcore50)) (&& (== netcoreapp2.0) (< netstandard2.0)) (== netstandard1.6)
      System.Runtime (>= 4.3)
      System.Threading.Tasks (>= 4.3)
    System.Threading.Tasks (4.3) - restriction: || (&& (== netcoreapp2.0) (>= dnxcore50)) (&& (== netcoreapp2.0) (< netstandard1.3)) (&& (== netcoreapp2.0) (< netstandard1.5)) (&& (== netcoreapp2.0) (< netstandard2.0)) (== netstandard1.6)
      Microsoft.NETCore.Platforms (>= 1.1)
      Microsoft.NETCore.Targets (>= 1.1)
      System.Runtime (>= 4.3)
    System.Threading.Tasks.Parallel (4.3) - restriction: || (&& (== netcoreapp2.0) (< netstandard2.0)) (== netstandard1.6)
      System.Collections.Concurrent (>= 4.3)
      System.Diagnostics.Debug (>= 4.3)
      System.Diagnostics.Tracing (>= 4.3)
      System.Resources.ResourceManager (>= 4.3)
      System.Runtime (>= 4.3)
      System.Runtime.Extensions (>= 4.3)
      System.Threading (>= 4.3)
      System.Threading.Tasks (>= 4.3)
    System.Threading.Thread (4.3) - restriction: || (&& (== netcoreapp2.0) (< netstandard2.0)) (== netstandard1.6)
      System.Runtime (>= 4.3)
    System.Threading.ThreadPool (4.3) - restriction: || (&& (== netcoreapp2.0) (< netstandard2.0)) (== netstandard1.6)
      System.Runtime (>= 4.3)
      System.Runtime.Handles (>= 4.3)
    System.Threading.Timer (4.3) - restriction: || (&& (== netcoreapp2.0) (< netstandard2.0)) (== netstandard1.6)
      Microsoft.NETCore.Platforms (>= 1.1)
      Microsoft.NETCore.Targets (>= 1.1)
      System.Runtime (>= 4.3)

GROUP Build
NUGET
  remote: https://api.nuget.org/v3/index.json
    FAKE (4.58.5)
    Microsoft.NETCore.Platforms (2.1) - restriction: || (&& (>= dnxcore50) (>= net46)) (&& (>= dnxcore50) (>= netstandard1.1)) (&& (>= dnxcore50) (>= netstandard1.2)) (&& (>= dnxcore50) (>= netstandard1.3)) (&& (>= dnxcore50) (>= netstandard1.4)) (&& (>= dnxcore50) (>= netstandard1.5)) (&& (>= dnxcore50) (>= netstandard1.6)) (&& (< monoandroid) (< net45) (< netstandard1.2) (>= netstandard1.3) (< win8)) (&& (< monoandroid) (< net45) (< netstandard1.2) (>= netstandard1.6) (< win8)) (&& (< monoandroid) (< net45) (< netstandard1.3) (>= netstandard1.4) (< win8) (< wpa81)) (&& (< monoandroid) (< net45) (< netstandard1.3) (>= netstandard1.5) (< win8) (< wpa81)) (&& (< monoandroid) (< net45) (< netstandard1.3) (>= netstandard1.6) (< win8) (< wpa81)) (&& (< net45) (>= net46) (< netstandard1.4)) (&& (< net45) (>= net461)) (&& (< net45) (>= netstandard1.1) (< netstandard1.2) (< win8)) (&& (< net45) (>= netstandard1.2) (< netstandard1.3) (< win8) (< wpa81)) (&& (< net45) (>= netstandard1.3) (< netstandard1.4) (< win8) (< wpa81)) (&& (< net45) (>= netstandard1.4) (< netstandard1.5) (< win8) (< wpa81)) (&& (< net45) (< netstandard1.4) (>= netstandard1.6) (< win8) (< wpa81)) (&& (< net45) (>= netstandard1.5) (< netstandard1.6) (< win8) (< wpa81)) (&& (< net45) (< netstandard1.5) (>= netstandard1.6) (< win8) (< wpa81)) (&& (< net45) (>= netstandard1.6) (< netstandard2.0) (< win8) (< wpa81)) (&& (< net45) (>= netstandard2.0) (< win8) (< wpa81)) (>= netcoreapp2.0) (&& (< netstandard1.0) (>= netstandard1.1) (< portable-net45+win8)) (&& (< netstandard1.0) (>= netstandard1.1) (>= win8)) (&& (< netstandard1.0) (>= netstandard1.1) (< win8)) (&& (>= netstandard1.1) (< portable-net45+win8+wpa81)) (&& (>= netstandard1.1) (>= wp8)) (&& (>= netstandard1.3) (< portable-net45+win8+wpa81)) (&& (< netstandard1.3) (< win8) (>= wpa81)) (>= uap10.0)
    Microsoft.NETCore.Targets (2.1) - restriction: || (&& (>= dnxcore50) (>= net46)) (&& (>= dnxcore50) (>= netstandard1.1)) (&& (>= dnxcore50) (>= netstandard1.2)) (&& (>= dnxcore50) (>= netstandard1.3)) (&& (>= dnxcore50) (>= netstandard1.4)) (&& (>= dnxcore50) (>= netstandard1.5)) (&& (>= dnxcore50) (>= netstandard1.6)) (&& (>= dnxcore50) (>= uap10.0)) (&& (< monoandroid) (< monotouch) (< net45) (>= netstandard1.6) (< netstandard2.0) (< win8) (< wpa81) (< xamarinios) (< xamarinmac) (< xamarintvos) (< xamarinwatchos)) (&& (< monoandroid) (< net45) (>= netstandard1.1) (< netstandard1.2) (< win8)) (&& (< monoandroid) (< net45) (>= netstandard1.2) (< netstandard1.3) (< win8) (< wpa81)) (&& (< monoandroid) (< net45) (< netstandard1.2) (>= netstandard1.3) (< win8)) (&& (< monoandroid) (< net45) (< netstandard1.2) (>= netstandard1.6) (< win8)) (&& (< monoandroid) (< net45) (>= netstandard1.3) (< netstandard1.4) (< win8) (< wpa81)) (&& (< monoandroid) (< net45) (< netstandard1.3) (>= netstandard1.4) (< win8) (< wpa81)) (&& (< monoandroid) (< net45) (< netstandard1.3) (>= netstandard1.5) (< win8) (< wpa81)) (&& (< monoandroid) (< net45) (< netstandard1.3) (>= netstandard1.6) (< win8) (< wpa81)) (&& (< monoandroid) (< net45) (>= netstandard1.4) (< netstandard1.5) (< win8) (< wpa81)) (&& (< monoandroid) (< net45) (< netstandard1.4) (>= netstandard1.6) (< win8) (< wpa81)) (&& (< monoandroid) (< net45) (>= netstandard1.5) (< netstandard1.6) (< win8) (< wpa81)) (&& (< monoandroid) (< net45) (< netstandard1.5) (>= netstandard1.6) (< win8) (< wpa81)) (&& (< net45) (>= net46) (< netstandard1.4)) (&& (>= netstandard1.1) (< portable-net45+win8+wpa81)) (&& (>= netstandard1.3) (< portable-net45+win8+wpa81)) (&& (>= uap10.0) (< uap10.1)) (&& (>= uap10.0) (< win8) (< wpa81)) (&& (>= uap10.0) (< win81) (< wpa81))
    Microsoft.Win32.Primitives (4.3) - restriction: || (&& (< monoandroid) (< net45) (< netstandard1.2) (>= netstandard1.3) (< win8)) (&& (< net45) (>= net46) (< netstandard1.4)) (&& (< net45) (>= netstandard1.3) (< netstandard1.4) (< win8) (< wpa81)) (&& (< net45) (>= netstandard1.4) (< netstandard1.5) (< win8) (< wpa81)) (&& (< net45) (>= netstandard1.5) (< netstandard1.6) (< win8) (< wpa81)) (&& (< net45) (>= netstandard1.6) (< netstandard2.0) (< win8) (< wpa81)) (&& (< netstandard1.6) (>= uap10.0) (< win8) (< wpa81)) (&& (>= uap10.0) (< uap10.1))
      Microsoft.NETCore.Platforms (>= 1.1) - restriction: && (< monoandroid) (< monotouch) (< net46) (>= netstandard1.3) (< xamarinios) (< xamarinmac) (< xamarintvos) (< xamarinwatchos)
      Microsoft.NETCore.Targets (>= 1.1) - restriction: && (< monoandroid) (< monotouch) (< net46) (>= netstandard1.3) (< xamarinios) (< xamarinmac) (< xamarintvos) (< xamarinwatchos)
      System.Runtime (>= 4.3) - restriction: && (< monoandroid) (< monotouch) (< net46) (>= netstandard1.3) (< xamarinios) (< xamarinmac) (< xamarintvos) (< xamarinwatchos)
    NETStandard.Library (2.0.3) - restriction: && (< net45) (>= netstandard1.1)
      Microsoft.NETCore.Platforms (>= 1.1) - restriction: || (&& (>= net45) (< netstandard1.3)) (&& (< net45) (>= netstandard1.1) (< netstandard1.2) (< win8)) (&& (< net45) (>= netstandard1.2) (< netstandard1.3) (< win8) (< wpa81)) (&& (< net45) (>= netstandard1.3) (< netstandard1.4) (< win8) (< wpa81)) (&& (< net45) (>= netstandard1.4) (< netstandard1.5) (< win8) (< wpa81)) (&& (< net45) (>= netstandard1.5) (< netstandard1.6) (< win8) (< wpa81)) (&& (< net45) (>= netstandard1.6) (< netstandard2.0) (< win8) (< wpa81)) (&& (< net45) (>= netstandard2.0) (< win8) (< wpa81)) (&& (>= net46) (< netstandard1.4)) (>= net461) (>= netcoreapp2.0) (&& (>= netstandard1.0) (< portable-net45+win8+wpa81)) (&& (< netstandard1.0) (>= portable-net45+win8) (< win8)) (&& (< netstandard1.0) (< portable-net45+win8) (>= portable-net45+win8+wpa81)) (&& (< netstandard1.0) (>= portable-net45+win8+wp8+wpa81) (< portable-net45+win8+wpa81)) (&& (< netstandard1.0) (>= win8)) (&& (< netstandard1.3) (< win8) (>= wpa81)) (>= uap10.0) (>= wp8)
      Microsoft.Win32.Primitives (>= 4.3) - restriction: || (&& (< net45) (>= netstandard1.3) (< netstandard1.4) (< win8) (< wpa81)) (&& (< net45) (>= netstandard1.4) (< netstandard1.5) (< win8) (< wpa81)) (&& (< net45) (>= netstandard1.5) (< netstandard1.6) (< win8) (< wpa81)) (&& (< net45) (>= netstandard1.6) (< netstandard2.0) (< win8) (< wpa81)) (&& (>= net46) (< netstandard1.4)) (&& (>= uap10.0) (< uap10.1))
      System.AppContext (>= 4.3) - restriction: || (&& (< net45) (>= netstandard1.3) (< netstandard1.4) (< win8) (< wpa81)) (&& (< net45) (>= netstandard1.4) (< netstandard1.5) (< win8) (< wpa81)) (&& (< net45) (>= netstandard1.5) (< netstandard1.6) (< win8) (< wpa81)) (&& (< net45) (>= netstandard1.6) (< netstandard2.0) (< win8) (< wpa81)) (&& (>= net46) (< netstandard1.4)) (&& (>= uap10.0) (< uap10.1))
      System.Collections (>= 4.3) - restriction: || (&& (< net45) (>= netstandard1.1) (< netstandard1.2) (< win8)) (&& (< net45) (>= netstandard1.2) (< netstandard1.3) (< win8) (< wpa81)) (&& (< net45) (>= netstandard1.3) (< netstandard1.4) (< win8) (< wpa81)) (&& (< net45) (>= netstandard1.4) (< netstandard1.5) (< win8) (< wpa81)) (&& (< net45) (>= netstandard1.5) (< netstandard1.6) (< win8) (< wpa81)) (&& (< net45) (>= netstandard1.6) (< netstandard2.0) (< win8) (< wpa81)) (&& (>= netstandard1.0) (< portable-net45+win8+wpa81) (< wp8)) (&& (>= uap10.0) (< uap10.1))
      System.Collections.Concurrent (>= 4.3) - restriction: || (&& (< net45) (>= netstandard1.1) (< netstandard1.2) (< win8)) (&& (< net45) (>= netstandard1.2) (< netstandard1.3) (< win8) (< wpa81)) (&& (< net45) (>= netstandard1.3) (< netstandard1.4) (< win8) (< wpa81)) (&& (< net45) (>= netstandard1.4) (< netstandard1.5) (< win8) (< wpa81)) (&& (< net45) (>= netstandard1.5) (< netstandard1.6) (< win8) (< wpa81)) (&& (< net45) (>= netstandard1.6) (< netstandard2.0) (< win8) (< wpa81)) (&& (>= uap10.0) (< uap10.1))
      System.Console (>= 4.3) - restriction: || (&& (< net45) (>= netstandard1.3) (< netstandard1.4) (< win8) (< wpa81)) (&& (< net45) (>= netstandard1.4) (< netstandard1.5) (< win8) (< wpa81)) (&& (< net45) (>= netstandard1.5) (< netstandard1.6) (< win8) (< wpa81)) (&& (< net45) (>= netstandard1.6) (< netstandard2.0) (< win8) (< wpa81)) (&& (>= net46) (< netstandard1.4)) (&& (>= uap10.0) (< uap10.1))
      System.Diagnostics.Debug (>= 4.3) - restriction: || (&& (< net45) (>= netstandard1.1) (< netstandard1.2) (< win8)) (&& (< net45) (>= netstandard1.2) (< netstandard1.3) (< win8) (< wpa81)) (&& (< net45) (>= netstandard1.3) (< netstandard1.4) (< win8) (< wpa81)) (&& (< net45) (>= netstandard1.4) (< netstandard1.5) (< win8) (< wpa81)) (&& (< net45) (>= netstandard1.5) (< netstandard1.6) (< win8) (< wpa81)) (&& (< net45) (>= netstandard1.6) (< netstandard2.0) (< win8) (< wpa81)) (&& (>= netstandard1.0) (< portable-net45+win8+wpa81) (< wp8)) (&& (>= uap10.0) (< uap10.1))
      System.Diagnostics.Tools (>= 4.3) - restriction: || (&& (< net45) (>= netstandard1.1) (< netstandard1.2) (< win8)) (&& (< net45) (>= netstandard1.2) (< netstandard1.3) (< win8) (< wpa81)) (&& (< net45) (>= netstandard1.3) (< netstandard1.4) (< win8) (< wpa81)) (&& (< net45) (>= netstandard1.4) (< netstandard1.5) (< win8) (< wpa81)) (&& (< net45) (>= netstandard1.5) (< netstandard1.6) (< win8) (< wpa81)) (&& (< net45) (>= netstandard1.6) (< netstandard2.0) (< win8) (< wpa81)) (&& (>= netstandard1.0) (< portable-net45+win8+wpa81) (< wp8)) (&& (>= uap10.0) (< uap10.1))
      System.Diagnostics.Tracing (>= 4.3) - restriction: || (&& (< net45) (>= netstandard1.1) (< netstandard1.2) (< win8)) (&& (< net45) (>= netstandard1.2) (< netstandard1.3) (< win8) (< wpa81)) (&& (< net45) (>= netstandard1.3) (< netstandard1.4) (< win8) (< wpa81)) (&& (< net45) (>= netstandard1.4) (< netstandard1.5) (< win8) (< wpa81)) (&& (< net45) (>= netstandard1.5) (< netstandard1.6) (< win8) (< wpa81)) (&& (< net45) (>= netstandard1.6) (< netstandard2.0) (< win8) (< wpa81)) (&& (>= uap10.0) (< uap10.1))
      System.Globalization (>= 4.3) - restriction: || (&& (< net45) (>= netstandard1.1) (< netstandard1.2) (< win8)) (&& (< net45) (>= netstandard1.2) (< netstandard1.3) (< win8) (< wpa81)) (&& (< net45) (>= netstandard1.3) (< netstandard1.4) (< win8) (< wpa81)) (&& (< net45) (>= netstandard1.4) (< netstandard1.5) (< win8) (< wpa81)) (&& (< net45) (>= netstandard1.5) (< netstandard1.6) (< win8) (< wpa81)) (&& (< net45) (>= netstandard1.6) (< netstandard2.0) (< win8) (< wpa81)) (&& (>= netstandard1.0) (< portable-net45+win8+wpa81) (< wp8)) (&& (>= uap10.0) (< uap10.1))
      System.Globalization.Calendars (>= 4.3) - restriction: || (&& (< net45) (>= netstandard1.3) (< netstandard1.4) (< win8) (< wpa81)) (&& (< net45) (>= netstandard1.4) (< netstandard1.5) (< win8) (< wpa81)) (&& (< net45) (>= netstandard1.5) (< netstandard1.6) (< win8) (< wpa81)) (&& (< net45) (>= netstandard1.6) (< netstandard2.0) (< win8) (< wpa81)) (&& (>= net46) (< netstandard1.4)) (&& (>= uap10.0) (< uap10.1))
      System.IO (>= 4.3) - restriction: || (&& (< net45) (>= netstandard1.1) (< netstandard1.2) (< win8)) (&& (< net45) (>= netstandard1.2) (< netstandard1.3) (< win8) (< wpa81)) (&& (< net45) (>= netstandard1.3) (< netstandard1.4) (< win8) (< wpa81)) (&& (< net45) (>= netstandard1.4) (< netstandard1.5) (< win8) (< wpa81)) (&& (< net45) (>= netstandard1.5) (< netstandard1.6) (< win8) (< wpa81)) (&& (< net45) (>= netstandard1.6) (< netstandard2.0) (< win8) (< wpa81)) (&& (>= netstandard1.0) (< portable-net45+win8+wpa81) (< wp8)) (&& (>= uap10.0) (< uap10.1))
      System.IO.Compression (>= 4.3) - restriction: || (&& (< net45) (>= netstandard1.1) (< netstandard1.2) (< win8)) (&& (< net45) (>= netstandard1.2) (< netstandard1.3) (< win8) (< wpa81)) (&& (< net45) (>= netstandard1.3) (< netstandard1.4) (< win8) (< wpa81)) (&& (< net45) (>= netstandard1.4) (< netstandard1.5) (< win8) (< wpa81)) (&& (< net45) (>= netstandard1.5) (< netstandard1.6) (< win8) (< wpa81)) (&& (< net45) (>= netstandard1.6) (< netstandard2.0) (< win8) (< wpa81)) (&& (>= net46) (< netstandard1.4)) (&& (>= uap10.0) (< uap10.1))
      System.IO.Compression.ZipFile (>= 4.3) - restriction: || (&& (< net45) (>= netstandard1.3) (< netstandard1.4) (< win8) (< wpa81)) (&& (< net45) (>= netstandard1.4) (< netstandard1.5) (< win8) (< wpa81)) (&& (< net45) (>= netstandard1.5) (< netstandard1.6) (< win8) (< wpa81)) (&& (< net45) (>= netstandard1.6) (< netstandard2.0) (< win8) (< wpa81)) (&& (>= net46) (< netstandard1.4)) (&& (>= uap10.0) (< uap10.1))
      System.IO.FileSystem (>= 4.3) - restriction: || (&& (< net45) (>= netstandard1.3) (< netstandard1.4) (< win8) (< wpa81)) (&& (< net45) (>= netstandard1.4) (< netstandard1.5) (< win8) (< wpa81)) (&& (< net45) (>= netstandard1.5) (< netstandard1.6) (< win8) (< wpa81)) (&& (< net45) (>= netstandard1.6) (< netstandard2.0) (< win8) (< wpa81)) (&& (>= net46) (< netstandard1.4)) (&& (>= uap10.0) (< uap10.1))
      System.IO.FileSystem.Primitives (>= 4.3) - restriction: || (&& (< net45) (>= netstandard1.3) (< netstandard1.4) (< win8) (< wpa81)) (&& (< net45) (>= netstandard1.4) (< netstandard1.5) (< win8) (< wpa81)) (&& (< net45) (>= netstandard1.5) (< netstandard1.6) (< win8) (< wpa81)) (&& (< net45) (>= netstandard1.6) (< netstandard2.0) (< win8) (< wpa81)) (&& (>= net46) (< netstandard1.4)) (&& (>= uap10.0) (< uap10.1))
      System.Linq (>= 4.3) - restriction: || (&& (< net45) (>= netstandard1.1) (< netstandard1.2) (< win8)) (&& (< net45) (>= netstandard1.2) (< netstandard1.3) (< win8) (< wpa81)) (&& (< net45) (>= netstandard1.3) (< netstandard1.4) (< win8) (< wpa81)) (&& (< net45) (>= netstandard1.4) (< netstandard1.5) (< win8) (< wpa81)) (&& (< net45) (>= netstandard1.5) (< netstandard1.6) (< win8) (< wpa81)) (&& (< net45) (>= netstandard1.6) (< netstandard2.0) (< win8) (< wpa81)) (&& (>= netstandard1.0) (< portable-net45+win8+wpa81) (< wp8)) (&& (>= uap10.0) (< uap10.1))
      System.Linq.Expressions (>= 4.3) - restriction: || (&& (< net45) (>= netstandard1.1) (< netstandard1.2) (< win8)) (&& (< net45) (>= netstandard1.2) (< netstandard1.3) (< win8) (< wpa81)) (&& (< net45) (>= netstandard1.3) (< netstandard1.4) (< win8) (< wpa81)) (&& (< net45) (>= netstandard1.4) (< netstandard1.5) (< win8) (< wpa81)) (&& (< net45) (>= netstandard1.5) (< netstandard1.6) (< win8) (< wpa81)) (&& (< net45) (>= netstandard1.6) (< netstandard2.0) (< win8) (< wpa81)) (&& (>= netstandard1.0) (< portable-net45+win8+wpa81) (< wp8)) (&& (>= uap10.0) (< uap10.1))
      System.Net.Http (>= 4.3.2) - restriction: || (&& (< net45) (>= netstandard1.1) (< netstandard1.2) (< win8)) (&& (< net45) (>= netstandard1.2) (< netstandard1.3) (< win8) (< wpa81)) (&& (< net45) (>= netstandard1.3) (< netstandard1.4) (< win8) (< wpa81)) (&& (< net45) (>= netstandard1.4) (< netstandard1.5) (< win8) (< wpa81)) (&& (< net45) (>= netstandard1.5) (< netstandard1.6) (< win8) (< wpa81)) (&& (< net45) (>= netstandard1.6) (< netstandard2.0) (< win8) (< wpa81)) (&& (>= net46) (< netstandard1.4)) (&& (>= uap10.0) (< uap10.1))
      System.Net.Primitives (>= 4.3) - restriction: || (&& (< net45) (>= netstandard1.1) (< netstandard1.2) (< win8)) (&& (< net45) (>= netstandard1.2) (< netstandard1.3) (< win8) (< wpa81)) (&& (< net45) (>= netstandard1.3) (< netstandard1.4) (< win8) (< wpa81)) (&& (< net45) (>= netstandard1.4) (< netstandard1.5) (< win8) (< wpa81)) (&& (< net45) (>= netstandard1.5) (< netstandard1.6) (< win8) (< wpa81)) (&& (< net45) (>= netstandard1.6) (< netstandard2.0) (< win8) (< wpa81)) (&& (>= netstandard1.0) (< portable-net45+win8+wpa81) (< wp8)) (&& (>= uap10.0) (< uap10.1))
      System.Net.Sockets (>= 4.3) - restriction: || (&& (< net45) (>= netstandard1.3) (< netstandard1.4) (< win8) (< wpa81)) (&& (< net45) (>= netstandard1.4) (< netstandard1.5) (< win8) (< wpa81)) (&& (< net45) (>= netstandard1.5) (< netstandard1.6) (< win8) (< wpa81)) (&& (< net45) (>= netstandard1.6) (< netstandard2.0) (< win8) (< wpa81)) (&& (>= net46) (< netstandard1.4)) (&& (>= uap10.0) (< uap10.1))
      System.ObjectModel (>= 4.3) - restriction: || (&& (< net45) (>= netstandard1.1) (< netstandard1.2) (< win8)) (&& (< net45) (>= netstandard1.2) (< netstandard1.3) (< win8) (< wpa81)) (&& (< net45) (>= netstandard1.3) (< netstandard1.4) (< win8) (< wpa81)) (&& (< net45) (>= netstandard1.4) (< netstandard1.5) (< win8) (< wpa81)) (&& (< net45) (>= netstandard1.5) (< netstandard1.6) (< win8) (< wpa81)) (&& (< net45) (>= netstandard1.6) (< netstandard2.0) (< win8) (< wpa81)) (&& (>= netstandard1.0) (< portable-net45+win8+wpa81) (< wp8)) (&& (>= uap10.0) (< uap10.1))
      System.Reflection (>= 4.3) - restriction: || (&& (< net45) (>= netstandard1.1) (< netstandard1.2) (< win8)) (&& (< net45) (>= netstandard1.2) (< netstandard1.3) (< win8) (< wpa81)) (&& (< net45) (>= netstandard1.3) (< netstandard1.4) (< win8) (< wpa81)) (&& (< net45) (>= netstandard1.4) (< netstandard1.5) (< win8) (< wpa81)) (&& (< net45) (>= netstandard1.5) (< netstandard1.6) (< win8) (< wpa81)) (&& (< net45) (>= netstandard1.6) (< netstandard2.0) (< win8) (< wpa81)) (&& (>= netstandard1.0) (< portable-net45+win8+wpa81) (< wp8)) (&& (>= uap10.0) (< uap10.1))
      System.Reflection.Extensions (>= 4.3) - restriction: || (&& (< net45) (>= netstandard1.1) (< netstandard1.2) (< win8)) (&& (< net45) (>= netstandard1.2) (< netstandard1.3) (< win8) (< wpa81)) (&& (< net45) (>= netstandard1.3) (< netstandard1.4) (< win8) (< wpa81)) (&& (< net45) (>= netstandard1.4) (< netstandard1.5) (< win8) (< wpa81)) (&& (< net45) (>= netstandard1.5) (< netstandard1.6) (< win8) (< wpa81)) (&& (< net45) (>= netstandard1.6) (< netstandard2.0) (< win8) (< wpa81)) (&& (>= netstandard1.0) (< portable-net45+win8+wpa81) (< wp8)) (&& (>= uap10.0) (< uap10.1))
      System.Reflection.Primitives (>= 4.3) - restriction: || (&& (< net45) (>= netstandard1.1) (< netstandard1.2) (< win8)) (&& (< net45) (>= netstandard1.2) (< netstandard1.3) (< win8) (< wpa81)) (&& (< net45) (>= netstandard1.3) (< netstandard1.4) (< win8) (< wpa81)) (&& (< net45) (>= netstandard1.4) (< netstandard1.5) (< win8) (< wpa81)) (&& (< net45) (>= netstandard1.5) (< netstandard1.6) (< win8) (< wpa81)) (&& (< net45) (>= netstandard1.6) (< netstandard2.0) (< win8) (< wpa81)) (&& (>= netstandard1.0) (< portable-net45+win8+wpa81) (< wp8)) (&& (>= uap10.0) (< uap10.1))
      System.Resources.ResourceManager (>= 4.3) - restriction: || (&& (< net45) (>= netstandard1.1) (< netstandard1.2) (< win8)) (&& (< net45) (>= netstandard1.2) (< netstandard1.3) (< win8) (< wpa81)) (&& (< net45) (>= netstandard1.3) (< netstandard1.4) (< win8) (< wpa81)) (&& (< net45) (>= netstandard1.4) (< netstandard1.5) (< win8) (< wpa81)) (&& (< net45) (>= netstandard1.5) (< netstandard1.6) (< win8) (< wpa81)) (&& (< net45) (>= netstandard1.6) (< netstandard2.0) (< win8) (< wpa81)) (&& (>= netstandard1.0) (< portable-net45+win8+wpa81) (< wp8)) (&& (>= uap10.0) (< uap10.1))
      System.Runtime (>= 4.3) - restriction: || (&& (< net45) (>= netstandard1.1) (< netstandard1.2) (< win8)) (&& (< net45) (>= netstandard1.2) (< netstandard1.3) (< win8) (< wpa81)) (&& (< net45) (>= netstandard1.3) (< netstandard1.4) (< win8) (< wpa81)) (&& (< net45) (>= netstandard1.4) (< netstandard1.5) (< win8) (< wpa81)) (&& (< net45) (>= netstandard1.5) (< netstandard1.6) (< win8) (< wpa81)) (&& (< net45) (>= netstandard1.6) (< netstandard2.0) (< win8) (< wpa81)) (&& (>= netstandard1.0) (< portable-net45+win8+wpa81) (< wp8)) (&& (>= uap10.0) (< uap10.1))
      System.Runtime.Extensions (>= 4.3) - restriction: || (&& (< net45) (>= netstandard1.1) (< netstandard1.2) (< win8)) (&& (< net45) (>= netstandard1.2) (< netstandard1.3) (< win8) (< wpa81)) (&& (< net45) (>= netstandard1.3) (< netstandard1.4) (< win8) (< wpa81)) (&& (< net45) (>= netstandard1.4) (< netstandard1.5) (< win8) (< wpa81)) (&& (< net45) (>= netstandard1.5) (< netstandard1.6) (< win8) (< wpa81)) (&& (< net45) (>= netstandard1.6) (< netstandard2.0) (< win8) (< wpa81)) (&& (>= netstandard1.0) (< portable-net45+win8+wpa81) (< wp8)) (&& (>= uap10.0) (< uap10.1))
      System.Runtime.Handles (>= 4.3) - restriction: || (&& (< net45) (>= netstandard1.3) (< netstandard1.4) (< win8) (< wpa81)) (&& (< net45) (>= netstandard1.4) (< netstandard1.5) (< win8) (< wpa81)) (&& (< net45) (>= netstandard1.5) (< netstandard1.6) (< win8) (< wpa81)) (&& (< net45) (>= netstandard1.6) (< netstandard2.0) (< win8) (< wpa81)) (&& (>= uap10.0) (< uap10.1))
      System.Runtime.InteropServices (>= 4.3) - restriction: || (&& (< net45) (>= netstandard1.1) (< netstandard1.2) (< win8)) (&& (< net45) (>= netstandard1.2) (< netstandard1.3) (< win8) (< wpa81)) (&& (< net45) (>= netstandard1.3) (< netstandard1.4) (< win8) (< wpa81)) (&& (< net45) (>= netstandard1.4) (< netstandard1.5) (< win8) (< wpa81)) (&& (< net45) (>= netstandard1.5) (< netstandard1.6) (< win8) (< wpa81)) (&& (< net45) (>= netstandard1.6) (< netstandard2.0) (< win8) (< wpa81)) (&& (>= uap10.0) (< uap10.1))
      System.Runtime.InteropServices.RuntimeInformation (>= 4.3) - restriction: || (&& (>= net45) (< netstandard1.3)) (&& (< net45) (>= netstandard1.1) (< netstandard1.2) (< win8)) (&& (< net45) (>= netstandard1.2) (< netstandard1.3) (< win8) (< wpa81)) (&& (< net45) (>= netstandard1.3) (< netstandard1.4) (< win8) (< wpa81)) (&& (< net45) (>= netstandard1.4) (< netstandard1.5) (< win8) (< wpa81)) (&& (< net45) (>= netstandard1.5) (< netstandard1.6) (< win8) (< wpa81)) (&& (< net45) (>= netstandard1.6) (< netstandard2.0) (< win8) (< wpa81)) (&& (>= net46) (< netstandard1.4)) (&& (< netstandard1.0) (>= portable-net45+win8) (< win8)) (&& (< netstandard1.0) (< portable-net45+win8) (>= portable-net45+win8+wpa81)) (&& (< netstandard1.0) (>= win8)) (&& (< netstandard1.3) (< win8) (>= wpa81)) (&& (>= uap10.0) (< uap10.1))
      System.Runtime.Numerics (>= 4.3) - restriction: || (&& (< net45) (>= netstandard1.1) (< netstandard1.2) (< win8)) (&& (< net45) (>= netstandard1.2) (< netstandard1.3) (< win8) (< wpa81)) (&& (< net45) (>= netstandard1.3) (< netstandard1.4) (< win8) (< wpa81)) (&& (< net45) (>= netstandard1.4) (< netstandard1.5) (< win8) (< wpa81)) (&& (< net45) (>= netstandard1.5) (< netstandard1.6) (< win8) (< wpa81)) (&& (< net45) (>= netstandard1.6) (< netstandard2.0) (< win8) (< wpa81)) (&& (>= uap10.0) (< uap10.1))
      System.Security.Cryptography.Algorithms (>= 4.3) - restriction: || (&& (< net45) (>= netstandard1.3) (< netstandard1.4) (< win8) (< wpa81)) (&& (< net45) (>= netstandard1.4) (< netstandard1.5) (< win8) (< wpa81)) (&& (< net45) (>= netstandard1.5) (< netstandard1.6) (< win8) (< wpa81)) (&& (< net45) (>= netstandard1.6) (< netstandard2.0) (< win8) (< wpa81)) (&& (>= net46) (< netstandard1.4)) (&& (>= uap10.0) (< uap10.1))
      System.Security.Cryptography.Encoding (>= 4.3) - restriction: || (&& (< net45) (>= netstandard1.3) (< netstandard1.4) (< win8) (< wpa81)) (&& (< net45) (>= netstandard1.4) (< netstandard1.5) (< win8) (< wpa81)) (&& (< net45) (>= netstandard1.5) (< netstandard1.6) (< win8) (< wpa81)) (&& (< net45) (>= netstandard1.6) (< netstandard2.0) (< win8) (< wpa81)) (&& (>= net46) (< netstandard1.4)) (&& (>= uap10.0) (< uap10.1))
      System.Security.Cryptography.Primitives (>= 4.3) - restriction: || (&& (< net45) (>= netstandard1.3) (< netstandard1.4) (< win8) (< wpa81)) (&& (< net45) (>= netstandard1.4) (< netstandard1.5) (< win8) (< wpa81)) (&& (< net45) (>= netstandard1.5) (< netstandard1.6) (< win8) (< wpa81)) (&& (< net45) (>= netstandard1.6) (< netstandard2.0) (< win8) (< wpa81)) (&& (>= net46) (< netstandard1.4)) (&& (>= uap10.0) (< uap10.1))
      System.Security.Cryptography.X509Certificates (>= 4.3) - restriction: || (&& (< net45) (>= netstandard1.3) (< netstandard1.4) (< win8) (< wpa81)) (&& (< net45) (>= netstandard1.4) (< netstandard1.5) (< win8) (< wpa81)) (&& (< net45) (>= netstandard1.5) (< netstandard1.6) (< win8) (< wpa81)) (&& (< net45) (>= netstandard1.6) (< netstandard2.0) (< win8) (< wpa81)) (&& (>= net46) (< netstandard1.4)) (&& (>= uap10.0) (< uap10.1))
      System.Text.Encoding (>= 4.3) - restriction: || (&& (< net45) (>= netstandard1.1) (< netstandard1.2) (< win8)) (&& (< net45) (>= netstandard1.2) (< netstandard1.3) (< win8) (< wpa81)) (&& (< net45) (>= netstandard1.3) (< netstandard1.4) (< win8) (< wpa81)) (&& (< net45) (>= netstandard1.4) (< netstandard1.5) (< win8) (< wpa81)) (&& (< net45) (>= netstandard1.5) (< netstandard1.6) (< win8) (< wpa81)) (&& (< net45) (>= netstandard1.6) (< netstandard2.0) (< win8) (< wpa81)) (&& (>= netstandard1.0) (< portable-net45+win8+wpa81) (< wp8)) (&& (>= uap10.0) (< uap10.1))
      System.Text.Encoding.Extensions (>= 4.3) - restriction: || (&& (< net45) (>= netstandard1.1) (< netstandard1.2) (< win8)) (&& (< net45) (>= netstandard1.2) (< netstandard1.3) (< win8) (< wpa81)) (&& (< net45) (>= netstandard1.3) (< netstandard1.4) (< win8) (< wpa81)) (&& (< net45) (>= netstandard1.4) (< netstandard1.5) (< win8) (< wpa81)) (&& (< net45) (>= netstandard1.5) (< netstandard1.6) (< win8) (< wpa81)) (&& (< net45) (>= netstandard1.6) (< netstandard2.0) (< win8) (< wpa81)) (&& (>= netstandard1.0) (< portable-net45+win8+wpa81) (< wp8)) (&& (>= uap10.0) (< uap10.1))
      System.Text.RegularExpressions (>= 4.3) - restriction: || (&& (< net45) (>= netstandard1.1) (< netstandard1.2) (< win8)) (&& (< net45) (>= netstandard1.2) (< netstandard1.3) (< win8) (< wpa81)) (&& (< net45) (>= netstandard1.3) (< netstandard1.4) (< win8) (< wpa81)) (&& (< net45) (>= netstandard1.4) (< netstandard1.5) (< win8) (< wpa81)) (&& (< net45) (>= netstandard1.5) (< netstandard1.6) (< win8) (< wpa81)) (&& (< net45) (>= netstandard1.6) (< netstandard2.0) (< win8) (< wpa81)) (&& (>= netstandard1.0) (< portable-net45+win8+wpa81) (< wp8)) (&& (>= uap10.0) (< uap10.1))
      System.Threading (>= 4.3) - restriction: || (&& (< net45) (>= netstandard1.1) (< netstandard1.2) (< win8)) (&& (< net45) (>= netstandard1.2) (< netstandard1.3) (< win8) (< wpa81)) (&& (< net45) (>= netstandard1.3) (< netstandard1.4) (< win8) (< wpa81)) (&& (< net45) (>= netstandard1.4) (< netstandard1.5) (< win8) (< wpa81)) (&& (< net45) (>= netstandard1.5) (< netstandard1.6) (< win8) (< wpa81)) (&& (< net45) (>= netstandard1.6) (< netstandard2.0) (< win8) (< wpa81)) (&& (>= netstandard1.0) (< portable-net45+win8+wpa81) (< wp8)) (&& (>= uap10.0) (< uap10.1))
      System.Threading.Tasks (>= 4.3) - restriction: || (&& (< net45) (>= netstandard1.1) (< netstandard1.2) (< win8)) (&& (< net45) (>= netstandard1.2) (< netstandard1.3) (< win8) (< wpa81)) (&& (< net45) (>= netstandard1.3) (< netstandard1.4) (< win8) (< wpa81)) (&& (< net45) (>= netstandard1.4) (< netstandard1.5) (< win8) (< wpa81)) (&& (< net45) (>= netstandard1.5) (< netstandard1.6) (< win8) (< wpa81)) (&& (< net45) (>= netstandard1.6) (< netstandard2.0) (< win8) (< wpa81)) (&& (>= netstandard1.0) (< portable-net45+win8+wpa81) (< wp8)) (&& (>= uap10.0) (< uap10.1))
      System.Threading.Timer (>= 4.3) - restriction: || (&& (< net45) (>= netstandard1.2) (< netstandard1.3) (< win8) (< wpa81)) (&& (< net45) (>= netstandard1.3) (< netstandard1.4) (< win8) (< wpa81)) (&& (< net45) (>= netstandard1.4) (< netstandard1.5) (< win8) (< wpa81)) (&& (< net45) (>= netstandard1.5) (< netstandard1.6) (< win8) (< wpa81)) (&& (< net45) (>= netstandard1.6) (< netstandard2.0) (< win8) (< wpa81)) (&& (>= uap10.0) (< uap10.1))
      System.Xml.ReaderWriter (>= 4.3) - restriction: || (&& (< net45) (>= netstandard1.1) (< netstandard1.2) (< win8)) (&& (< net45) (>= netstandard1.2) (< netstandard1.3) (< win8) (< wpa81)) (&& (< net45) (>= netstandard1.3) (< netstandard1.4) (< win8) (< wpa81)) (&& (< net45) (>= netstandard1.4) (< netstandard1.5) (< win8) (< wpa81)) (&& (< net45) (>= netstandard1.5) (< netstandard1.6) (< win8) (< wpa81)) (&& (< net45) (>= netstandard1.6) (< netstandard2.0) (< win8) (< wpa81)) (&& (>= net46) (< netstandard1.4)) (&& (>= netstandard1.0) (< portable-net45+win8+wpa81) (< wp8)) (&& (>= uap10.0) (< uap10.1))
      System.Xml.XDocument (>= 4.3) - restriction: || (&& (< net45) (>= netstandard1.1) (< netstandard1.2) (< win8)) (&& (< net45) (>= netstandard1.2) (< netstandard1.3) (< win8) (< wpa81)) (&& (< net45) (>= netstandard1.3) (< netstandard1.4) (< win8) (< wpa81)) (&& (< net45) (>= netstandard1.4) (< netstandard1.5) (< win8) (< wpa81)) (&& (< net45) (>= netstandard1.5) (< netstandard1.6) (< win8) (< wpa81)) (&& (< net45) (>= netstandard1.6) (< netstandard2.0) (< win8) (< wpa81)) (&& (>= netstandard1.0) (< portable-net45+win8+wpa81) (< wp8)) (&& (>= uap10.0) (< uap10.1))
    Nuget.CommandLine (3.5)
    Octokit (0.29)
      NETStandard.Library (>= 1.6) - restriction: && (< net45) (>= netstandard1.1)
    runtime.debian.8-x64.runtime.native.System.Security.Cryptography.OpenSsl (4.3.2) - restriction: || (&& (< monoandroid) (< monotouch) (< net45) (>= netstandard1.6) (< netstandard2.0) (< win8) (< wpa81) (< xamarinios) (< xamarinmac) (< xamarintvos) (< xamarinwatchos)) (&& (< monoandroid) (< net45) (< netstandard1.2) (>= netstandard1.6) (< win8)) (&& (< monoandroid) (< net45) (< netstandard1.3) (>= netstandard1.6) (< win8) (< wpa81)) (&& (< monoandroid) (< net45) (< netstandard1.4) (>= netstandard1.6) (< win8) (< wpa81)) (&& (< monoandroid) (< net45) (< netstandard1.5) (>= netstandard1.6) (< win8) (< wpa81)) (&& (< net45) (>= net46) (< netstandard1.4) (>= netstandard1.6)) (&& (>= netstandard1.6) (>= uap10.0) (< win8) (< wpa81))
    runtime.fedora.23-x64.runtime.native.System.Security.Cryptography.OpenSsl (4.3.2) - restriction: || (&& (< monoandroid) (< monotouch) (< net45) (>= netstandard1.6) (< netstandard2.0) (< win8) (< wpa81) (< xamarinios) (< xamarinmac) (< xamarintvos) (< xamarinwatchos)) (&& (< monoandroid) (< net45) (< netstandard1.2) (>= netstandard1.6) (< win8)) (&& (< monoandroid) (< net45) (< netstandard1.3) (>= netstandard1.6) (< win8) (< wpa81)) (&& (< monoandroid) (< net45) (< netstandard1.4) (>= netstandard1.6) (< win8) (< wpa81)) (&& (< monoandroid) (< net45) (< netstandard1.5) (>= netstandard1.6) (< win8) (< wpa81)) (&& (< net45) (>= net46) (< netstandard1.4) (>= netstandard1.6)) (&& (>= netstandard1.6) (>= uap10.0) (< win8) (< wpa81))
    runtime.fedora.24-x64.runtime.native.System.Security.Cryptography.OpenSsl (4.3.2) - restriction: || (&& (< monoandroid) (< monotouch) (< net45) (>= netstandard1.6) (< netstandard2.0) (< win8) (< wpa81) (< xamarinios) (< xamarinmac) (< xamarintvos) (< xamarinwatchos)) (&& (< monoandroid) (< net45) (< netstandard1.2) (>= netstandard1.6) (< win8)) (&& (< monoandroid) (< net45) (< netstandard1.3) (>= netstandard1.6) (< win8) (< wpa81)) (&& (< monoandroid) (< net45) (< netstandard1.4) (>= netstandard1.6) (< win8) (< wpa81)) (&& (< monoandroid) (< net45) (< netstandard1.5) (>= netstandard1.6) (< win8) (< wpa81)) (&& (< net45) (>= net46) (< netstandard1.4) (>= netstandard1.6)) (&& (>= netstandard1.6) (>= uap10.0) (< win8) (< wpa81))
    runtime.native.System (4.3) - restriction: || (&& (< monoandroid) (< monotouch) (< net45) (>= netstandard1.6) (< netstandard2.0) (< win8) (< wpa81) (< xamarinios) (< xamarinmac) (< xamarintvos) (< xamarinwatchos)) (&& (< monoandroid) (< net45) (>= netstandard1.1) (< netstandard1.2) (< win8)) (&& (< monoandroid) (< net45) (>= netstandard1.2) (< netstandard1.3) (< win8) (< wpa81)) (&& (< monoandroid) (< net45) (< netstandard1.2) (>= netstandard1.3) (< win8)) (&& (< monoandroid) (< net45) (< netstandard1.2) (>= netstandard1.6) (< win8)) (&& (< monoandroid) (< net45) (>= netstandard1.3) (< netstandard1.4) (< win8) (< wpa81)) (&& (< monoandroid) (< net45) (< netstandard1.3) (>= netstandard1.6) (< win8) (< wpa81)) (&& (< monoandroid) (< net45) (>= netstandard1.4) (< netstandard1.5) (< win8) (< wpa81)) (&& (< monoandroid) (< net45) (< netstandard1.4) (>= netstandard1.6) (< win8) (< wpa81)) (&& (< monoandroid) (< net45) (>= netstandard1.5) (< netstandard1.6) (< win8) (< wpa81)) (&& (< monoandroid) (< net45) (< netstandard1.5) (>= netstandard1.6) (< win8) (< wpa81)) (&& (< monoandroid) (< netstandard1.0) (>= netstandard1.1) (< win8)) (&& (< net45) (>= net46) (< netstandard1.4)) (&& (< netstandard1.0) (>= netstandard1.1) (< portable-net45+win8)) (&& (>= netstandard1.6) (>= uap10.0)) (&& (>= uap10.0) (< win8) (< wpa81))
      Microsoft.NETCore.Platforms (>= 1.1)
      Microsoft.NETCore.Targets (>= 1.1)
    runtime.native.System.IO.Compression (4.3.1) - restriction: || (&& (>= dnxcore50) (>= net46)) (&& (>= dnxcore50) (>= netstandard1.1)) (&& (>= dnxcore50) (>= netstandard1.2)) (&& (>= dnxcore50) (>= netstandard1.3)) (&& (>= dnxcore50) (>= netstandard1.4)) (&& (>= dnxcore50) (>= netstandard1.5)) (&& (>= dnxcore50) (>= netstandard1.6)) (&& (>= dnxcore50) (>= uap10.0)) (&& (< monoandroid) (< monotouch) (< net45) (>= netstandard1.6) (< netstandard2.0) (< win8) (< wpa81) (< xamarinios) (< xamarinmac) (< xamarintvos) (< xamarinwatchos)) (&& (< monoandroid) (< net45) (< netstandard1.2) (>= netstandard1.3) (< win8)) (&& (< monoandroid) (< net45) (>= netstandard1.3) (< netstandard1.4) (< win8) (< wpa81)) (&& (< monoandroid) (< net45) (>= netstandard1.4) (< netstandard1.5) (< win8) (< wpa81)) (&& (< monoandroid) (< net45) (>= netstandard1.5) (< netstandard1.6) (< win8) (< wpa81)) (&& (< net45) (>= net46) (< netstandard1.4)) (&& (>= uap10.0) (< win8) (< wpa81))
      Microsoft.NETCore.Platforms (>= 1.1)
      Microsoft.NETCore.Targets (>= 1.1.1)
    runtime.native.System.Net.Http (4.3) - restriction: || (&& (< monoandroid) (< monotouch) (< net45) (>= netstandard1.6) (< netstandard2.0) (< win8) (< wpa81) (< xamarinios) (< xamarinmac) (< xamarintvos) (< xamarinwatchos)) (&& (< monoandroid) (< net45) (< netstandard1.2) (>= netstandard1.6) (< win8)) (&& (< monoandroid) (< net45) (< netstandard1.3) (>= netstandard1.6) (< win8) (< wpa81)) (&& (< monoandroid) (< net45) (< netstandard1.4) (>= netstandard1.6) (< win8) (< wpa81)) (&& (< monoandroid) (< net45) (< netstandard1.5) (>= netstandard1.6) (< win8) (< wpa81)) (&& (< net45) (>= net46) (< netstandard1.4) (>= netstandard1.6)) (&& (>= netstandard1.6) (>= uap10.0))
      Microsoft.NETCore.Platforms (>= 1.1)
      Microsoft.NETCore.Targets (>= 1.1)
    runtime.native.System.Security.Cryptography.Apple (4.3.1) - restriction: || (&& (< monotouch) (< net45) (>= netstandard1.6) (< netstandard2.0) (< win8) (< wpa81) (< xamarinios) (< xamarinmac) (< xamarintvos) (< xamarinwatchos)) (&& (< net45) (>= net46) (< netstandard1.4) (>= netstandard1.6)) (&& (< net45) (< netstandard1.4) (>= netstandard1.6) (< win8) (< wpa81)) (&& (< net45) (< netstandard1.5) (>= netstandard1.6) (< win8) (< wpa81)) (&& (>= netstandard1.6) (>= uap10.0))
      runtime.osx.10.10-x64.runtime.native.System.Security.Cryptography.Apple (>= 4.3.1)
    runtime.native.System.Security.Cryptography.OpenSsl (4.3.2) - restriction: || (&& (< monoandroid) (< net45) (< netstandard1.2) (>= netstandard1.6) (< win8)) (&& (< monoandroid) (< net45) (>= netstandard1.3) (< netstandard1.4) (< win8) (< wpa81)) (&& (< monoandroid) (< net45) (< netstandard1.3) (>= netstandard1.6) (< win8) (< wpa81)) (&& (< monoandroid) (< net45) (>= netstandard1.4) (< netstandard1.5) (< win8) (< wpa81)) (&& (< monoandroid) (< net45) (>= netstandard1.5) (< netstandard1.6) (< win8) (< wpa81)) (&& (< monotouch) (< net45) (>= netstandard1.6) (< netstandard2.0) (< win8) (< wpa81) (< xamarinios) (< xamarinmac) (< xamarintvos) (< xamarinwatchos)) (&& (< net45) (>= net46) (< netstandard1.4)) (&& (< net45) (< netstandard1.4) (>= netstandard1.6) (< win8) (< wpa81)) (&& (< net45) (< netstandard1.5) (>= netstandard1.6) (< win8) (< wpa81)) (&& (>= netstandard1.6) (>= uap10.0)) (&& (>= uap10.0) (< uap10.1))
      runtime.debian.8-x64.runtime.native.System.Security.Cryptography.OpenSsl (>= 4.3.2)
      runtime.fedora.23-x64.runtime.native.System.Security.Cryptography.OpenSsl (>= 4.3.2)
      runtime.fedora.24-x64.runtime.native.System.Security.Cryptography.OpenSsl (>= 4.3.2)
      runtime.opensuse.13.2-x64.runtime.native.System.Security.Cryptography.OpenSsl (>= 4.3.2)
      runtime.opensuse.42.1-x64.runtime.native.System.Security.Cryptography.OpenSsl (>= 4.3.2)
      runtime.osx.10.10-x64.runtime.native.System.Security.Cryptography.OpenSsl (>= 4.3.2)
      runtime.rhel.7-x64.runtime.native.System.Security.Cryptography.OpenSsl (>= 4.3.2)
      runtime.ubuntu.14.04-x64.runtime.native.System.Security.Cryptography.OpenSsl (>= 4.3.2)
      runtime.ubuntu.16.04-x64.runtime.native.System.Security.Cryptography.OpenSsl (>= 4.3.2)
      runtime.ubuntu.16.10-x64.runtime.native.System.Security.Cryptography.OpenSsl (>= 4.3.2)
    runtime.opensuse.13.2-x64.runtime.native.System.Security.Cryptography.OpenSsl (4.3.2) - restriction: || (&& (< monoandroid) (< monotouch) (< net45) (>= netstandard1.6) (< netstandard2.0) (< win8) (< wpa81) (< xamarinios) (< xamarinmac) (< xamarintvos) (< xamarinwatchos)) (&& (< monoandroid) (< net45) (< netstandard1.2) (>= netstandard1.6) (< win8)) (&& (< monoandroid) (< net45) (< netstandard1.3) (>= netstandard1.6) (< win8) (< wpa81)) (&& (< monoandroid) (< net45) (< netstandard1.4) (>= netstandard1.6) (< win8) (< wpa81)) (&& (< monoandroid) (< net45) (< netstandard1.5) (>= netstandard1.6) (< win8) (< wpa81)) (&& (< net45) (>= net46) (< netstandard1.4) (>= netstandard1.6)) (&& (>= netstandard1.6) (>= uap10.0) (< win8) (< wpa81))
    runtime.opensuse.42.1-x64.runtime.native.System.Security.Cryptography.OpenSsl (4.3.2) - restriction: || (&& (< monoandroid) (< monotouch) (< net45) (>= netstandard1.6) (< netstandard2.0) (< win8) (< wpa81) (< xamarinios) (< xamarinmac) (< xamarintvos) (< xamarinwatchos)) (&& (< monoandroid) (< net45) (< netstandard1.2) (>= netstandard1.6) (< win8)) (&& (< monoandroid) (< net45) (< netstandard1.3) (>= netstandard1.6) (< win8) (< wpa81)) (&& (< monoandroid) (< net45) (< netstandard1.4) (>= netstandard1.6) (< win8) (< wpa81)) (&& (< monoandroid) (< net45) (< netstandard1.5) (>= netstandard1.6) (< win8) (< wpa81)) (&& (< net45) (>= net46) (< netstandard1.4) (>= netstandard1.6)) (&& (>= netstandard1.6) (>= uap10.0) (< win8) (< wpa81))
    runtime.osx.10.10-x64.runtime.native.System.Security.Cryptography.Apple (4.3.1) - restriction: || (&& (< monotouch) (< net45) (>= netstandard1.6) (< netstandard2.0) (< win8) (< wpa81) (< xamarinios) (< xamarinmac) (< xamarintvos) (< xamarinwatchos)) (&& (< net45) (>= net46) (< netstandard1.4) (>= netstandard1.6)) (&& (< net45) (< netstandard1.4) (>= netstandard1.6) (< win8) (< wpa81)) (&& (< net45) (< netstandard1.5) (>= netstandard1.6) (< win8) (< wpa81)) (&& (>= netstandard1.6) (>= uap10.0))
    runtime.osx.10.10-x64.runtime.native.System.Security.Cryptography.OpenSsl (4.3.2) - restriction: || (&& (< monoandroid) (< monotouch) (< net45) (>= netstandard1.6) (< netstandard2.0) (< win8) (< wpa81) (< xamarinios) (< xamarinmac) (< xamarintvos) (< xamarinwatchos)) (&& (< monoandroid) (< net45) (< netstandard1.2) (>= netstandard1.6) (< win8)) (&& (< monoandroid) (< net45) (< netstandard1.3) (>= netstandard1.6) (< win8) (< wpa81)) (&& (< monoandroid) (< net45) (< netstandard1.4) (>= netstandard1.6) (< win8) (< wpa81)) (&& (< monoandroid) (< net45) (< netstandard1.5) (>= netstandard1.6) (< win8) (< wpa81)) (&& (< net45) (>= net46) (< netstandard1.4) (>= netstandard1.6)) (&& (>= netstandard1.6) (>= uap10.0) (< win8) (< wpa81))
    runtime.rhel.7-x64.runtime.native.System.Security.Cryptography.OpenSsl (4.3.2) - restriction: || (&& (< monoandroid) (< monotouch) (< net45) (>= netstandard1.6) (< netstandard2.0) (< win8) (< wpa81) (< xamarinios) (< xamarinmac) (< xamarintvos) (< xamarinwatchos)) (&& (< monoandroid) (< net45) (< netstandard1.2) (>= netstandard1.6) (< win8)) (&& (< monoandroid) (< net45) (< netstandard1.3) (>= netstandard1.6) (< win8) (< wpa81)) (&& (< monoandroid) (< net45) (< netstandard1.4) (>= netstandard1.6) (< win8) (< wpa81)) (&& (< monoandroid) (< net45) (< netstandard1.5) (>= netstandard1.6) (< win8) (< wpa81)) (&& (< net45) (>= net46) (< netstandard1.4) (>= netstandard1.6)) (&& (>= netstandard1.6) (>= uap10.0) (< win8) (< wpa81))
    runtime.ubuntu.14.04-x64.runtime.native.System.Security.Cryptography.OpenSsl (4.3.2) - restriction: || (&& (< monoandroid) (< monotouch) (< net45) (>= netstandard1.6) (< netstandard2.0) (< win8) (< wpa81) (< xamarinios) (< xamarinmac) (< xamarintvos) (< xamarinwatchos)) (&& (< monoandroid) (< net45) (< netstandard1.2) (>= netstandard1.6) (< win8)) (&& (< monoandroid) (< net45) (< netstandard1.3) (>= netstandard1.6) (< win8) (< wpa81)) (&& (< monoandroid) (< net45) (< netstandard1.4) (>= netstandard1.6) (< win8) (< wpa81)) (&& (< monoandroid) (< net45) (< netstandard1.5) (>= netstandard1.6) (< win8) (< wpa81)) (&& (< net45) (>= net46) (< netstandard1.4) (>= netstandard1.6)) (&& (>= netstandard1.6) (>= uap10.0) (< win8) (< wpa81))
    runtime.ubuntu.16.04-x64.runtime.native.System.Security.Cryptography.OpenSsl (4.3.2) - restriction: || (&& (< monoandroid) (< monotouch) (< net45) (>= netstandard1.6) (< netstandard2.0) (< win8) (< wpa81) (< xamarinios) (< xamarinmac) (< xamarintvos) (< xamarinwatchos)) (&& (< monoandroid) (< net45) (< netstandard1.2) (>= netstandard1.6) (< win8)) (&& (< monoandroid) (< net45) (< netstandard1.3) (>= netstandard1.6) (< win8) (< wpa81)) (&& (< monoandroid) (< net45) (< netstandard1.4) (>= netstandard1.6) (< win8) (< wpa81)) (&& (< monoandroid) (< net45) (< netstandard1.5) (>= netstandard1.6) (< win8) (< wpa81)) (&& (< net45) (>= net46) (< netstandard1.4) (>= netstandard1.6)) (&& (>= netstandard1.6) (>= uap10.0) (< win8) (< wpa81))
    runtime.ubuntu.16.10-x64.runtime.native.System.Security.Cryptography.OpenSsl (4.3.2) - restriction: || (&& (< monoandroid) (< monotouch) (< net45) (>= netstandard1.6) (< netstandard2.0) (< win8) (< wpa81) (< xamarinios) (< xamarinmac) (< xamarintvos) (< xamarinwatchos)) (&& (< monoandroid) (< net45) (< netstandard1.2) (>= netstandard1.6) (< win8)) (&& (< monoandroid) (< net45) (< netstandard1.3) (>= netstandard1.6) (< win8) (< wpa81)) (&& (< monoandroid) (< net45) (< netstandard1.4) (>= netstandard1.6) (< win8) (< wpa81)) (&& (< monoandroid) (< net45) (< netstandard1.5) (>= netstandard1.6) (< win8) (< wpa81)) (&& (< net45) (>= net46) (< netstandard1.4) (>= netstandard1.6)) (&& (>= netstandard1.6) (>= uap10.0) (< win8) (< wpa81))
    SourceLink.Fake (1.1)
    System.AppContext (4.3) - restriction: || (&& (< net45) (>= net46) (< netstandard1.4)) (&& (< net45) (>= netstandard1.3) (< netstandard1.4) (< win8) (< wpa81)) (&& (< net45) (>= netstandard1.4) (< netstandard1.5) (< win8) (< wpa81)) (&& (< net45) (>= netstandard1.5) (< netstandard1.6) (< win8) (< wpa81)) (&& (< net45) (>= netstandard1.6) (< netstandard2.0) (< win8) (< wpa81)) (&& (>= uap10.0) (< uap10.1))
      System.Runtime (>= 4.3) - restriction: || (>= dnxcore50) (&& (< monoandroid) (< net46) (>= netstandard1.3) (< netstandard1.6)) (&& (< monotouch) (< net46) (>= netstandard1.6) (< xamarinios) (< xamarinmac) (< xamarintvos) (< xamarinwatchos))
    System.Buffers (4.5) - restriction: || (&& (>= dnxcore50) (>= net46)) (&& (>= dnxcore50) (>= netstandard1.1)) (&& (>= dnxcore50) (>= netstandard1.2)) (&& (>= dnxcore50) (>= netstandard1.3)) (&& (>= dnxcore50) (>= netstandard1.4)) (&& (>= dnxcore50) (>= netstandard1.5)) (&& (>= dnxcore50) (>= netstandard1.6)) (&& (>= dnxcore50) (>= uap10.0)) (&& (< monoandroid) (< monotouch) (< net45) (>= netstandard1.6) (< netstandard2.0) (< win8) (< wpa81) (< xamarinios) (< xamarinmac) (< xamarintvos) (< xamarinwatchos)) (&& (< monoandroid) (< net45) (< netstandard1.2) (>= netstandard1.3) (< win8)) (&& (< monoandroid) (< net45) (>= netstandard1.3) (< netstandard1.4) (< win8) (< wpa81)) (&& (< monoandroid) (< net45) (>= netstandard1.4) (< netstandard1.5) (< win8) (< wpa81)) (&& (< monoandroid) (< net45) (>= netstandard1.5) (< netstandard1.6) (< win8) (< wpa81)) (&& (< net45) (>= net46) (< netstandard1.4)) (&& (>= uap10.0) (< uap10.1)) (&& (>= uap10.0) (< win8) (< wpa81))
      System.Diagnostics.Debug (>= 4.3) - restriction: && (< net45) (>= netstandard1.1) (< netstandard2.0) (< win8) (< wpa81)
      System.Diagnostics.Tracing (>= 4.3) - restriction: && (< net45) (>= netstandard1.1) (< netstandard2.0) (< win8) (< wpa81)
      System.Resources.ResourceManager (>= 4.3) - restriction: && (< net45) (>= netstandard1.1) (< netstandard2.0) (< win8) (< wpa81)
      System.Runtime (>= 4.3) - restriction: && (< net45) (>= netstandard1.1) (< netstandard2.0) (< win8) (< wpa81)
      System.Threading (>= 4.3) - restriction: && (< net45) (>= netstandard1.1) (< netstandard2.0) (< win8) (< wpa81)
    System.Collections (4.3) - restriction: || (&& (>= dnxcore50) (>= net46)) (&& (>= dnxcore50) (>= netstandard1.1)) (&& (>= dnxcore50) (>= netstandard1.2)) (&& (>= dnxcore50) (>= netstandard1.3)) (&& (>= dnxcore50) (>= netstandard1.4)) (&& (>= dnxcore50) (>= netstandard1.5)) (&& (>= dnxcore50) (>= netstandard1.6)) (&& (>= dnxcore50) (>= uap10.0)) (&& (< monoandroid) (< net45) (< netstandard1.2) (>= netstandard1.3) (< win8)) (&& (< net45) (>= net46) (< netstandard1.4)) (&& (< net45) (>= netstandard1.1) (< netstandard1.2) (< win8)) (&& (< net45) (>= netstandard1.2) (< netstandard1.3) (< win8) (< wpa81)) (&& (< net45) (< netstandard1.2) (>= netstandard1.6) (< win8)) (&& (< net45) (>= netstandard1.3) (< netstandard1.4) (< win8) (< wpa81)) (&& (< net45) (< netstandard1.3) (>= netstandard1.6) (< win8) (< wpa81)) (&& (< net45) (>= netstandard1.4) (< netstandard1.5) (< win8) (< wpa81)) (&& (< net45) (< netstandard1.4) (>= netstandard1.6) (< win8) (< wpa81)) (&& (< net45) (>= netstandard1.5) (< netstandard1.6) (< win8) (< wpa81)) (&& (< net45) (< netstandard1.5) (>= netstandard1.6) (< win8) (< wpa81)) (&& (< net45) (>= netstandard1.6) (< netstandard2.0) (< win8) (< wpa81)) (&& (>= netstandard1.1) (< portable-net45+win8+wpa81)) (&& (>= netstandard1.6) (< portable-net45+win8+wpa81)) (&& (>= netstandard1.6) (>= uap10.0)) (&& (< netstandard1.6) (>= uap10.0) (< win8) (< wpa81)) (&& (>= uap10.0) (< uap10.1))
      Microsoft.NETCore.Platforms (>= 1.1) - restriction: || (>= dnxcore50) (&& (< monoandroid) (< monotouch) (< net45) (>= netstandard1.3) (< win8) (< wpa81) (< xamarinios) (< xamarinmac) (< xamarintvos) (< xamarinwatchos)) (&& (< monoandroid) (< net45) (>= netstandard1.0) (< netstandard1.3) (< win8) (< wp8) (< wpa81))
      Microsoft.NETCore.Targets (>= 1.1) - restriction: || (>= dnxcore50) (&& (< monoandroid) (< monotouch) (< net45) (>= netstandard1.3) (< win8) (< wpa81) (< xamarinios) (< xamarinmac) (< xamarintvos) (< xamarinwatchos)) (&& (< monoandroid) (< net45) (>= netstandard1.0) (< netstandard1.3) (< win8) (< wp8) (< wpa81))
      System.Runtime (>= 4.3) - restriction: || (>= dnxcore50) (&& (< monoandroid) (< monotouch) (< net45) (>= netstandard1.3) (< win8) (< wpa81) (< xamarinios) (< xamarinmac) (< xamarintvos) (< xamarinwatchos)) (&& (< monoandroid) (< net45) (>= netstandard1.0) (< netstandard1.3) (< win8) (< wp8) (< wpa81))
    System.Collections.Concurrent (4.3) - restriction: || (&& (< net45) (>= net46) (< netstandard1.4)) (&& (< net45) (>= netstandard1.1) (< netstandard1.2) (< win8)) (&& (< net45) (>= netstandard1.2) (< netstandard1.3) (< win8) (< wpa81)) (&& (< net45) (>= netstandard1.3) (< netstandard1.4) (< win8) (< wpa81)) (&& (< net45) (>= netstandard1.4) (< netstandard1.5) (< win8) (< wpa81)) (&& (< net45) (>= netstandard1.5) (< netstandard1.6) (< win8) (< wpa81)) (&& (< net45) (>= netstandard1.6) (< netstandard2.0) (< win8) (< wpa81)) (&& (>= uap10.0) (< uap10.1))
      System.Collections (>= 4.3) - restriction: || (>= dnxcore50) (&& (< monoandroid) (< monotouch) (< net45) (>= netstandard1.3) (< win8) (< wpa81) (< xamarinios) (< xamarinmac) (< xamarintvos) (< xamarinwatchos))
      System.Diagnostics.Debug (>= 4.3) - restriction: || (>= dnxcore50) (&& (< monoandroid) (< monotouch) (< net45) (>= netstandard1.3) (< win8) (< wpa81) (< xamarinios) (< xamarinmac) (< xamarintvos) (< xamarinwatchos))
      System.Diagnostics.Tracing (>= 4.3) - restriction: || (>= dnxcore50) (&& (< monoandroid) (< monotouch) (< net45) (>= netstandard1.3) (< win8) (< wpa81) (< xamarinios) (< xamarinmac) (< xamarintvos) (< xamarinwatchos))
      System.Globalization (>= 4.3) - restriction: || (>= dnxcore50) (&& (< monoandroid) (< monotouch) (< net45) (>= netstandard1.3) (< win8) (< wpa81) (< xamarinios) (< xamarinmac) (< xamarintvos) (< xamarinwatchos))
      System.Reflection (>= 4.3) - restriction: && (< monoandroid) (< monotouch) (< net45) (>= netstandard1.3) (< win8) (< wpa81) (< xamarinios) (< xamarinmac) (< xamarintvos) (< xamarinwatchos)
      System.Resources.ResourceManager (>= 4.3) - restriction: || (>= dnxcore50) (&& (< monoandroid) (< monotouch) (< net45) (>= netstandard1.3) (< win8) (< wpa81) (< xamarinios) (< xamarinmac) (< xamarintvos) (< xamarinwatchos))
      System.Runtime (>= 4.3) - restriction: || (>= dnxcore50) (&& (< monoandroid) (< monotouch) (< net45) (>= netstandard1.3) (< win8) (< wpa81) (< xamarinios) (< xamarinmac) (< xamarintvos) (< xamarinwatchos)) (&& (< monoandroid) (< net45) (>= netstandard1.1) (< netstandard1.3) (< win8) (< wpa81))
      System.Runtime.Extensions (>= 4.3) - restriction: || (>= dnxcore50) (&& (< monoandroid) (< monotouch) (< net45) (>= netstandard1.3) (< win8) (< wpa81) (< xamarinios) (< xamarinmac) (< xamarintvos) (< xamarinwatchos))
      System.Threading (>= 4.3) - restriction: || (>= dnxcore50) (&& (< monoandroid) (< monotouch) (< net45) (>= netstandard1.3) (< win8) (< wpa81) (< xamarinios) (< xamarinmac) (< xamarintvos) (< xamarinwatchos))
      System.Threading.Tasks (>= 4.3) - restriction: || (>= dnxcore50) (&& (< monoandroid) (< monotouch) (< net45) (>= netstandard1.3) (< win8) (< wpa81) (< xamarinios) (< xamarinmac) (< xamarintvos) (< xamarinwatchos)) (&& (< monoandroid) (< net45) (>= netstandard1.1) (< netstandard1.3) (< win8) (< wpa81))
    System.Console (4.3.1) - restriction: || (&& (< net45) (>= net46) (< netstandard1.4)) (&& (< net45) (>= netstandard1.3) (< netstandard1.4) (< win8) (< wpa81)) (&& (< net45) (>= netstandard1.4) (< netstandard1.5) (< win8) (< wpa81)) (&& (< net45) (>= netstandard1.5) (< netstandard1.6) (< win8) (< wpa81)) (&& (< net45) (>= netstandard1.6) (< netstandard2.0) (< win8) (< wpa81)) (&& (>= uap10.0) (< uap10.1))
      Microsoft.NETCore.Platforms (>= 1.1) - restriction: && (< monoandroid) (< monotouch) (< net46) (>= netstandard1.3) (< xamarinios) (< xamarinmac) (< xamarintvos) (< xamarinwatchos)
      Microsoft.NETCore.Targets (>= 1.1.2) - restriction: && (< monoandroid) (< monotouch) (< net46) (>= netstandard1.3) (< xamarinios) (< xamarinmac) (< xamarintvos) (< xamarinwatchos)
      System.IO (>= 4.3) - restriction: && (< monoandroid) (< monotouch) (< net46) (>= netstandard1.3) (< xamarinios) (< xamarinmac) (< xamarintvos) (< xamarinwatchos)
      System.Runtime (>= 4.3) - restriction: && (< monoandroid) (< monotouch) (< net46) (>= netstandard1.3) (< xamarinios) (< xamarinmac) (< xamarintvos) (< xamarinwatchos)
      System.Text.Encoding (>= 4.3) - restriction: && (< monoandroid) (< monotouch) (< net46) (>= netstandard1.3) (< xamarinios) (< xamarinmac) (< xamarintvos) (< xamarinwatchos)
    System.Diagnostics.Debug (4.3) - restriction: || (&& (>= dnxcore50) (>= net46)) (&& (>= dnxcore50) (>= netstandard1.1)) (&& (>= dnxcore50) (>= netstandard1.2)) (&& (>= dnxcore50) (>= netstandard1.3)) (&& (>= dnxcore50) (>= netstandard1.4)) (&& (>= dnxcore50) (>= netstandard1.5)) (&& (>= dnxcore50) (>= netstandard1.6)) (&& (>= dnxcore50) (>= uap10.0)) (&& (< monoandroid) (< net45) (< netstandard1.2) (>= netstandard1.3) (< win8)) (&& (< net45) (>= net46) (< netstandard1.4)) (&& (< net45) (>= netstandard1.1) (< netstandard1.2) (< win8)) (&& (< net45) (>= netstandard1.2) (< netstandard1.3) (< win8) (< wpa81)) (&& (< net45) (< netstandard1.2) (>= netstandard1.6) (< win8)) (&& (< net45) (>= netstandard1.3) (< netstandard1.4) (< win8) (< wpa81)) (&& (< net45) (< netstandard1.3) (>= netstandard1.6) (< win8) (< wpa81)) (&& (< net45) (>= netstandard1.4) (< netstandard1.5) (< win8) (< wpa81)) (&& (< net45) (< netstandard1.4) (>= netstandard1.6) (< win8) (< wpa81)) (&& (< net45) (>= netstandard1.5) (< netstandard1.6) (< win8) (< wpa81)) (&& (< net45) (< netstandard1.5) (>= netstandard1.6) (< win8) (< wpa81)) (&& (< net45) (>= netstandard1.6) (< netstandard2.0) (< win8) (< wpa81)) (&& (>= netstandard1.1) (< portable-net45+win8+wpa81)) (&& (>= netstandard1.6) (< portable-net45+win8+wpa81)) (&& (>= netstandard1.6) (>= uap10.0)) (&& (< netstandard1.6) (>= uap10.0) (< win8) (< wpa81)) (&& (>= uap10.0) (< uap10.1))
      Microsoft.NETCore.Platforms (>= 1.1) - restriction: || (>= dnxcore50) (&& (< monoandroid) (< monotouch) (< net45) (>= netstandard1.3) (< win8) (< wpa81) (< xamarinios) (< xamarinmac) (< xamarintvos) (< xamarinwatchos)) (&& (< monoandroid) (< net45) (>= netstandard1.0) (< netstandard1.3) (< win8) (< wp8) (< wpa81))
      Microsoft.NETCore.Targets (>= 1.1) - restriction: || (>= dnxcore50) (&& (< monoandroid) (< monotouch) (< net45) (>= netstandard1.3) (< win8) (< wpa81) (< xamarinios) (< xamarinmac) (< xamarintvos) (< xamarinwatchos)) (&& (< monoandroid) (< net45) (>= netstandard1.0) (< netstandard1.3) (< win8) (< wp8) (< wpa81))
      System.Runtime (>= 4.3) - restriction: || (>= dnxcore50) (&& (< monoandroid) (< monotouch) (< net45) (>= netstandard1.3) (< win8) (< wpa81) (< xamarinios) (< xamarinmac) (< xamarintvos) (< xamarinwatchos)) (&& (< monoandroid) (< net45) (>= netstandard1.0) (< netstandard1.3) (< win8) (< wp8) (< wpa81))
    System.Diagnostics.DiagnosticSource (4.5) - restriction: || (&& (>= dnxcore50) (>= net46)) (&& (>= dnxcore50) (>= netstandard1.1)) (&& (>= dnxcore50) (>= netstandard1.2)) (&& (>= dnxcore50) (>= netstandard1.3)) (&& (>= dnxcore50) (>= netstandard1.4)) (&& (>= dnxcore50) (>= netstandard1.5)) (&& (>= dnxcore50) (>= netstandard1.6)) (&& (>= dnxcore50) (>= uap10.0)) (&& (< monoandroid) (< monotouch) (< net45) (>= netstandard1.6) (< netstandard2.0) (< win8) (< wpa81) (< xamarinios) (< xamarinmac) (< xamarintvos) (< xamarinwatchos)) (&& (< monoandroid) (< net45) (< netstandard1.2) (>= netstandard1.3) (< win8)) (&& (< monoandroid) (< net45) (< netstandard1.2) (>= netstandard1.6) (< win8)) (&& (< monoandroid) (< net45) (>= netstandard1.3) (< netstandard1.4) (< win8) (< wpa81)) (&& (< monoandroid) (< net45) (< netstandard1.3) (>= netstandard1.6) (< win8) (< wpa81)) (&& (< monoandroid) (< net45) (>= netstandard1.4) (< netstandard1.5) (< win8) (< wpa81)) (&& (< monoandroid) (< net45) (< netstandard1.4) (>= netstandard1.6) (< win8) (< wpa81)) (&& (< monoandroid) (< net45) (>= netstandard1.5) (< netstandard1.6) (< win8) (< wpa81)) (&& (< monoandroid) (< net45) (< netstandard1.5) (>= netstandard1.6) (< win8) (< wpa81)) (&& (< net45) (>= net46) (< netstandard1.4)) (&& (>= netstandard1.6) (>= uap10.0) (< win8) (< wpa81)) (&& (< netstandard1.6) (>= uap10.0) (< win8) (< wpa81))
      System.Collections (>= 4.3) - restriction: || (&& (< net45) (>= netstandard1.1) (< netstandard1.3) (< win8) (< wpa81)) (&& (< net45) (>= netstandard1.3) (< netstandard2.0) (< win8) (< wpa81))
      System.Diagnostics.Debug (>= 4.3) - restriction: && (< net45) (>= netstandard1.3) (< netstandard2.0) (< win8) (< wpa81)
      System.Diagnostics.Tracing (>= 4.3) - restriction: || (&& (< net45) (>= netstandard1.1) (< netstandard1.3) (< win8) (< wpa81)) (&& (< net45) (>= netstandard1.3) (< netstandard2.0) (< win8) (< wpa81))
      System.Reflection (>= 4.3) - restriction: || (&& (< net45) (>= netstandard1.1) (< netstandard1.3) (< win8) (< wpa81)) (&& (< net45) (>= netstandard1.3) (< netstandard2.0) (< win8) (< wpa81))
      System.Runtime (>= 4.3) - restriction: || (&& (< net45) (>= netstandard1.1) (< netstandard1.3) (< win8) (< wpa81)) (&& (< net45) (>= netstandard1.3) (< netstandard2.0) (< win8) (< wpa81))
      System.Runtime.Extensions (>= 4.3) - restriction: && (< net45) (>= netstandard1.3) (< netstandard2.0) (< win8) (< wpa81)
      System.Threading (>= 4.3) - restriction: || (&& (< net45) (>= netstandard1.1) (< netstandard1.3) (< win8) (< wpa81)) (&& (< net45) (>= netstandard1.3) (< netstandard2.0) (< win8) (< wpa81))
    System.Diagnostics.Tools (4.3) - restriction: || (&& (>= dnxcore50) (>= netstandard1.1)) (&& (>= dnxcore50) (>= netstandard1.2)) (&& (>= dnxcore50) (>= netstandard1.3)) (&& (>= dnxcore50) (>= netstandard1.4)) (&& (>= dnxcore50) (>= netstandard1.5)) (&& (>= dnxcore50) (>= netstandard1.6)) (&& (>= dnxcore50) (>= uap10.0)) (&& (< monoandroid) (< net45) (< netstandard1.2) (>= netstandard1.3) (< win8)) (&& (< net45) (>= netstandard1.1) (< netstandard1.2) (< win8)) (&& (< net45) (>= netstandard1.2) (< netstandard1.3) (< win8) (< wpa81)) (&& (< net45) (>= netstandard1.3) (< netstandard1.4) (< win8) (< wpa81)) (&& (< net45) (>= netstandard1.4) (< netstandard1.5) (< win8) (< wpa81)) (&& (< net45) (>= netstandard1.5) (< netstandard1.6) (< win8) (< wpa81)) (&& (< net45) (>= netstandard1.6) (< netstandard2.0) (< win8) (< wpa81)) (&& (>= netstandard1.1) (< portable-net45+win8+wpa81)) (&& (>= netstandard1.3) (< portable-net45+win8+wpa81)) (&& (>= uap10.0) (< uap10.1)) (&& (>= uap10.0) (< win8) (< wpa81))
      Microsoft.NETCore.Platforms (>= 1.1) - restriction: || (>= dnxcore50) (&& (< monoandroid) (< monotouch) (< net45) (>= netstandard1.0) (< win8) (< wp8) (< wpa81) (< xamarinios) (< xamarinmac) (< xamarintvos) (< xamarinwatchos))
      Microsoft.NETCore.Targets (>= 1.1) - restriction: || (>= dnxcore50) (&& (< monoandroid) (< monotouch) (< net45) (>= netstandard1.0) (< win8) (< wp8) (< wpa81) (< xamarinios) (< xamarinmac) (< xamarintvos) (< xamarinwatchos))
      System.Runtime (>= 4.3) - restriction: || (>= dnxcore50) (&& (< monoandroid) (< monotouch) (< net45) (>= netstandard1.0) (< win8) (< wp8) (< wpa81) (< xamarinios) (< xamarinmac) (< xamarintvos) (< xamarinwatchos))
    System.Diagnostics.Tracing (4.3) - restriction: || (&& (>= dnxcore50) (>= net46)) (&& (>= dnxcore50) (>= netstandard1.1)) (&& (>= dnxcore50) (>= netstandard1.2)) (&& (>= dnxcore50) (>= netstandard1.3)) (&& (>= dnxcore50) (>= netstandard1.4)) (&& (>= dnxcore50) (>= netstandard1.5)) (&& (>= dnxcore50) (>= netstandard1.6)) (&& (>= dnxcore50) (>= uap10.0)) (&& (< monoandroid) (< net45) (< netstandard1.2) (>= netstandard1.3) (< win8)) (&& (< monoandroid) (< net45) (< netstandard1.2) (>= netstandard1.6) (< win8)) (&& (< monoandroid) (< net45) (< netstandard1.3) (>= netstandard1.6) (< win8) (< wpa81)) (&& (< monoandroid) (< net45) (< netstandard1.4) (>= netstandard1.6) (< win8) (< wpa81)) (&& (< monoandroid) (< net45) (< netstandard1.5) (>= netstandard1.6) (< win8) (< wpa81)) (&& (< net45) (>= net46) (< netstandard1.4)) (&& (< net45) (>= netstandard1.1) (< netstandard1.2) (< win8)) (&& (< net45) (>= netstandard1.2) (< netstandard1.3) (< win8) (< wpa81)) (&& (< net45) (>= netstandard1.3) (< netstandard1.4) (< win8) (< wpa81)) (&& (< net45) (>= netstandard1.4) (< netstandard1.5) (< win8) (< wpa81)) (&& (< net45) (>= netstandard1.5) (< netstandard1.6) (< win8) (< wpa81)) (&& (< net45) (>= netstandard1.6) (< netstandard2.0) (< win8) (< wpa81)) (&& (>= netstandard1.6) (>= uap10.0) (< win8) (< wpa81)) (&& (< netstandard1.6) (>= uap10.0) (< win8) (< wpa81)) (&& (>= uap10.0) (< uap10.1))
      Microsoft.NETCore.Platforms (>= 1.1) - restriction: || (>= dnxcore50) (&& (< monoandroid) (< monotouch) (< net45) (>= netstandard1.5) (< win8) (< wpa81) (< xamarinios) (< xamarinmac) (< xamarintvos) (< xamarinwatchos)) (&& (< monoandroid) (< net45) (>= netstandard1.1) (< netstandard1.2) (< win8)) (&& (< monoandroid) (< net45) (>= netstandard1.2) (< netstandard1.3) (< win8) (< wpa81)) (&& (< monoandroid) (< net45) (>= netstandard1.3) (< netstandard1.5) (< win8) (< wpa81))
      Microsoft.NETCore.Targets (>= 1.1) - restriction: || (>= dnxcore50) (&& (< monoandroid) (< monotouch) (< net45) (>= netstandard1.5) (< win8) (< wpa81) (< xamarinios) (< xamarinmac) (< xamarintvos) (< xamarinwatchos)) (&& (< monoandroid) (< net45) (>= netstandard1.1) (< netstandard1.2) (< win8)) (&& (< monoandroid) (< net45) (>= netstandard1.2) (< netstandard1.3) (< win8) (< wpa81)) (&& (< monoandroid) (< net45) (>= netstandard1.3) (< netstandard1.5) (< win8) (< wpa81))
      System.Runtime (>= 4.3) - restriction: || (>= dnxcore50) (&& (< monoandroid) (< monotouch) (< net45) (>= netstandard1.5) (< win8) (< wpa81) (< xamarinios) (< xamarinmac) (< xamarintvos) (< xamarinwatchos)) (&& (< monoandroid) (< net45) (>= netstandard1.1) (< netstandard1.2) (< win8)) (&& (< monoandroid) (< net45) (>= netstandard1.2) (< netstandard1.3) (< win8) (< wpa81)) (&& (< monoandroid) (< net45) (>= netstandard1.3) (< netstandard1.5) (< win8) (< wpa81))
    System.Globalization (4.3) - restriction: || (&& (>= dnxcore50) (>= net46)) (&& (>= dnxcore50) (>= netstandard1.1)) (&& (>= dnxcore50) (>= netstandard1.2)) (&& (>= dnxcore50) (>= netstandard1.3)) (&& (>= dnxcore50) (>= netstandard1.4)) (&& (>= dnxcore50) (>= netstandard1.5)) (&& (>= dnxcore50) (>= netstandard1.6)) (&& (>= dnxcore50) (>= uap10.0)) (&& (< monoandroid) (< net45) (< netstandard1.2) (>= netstandard1.3) (< win8)) (&& (< net45) (>= net46) (< netstandard1.4)) (&& (< net45) (>= netstandard1.1) (< netstandard1.2) (< win8)) (&& (< net45) (>= netstandard1.2) (< netstandard1.3) (< win8) (< wpa81)) (&& (< net45) (< netstandard1.2) (>= netstandard1.6) (< win8)) (&& (< net45) (>= netstandard1.3) (< netstandard1.4) (< win8) (< wpa81)) (&& (< net45) (< netstandard1.3) (>= netstandard1.6) (< win8) (< wpa81)) (&& (< net45) (>= netstandard1.4) (< netstandard1.5) (< win8) (< wpa81)) (&& (< net45) (< netstandard1.4) (>= netstandard1.6) (< win8) (< wpa81)) (&& (< net45) (>= netstandard1.5) (< netstandard1.6) (< win8) (< wpa81)) (&& (< net45) (< netstandard1.5) (>= netstandard1.6) (< win8) (< wpa81)) (&& (< net45) (>= netstandard1.6) (< netstandard2.0) (< win8) (< wpa81)) (&& (>= netstandard1.1) (< portable-net45+win8+wpa81)) (&& (>= netstandard1.6) (< portable-net45+win8+wpa81)) (&& (>= netstandard1.6) (>= uap10.0)) (&& (>= uap10.0) (< uap10.1)) (&& (>= uap10.0) (< win8) (< wpa81))
      Microsoft.NETCore.Platforms (>= 1.1) - restriction: || (>= dnxcore50) (&& (< monoandroid) (< monotouch) (< net45) (>= netstandard1.3) (< win8) (< wpa81) (< xamarinios) (< xamarinmac) (< xamarintvos) (< xamarinwatchos)) (&& (< monoandroid) (< net45) (>= netstandard1.0) (< netstandard1.3) (< win8) (< wp8) (< wpa81))
      Microsoft.NETCore.Targets (>= 1.1) - restriction: || (>= dnxcore50) (&& (< monoandroid) (< monotouch) (< net45) (>= netstandard1.3) (< win8) (< wpa81) (< xamarinios) (< xamarinmac) (< xamarintvos) (< xamarinwatchos)) (&& (< monoandroid) (< net45) (>= netstandard1.0) (< netstandard1.3) (< win8) (< wp8) (< wpa81))
      System.Runtime (>= 4.3) - restriction: || (>= dnxcore50) (&& (< monoandroid) (< monotouch) (< net45) (>= netstandard1.3) (< win8) (< wpa81) (< xamarinios) (< xamarinmac) (< xamarintvos) (< xamarinwatchos)) (&& (< monoandroid) (< net45) (>= netstandard1.0) (< netstandard1.3) (< win8) (< wp8) (< wpa81))
    System.Globalization.Calendars (4.3) - restriction: || (&& (>= dnxcore50) (>= net46)) (&& (>= dnxcore50) (>= netstandard1.3)) (&& (>= dnxcore50) (>= netstandard1.4)) (&& (>= dnxcore50) (>= netstandard1.5)) (&& (>= dnxcore50) (>= netstandard1.6)) (&& (>= dnxcore50) (>= uap10.0)) (&& (< monoandroid) (< net45) (< netstandard1.4) (>= netstandard1.6) (< win8) (< wpa81)) (&& (< monoandroid) (< net45) (< netstandard1.5) (>= netstandard1.6) (< win8) (< wpa81)) (&& (< net45) (>= net46) (< netstandard1.4)) (&& (< net45) (>= netstandard1.3) (< netstandard1.4) (< win8) (< wpa81)) (&& (< net45) (>= netstandard1.4) (< netstandard1.5) (< win8) (< wpa81)) (&& (< net45) (>= netstandard1.5) (< netstandard1.6) (< win8) (< wpa81)) (&& (< net45) (>= netstandard1.6) (< netstandard2.0) (< win8) (< wpa81)) (&& (>= netstandard1.6) (>= uap10.0)) (&& (>= uap10.0) (< uap10.1))
      Microsoft.NETCore.Platforms (>= 1.1) - restriction: && (< monoandroid) (< monotouch) (< net46) (>= netstandard1.3) (< xamarinios) (< xamarinmac) (< xamarintvos) (< xamarinwatchos)
      Microsoft.NETCore.Targets (>= 1.1) - restriction: && (< monoandroid) (< monotouch) (< net46) (>= netstandard1.3) (< xamarinios) (< xamarinmac) (< xamarintvos) (< xamarinwatchos)
      System.Globalization (>= 4.3) - restriction: && (< monoandroid) (< monotouch) (< net46) (>= netstandard1.3) (< xamarinios) (< xamarinmac) (< xamarintvos) (< xamarinwatchos)
      System.Runtime (>= 4.3) - restriction: && (< monoandroid) (< monotouch) (< net46) (>= netstandard1.3) (< xamarinios) (< xamarinmac) (< xamarintvos) (< xamarinwatchos)
    System.Globalization.Extensions (4.3) - restriction: || (&& (< monoandroid) (< monotouch) (< net45) (>= netstandard1.6) (< netstandard2.0) (< win8) (< wpa81) (< xamarinios) (< xamarinmac) (< xamarintvos) (< xamarinwatchos)) (&& (< monoandroid) (< net45) (< netstandard1.2) (>= netstandard1.6) (< win8)) (&& (< monoandroid) (< net45) (< netstandard1.3) (>= netstandard1.6) (< win8) (< wpa81)) (&& (< monoandroid) (< net45) (< netstandard1.4) (>= netstandard1.6) (< win8) (< wpa81)) (&& (< monoandroid) (< net45) (< netstandard1.5) (>= netstandard1.6) (< win8) (< wpa81)) (&& (< net45) (>= net46) (< netstandard1.4) (>= netstandard1.6)) (&& (>= netstandard1.6) (>= uap10.0) (< win8) (< wpa81))
      Microsoft.NETCore.Platforms (>= 1.1) - restriction: && (< monoandroid) (< monotouch) (< net46) (>= netstandard1.3) (< xamarinios) (< xamarinmac) (< xamarintvos) (< xamarinwatchos)
      System.Globalization (>= 4.3) - restriction: && (< monoandroid) (< monotouch) (< net46) (>= netstandard1.3) (< xamarinios) (< xamarinmac) (< xamarintvos) (< xamarinwatchos)
      System.Resources.ResourceManager (>= 4.3) - restriction: && (< monoandroid) (< monotouch) (< net46) (>= netstandard1.3) (< xamarinios) (< xamarinmac) (< xamarintvos) (< xamarinwatchos)
      System.Runtime (>= 4.3) - restriction: && (< monoandroid) (< monotouch) (< net46) (>= netstandard1.3) (< xamarinios) (< xamarinmac) (< xamarintvos) (< xamarinwatchos)
      System.Runtime.Extensions (>= 4.3) - restriction: && (< monoandroid) (< monotouch) (< net46) (>= netstandard1.3) (< xamarinios) (< xamarinmac) (< xamarintvos) (< xamarinwatchos)
      System.Runtime.InteropServices (>= 4.3) - restriction: && (< monoandroid) (< monotouch) (< net46) (>= netstandard1.3) (< xamarinios) (< xamarinmac) (< xamarintvos) (< xamarinwatchos)
    System.IO (4.3) - restriction: || (&& (>= dnxcore50) (>= net46)) (&& (>= dnxcore50) (>= netstandard1.1)) (&& (>= dnxcore50) (>= netstandard1.2)) (&& (>= dnxcore50) (>= netstandard1.3)) (&& (>= dnxcore50) (>= netstandard1.4)) (&& (>= dnxcore50) (>= netstandard1.5)) (&& (>= dnxcore50) (>= netstandard1.6)) (&& (>= dnxcore50) (>= uap10.0)) (&& (< monoandroid) (< net45) (< netstandard1.2) (>= netstandard1.3) (< win8)) (&& (< monoandroid) (< net45) (< netstandard1.2) (>= netstandard1.6) (< win8)) (&& (< monoandroid) (< net45) (< netstandard1.3) (>= netstandard1.4) (< win8) (< wpa81)) (&& (< monoandroid) (< net45) (< netstandard1.3) (>= netstandard1.5) (< win8) (< wpa81)) (&& (< monoandroid) (< net45) (< netstandard1.3) (>= netstandard1.6) (< win8) (< wpa81)) (&& (< monoandroid) (< net45) (< netstandard1.4) (>= netstandard1.5) (< win8) (< wpa81)) (&& (< net45) (>= net46) (< netstandard1.3)) (&& (< net45) (>= net46) (< netstandard1.4)) (&& (< net45) (>= net463) (< netstandard1.4)) (&& (< net45) (>= net463) (< netstandard1.5)) (&& (< net45) (>= net463) (>= netstandard1.6) (< netstandard2.0)) (&& (< net45) (>= net463) (< netstandard1.6)) (&& (< net45) (>= netstandard1.1) (< netstandard1.2) (< win8)) (&& (< net45) (>= netstandard1.2) (< netstandard1.3) (< win8) (< wpa81)) (&& (< net45) (>= netstandard1.3) (< netstandard1.4) (< win8) (< wpa81)) (&& (< net45) (>= netstandard1.4) (< netstandard1.5) (< win8) (< wpa81)) (&& (< net45) (< netstandard1.4) (>= netstandard1.6) (< win8) (< wpa81)) (&& (< net45) (>= netstandard1.5) (< netstandard1.6) (< win8) (< wpa81)) (&& (< net45) (< netstandard1.5) (>= netstandard1.6) (< win8) (< wpa81)) (&& (< net45) (>= netstandard1.6) (< netstandard2.0) (< win8) (< wpa81)) (&& (>= net463) (>= uap10.0)) (&& (>= netstandard1.1) (< portable-net45+win8+wpa81)) (&& (< netstandard1.3) (>= uap10.0) (< win8) (< wpa81)) (&& (< netstandard1.4) (>= uap10.0)) (&& (>= netstandard1.6) (< portable-net45+win8+wpa81)) (&& (>= netstandard1.6) (>= uap10.0)) (&& (< netstandard1.6) (>= uap10.0) (< win8) (< wpa81)) (&& (>= uap10.0) (< uap10.1))
      Microsoft.NETCore.Platforms (>= 1.1) - restriction: || (>= dnxcore50) (&& (< monoandroid) (< monotouch) (< net45) (>= netstandard1.5) (< win8) (< wpa81) (< xamarinios) (< xamarinmac) (< xamarintvos) (< xamarinwatchos)) (&& (< monoandroid) (< net45) (>= netstandard1.0) (< netstandard1.3) (< win8) (< wp8) (< wpa81)) (&& (< monoandroid) (< net45) (>= netstandard1.3) (< netstandard1.5) (< win8) (< wpa81))
      Microsoft.NETCore.Targets (>= 1.1) - restriction: || (>= dnxcore50) (&& (< monoandroid) (< monotouch) (< net45) (>= netstandard1.5) (< win8) (< wpa81) (< xamarinios) (< xamarinmac) (< xamarintvos) (< xamarinwatchos)) (&& (< monoandroid) (< net45) (>= netstandard1.0) (< netstandard1.3) (< win8) (< wp8) (< wpa81)) (&& (< monoandroid) (< net45) (>= netstandard1.3) (< netstandard1.5) (< win8) (< wpa81))
      System.Runtime (>= 4.3) - restriction: || (>= dnxcore50) (&& (< monoandroid) (< monotouch) (< net45) (>= netstandard1.5) (< win8) (< wpa81) (< xamarinios) (< xamarinmac) (< xamarintvos) (< xamarinwatchos)) (&& (< monoandroid) (< net45) (>= netstandard1.0) (< netstandard1.3) (< win8) (< wp8) (< wpa81)) (&& (< monoandroid) (< net45) (>= netstandard1.3) (< netstandard1.5) (< win8) (< wpa81))
      System.Text.Encoding (>= 4.3) - restriction: || (>= dnxcore50) (&& (< monoandroid) (< monotouch) (< net45) (>= netstandard1.5) (< win8) (< wpa81) (< xamarinios) (< xamarinmac) (< xamarintvos) (< xamarinwatchos)) (&& (< monoandroid) (< net45) (>= netstandard1.0) (< netstandard1.3) (< win8) (< wp8) (< wpa81)) (&& (< monoandroid) (< net45) (>= netstandard1.3) (< netstandard1.5) (< win8) (< wpa81))
      System.Threading.Tasks (>= 4.3) - restriction: || (>= dnxcore50) (&& (< monoandroid) (< monotouch) (< net45) (>= netstandard1.5) (< win8) (< wpa81) (< xamarinios) (< xamarinmac) (< xamarintvos) (< xamarinwatchos)) (&& (< monoandroid) (< net45) (>= netstandard1.0) (< netstandard1.3) (< win8) (< wp8) (< wpa81)) (&& (< monoandroid) (< net45) (>= netstandard1.3) (< netstandard1.5) (< win8) (< wpa81))
    System.IO.Compression (4.3) - restriction: || (&& (< monoandroid) (< net45) (< netstandard1.2) (>= netstandard1.3) (< win8)) (&& (< net45) (>= net46) (< netstandard1.4)) (&& (< net45) (>= netstandard1.1) (< netstandard1.2) (< win8)) (&& (< net45) (>= netstandard1.2) (< netstandard1.3) (< win8) (< wpa81)) (&& (< net45) (>= netstandard1.3) (< netstandard1.4) (< win8) (< wpa81)) (&& (< net45) (>= netstandard1.4) (< netstandard1.5) (< win8) (< wpa81)) (&& (< net45) (>= netstandard1.5) (< netstandard1.6) (< win8) (< wpa81)) (&& (< net45) (>= netstandard1.6) (< netstandard2.0) (< win8) (< wpa81)) (&& (< netstandard1.6) (>= uap10.0) (< win8) (< wpa81)) (&& (>= uap10.0) (< uap10.1))
      Microsoft.NETCore.Platforms (>= 1.1) - restriction: && (< monoandroid) (< monotouch) (< net45) (>= netstandard1.3) (< win8) (< wpa81) (< xamarinios) (< xamarinmac) (< xamarintvos) (< xamarinwatchos)
      runtime.native.System (>= 4.3) - restriction: && (< monoandroid) (< monotouch) (< net45) (>= netstandard1.3) (< win8) (< wpa81) (< xamarinios) (< xamarinmac) (< xamarintvos) (< xamarinwatchos)
      runtime.native.System.IO.Compression (>= 4.3) - restriction: || (>= dnxcore50) (&& (< monoandroid) (< monotouch) (< net45) (>= netstandard1.3) (< win8) (< wpa81) (< xamarinios) (< xamarinmac) (< xamarintvos) (< xamarinwatchos))
      System.Buffers (>= 4.3) - restriction: || (>= dnxcore50) (&& (< monoandroid) (< monotouch) (< net45) (>= netstandard1.3) (< win8) (< wpa81) (< xamarinios) (< xamarinmac) (< xamarintvos) (< xamarinwatchos))
      System.Collections (>= 4.3) - restriction: || (>= dnxcore50) (&& (< monoandroid) (< monotouch) (< net45) (>= netstandard1.3) (< win8) (< wpa81) (< xamarinios) (< xamarinmac) (< xamarintvos) (< xamarinwatchos))
      System.Diagnostics.Debug (>= 4.3) - restriction: || (>= dnxcore50) (&& (< monoandroid) (< monotouch) (< net45) (>= netstandard1.3) (< win8) (< wpa81) (< xamarinios) (< xamarinmac) (< xamarintvos) (< xamarinwatchos))
      System.IO (>= 4.3) - restriction: || (>= dnxcore50) (&& (< monoandroid) (< monotouch) (< net45) (>= netstandard1.3) (< win8) (< wpa81) (< xamarinios) (< xamarinmac) (< xamarintvos) (< xamarinwatchos)) (&& (< monoandroid) (< net45) (>= netstandard1.1) (< netstandard1.3) (< win8) (< wpa81))
      System.Resources.ResourceManager (>= 4.3) - restriction: || (>= dnxcore50) (&& (< monoandroid) (< monotouch) (< net45) (>= netstandard1.3) (< win8) (< wpa81) (< xamarinios) (< xamarinmac) (< xamarintvos) (< xamarinwatchos))
      System.Runtime (>= 4.3) - restriction: || (>= dnxcore50) (&& (< monoandroid) (< monotouch) (< net45) (>= netstandard1.3) (< win8) (< wpa81) (< xamarinios) (< xamarinmac) (< xamarintvos) (< xamarinwatchos)) (&& (< monoandroid) (< net45) (>= netstandard1.1) (< netstandard1.3) (< win8) (< wpa81))
      System.Runtime.Extensions (>= 4.3) - restriction: || (>= dnxcore50) (&& (< monoandroid) (< monotouch) (< net45) (>= netstandard1.3) (< win8) (< wpa81) (< xamarinios) (< xamarinmac) (< xamarintvos) (< xamarinwatchos))
      System.Runtime.Handles (>= 4.3) - restriction: || (>= dnxcore50) (&& (< monoandroid) (< monotouch) (< net45) (>= netstandard1.3) (< win8) (< wpa81) (< xamarinios) (< xamarinmac) (< xamarintvos) (< xamarinwatchos))
      System.Runtime.InteropServices (>= 4.3) - restriction: || (>= dnxcore50) (&& (< monoandroid) (< monotouch) (< net45) (>= netstandard1.3) (< win8) (< wpa81) (< xamarinios) (< xamarinmac) (< xamarintvos) (< xamarinwatchos))
      System.Text.Encoding (>= 4.3) - restriction: || (>= dnxcore50) (&& (< monoandroid) (< monotouch) (< net45) (>= netstandard1.3) (< win8) (< wpa81) (< xamarinios) (< xamarinmac) (< xamarintvos) (< xamarinwatchos)) (&& (< monoandroid) (< net45) (>= netstandard1.1) (< netstandard1.3) (< win8) (< wpa81))
      System.Threading (>= 4.3) - restriction: || (>= dnxcore50) (&& (< monoandroid) (< monotouch) (< net45) (>= netstandard1.3) (< win8) (< wpa81) (< xamarinios) (< xamarinmac) (< xamarintvos) (< xamarinwatchos))
      System.Threading.Tasks (>= 4.3) - restriction: || (>= dnxcore50) (&& (< monoandroid) (< monotouch) (< net45) (>= netstandard1.3) (< win8) (< wpa81) (< xamarinios) (< xamarinmac) (< xamarintvos) (< xamarinwatchos))
    System.IO.Compression.ZipFile (4.3) - restriction: || (&& (< net45) (>= net46) (< netstandard1.4)) (&& (< net45) (>= netstandard1.3) (< netstandard1.4) (< win8) (< wpa81)) (&& (< net45) (>= netstandard1.4) (< netstandard1.5) (< win8) (< wpa81)) (&& (< net45) (>= netstandard1.5) (< netstandard1.6) (< win8) (< wpa81)) (&& (< net45) (>= netstandard1.6) (< netstandard2.0) (< win8) (< wpa81)) (&& (>= uap10.0) (< uap10.1))
      System.Buffers (>= 4.3) - restriction: && (< monoandroid) (< monotouch) (< net46) (>= netstandard1.3) (< xamarinios) (< xamarinmac) (< xamarintvos) (< xamarinwatchos)
      System.IO (>= 4.3) - restriction: && (< monoandroid) (< monotouch) (< net46) (>= netstandard1.3) (< xamarinios) (< xamarinmac) (< xamarintvos) (< xamarinwatchos)
      System.IO.Compression (>= 4.3) - restriction: && (< monoandroid) (< monotouch) (< net46) (>= netstandard1.3) (< xamarinios) (< xamarinmac) (< xamarintvos) (< xamarinwatchos)
      System.IO.FileSystem (>= 4.3) - restriction: && (< monoandroid) (< monotouch) (< net46) (>= netstandard1.3) (< xamarinios) (< xamarinmac) (< xamarintvos) (< xamarinwatchos)
      System.IO.FileSystem.Primitives (>= 4.3) - restriction: && (< monoandroid) (< monotouch) (< net46) (>= netstandard1.3) (< xamarinios) (< xamarinmac) (< xamarintvos) (< xamarinwatchos)
      System.Resources.ResourceManager (>= 4.3) - restriction: && (< monoandroid) (< monotouch) (< net46) (>= netstandard1.3) (< xamarinios) (< xamarinmac) (< xamarintvos) (< xamarinwatchos)
      System.Runtime (>= 4.3) - restriction: && (< monoandroid) (< monotouch) (< net46) (>= netstandard1.3) (< xamarinios) (< xamarinmac) (< xamarintvos) (< xamarinwatchos)
      System.Runtime.Extensions (>= 4.3) - restriction: && (< monoandroid) (< monotouch) (< net46) (>= netstandard1.3) (< xamarinios) (< xamarinmac) (< xamarintvos) (< xamarinwatchos)
      System.Text.Encoding (>= 4.3) - restriction: && (< monoandroid) (< monotouch) (< net46) (>= netstandard1.3) (< xamarinios) (< xamarinmac) (< xamarintvos) (< xamarinwatchos)
    System.IO.FileSystem (4.3) - restriction: || (&& (>= dnxcore50) (>= net46)) (&& (>= dnxcore50) (>= netstandard1.1)) (&& (>= dnxcore50) (>= netstandard1.2)) (&& (>= dnxcore50) (>= netstandard1.3)) (&& (>= dnxcore50) (>= netstandard1.4)) (&& (>= dnxcore50) (>= netstandard1.5)) (&& (>= dnxcore50) (>= netstandard1.6)) (&& (>= dnxcore50) (>= uap10.0)) (&& (< monoandroid) (< net45) (< netstandard1.2) (>= netstandard1.3) (< win8)) (&& (< monoandroid) (< net45) (< netstandard1.2) (>= netstandard1.6) (< win8)) (&& (< monoandroid) (< net45) (< netstandard1.3) (>= netstandard1.6) (< win8) (< wpa81)) (&& (< monoandroid) (< net45) (< netstandard1.4) (>= netstandard1.6) (< win8) (< wpa81)) (&& (< monoandroid) (< net45) (< netstandard1.5) (>= netstandard1.6) (< win8) (< wpa81)) (&& (< net45) (>= net46) (< netstandard1.4)) (&& (< net45) (>= netstandard1.3) (< netstandard1.4) (< win8) (< wpa81)) (&& (< net45) (>= netstandard1.4) (< netstandard1.5) (< win8) (< wpa81)) (&& (< net45) (>= netstandard1.5) (< netstandard1.6) (< win8) (< wpa81)) (&& (< net45) (>= netstandard1.6) (< netstandard2.0) (< win8) (< wpa81)) (&& (>= netstandard1.3) (< portable-net45+win8+wpa81)) (&& (>= netstandard1.6) (>= uap10.0)) (&& (>= uap10.0) (< uap10.1)) (&& (>= uap10.0) (< win8) (< wpa81))
      Microsoft.NETCore.Platforms (>= 1.1) - restriction: && (< monoandroid) (< monotouch) (< net46) (>= netstandard1.3) (< xamarinios) (< xamarinmac) (< xamarintvos) (< xamarinwatchos)
      Microsoft.NETCore.Targets (>= 1.1) - restriction: && (< monoandroid) (< monotouch) (< net46) (>= netstandard1.3) (< xamarinios) (< xamarinmac) (< xamarintvos) (< xamarinwatchos)
      System.IO (>= 4.3) - restriction: && (< monoandroid) (< monotouch) (< net46) (>= netstandard1.3) (< xamarinios) (< xamarinmac) (< xamarintvos) (< xamarinwatchos)
      System.IO.FileSystem.Primitives (>= 4.3) - restriction: || (&& (< monoandroid) (< monotouch) (>= netstandard1.3) (< xamarinios) (< xamarinmac) (< xamarintvos) (< xamarinwatchos)) (>= net46)
      System.Runtime (>= 4.3) - restriction: && (< monoandroid) (< monotouch) (< net46) (>= netstandard1.3) (< xamarinios) (< xamarinmac) (< xamarintvos) (< xamarinwatchos)
      System.Runtime.Handles (>= 4.3) - restriction: && (< monoandroid) (< monotouch) (< net46) (>= netstandard1.3) (< xamarinios) (< xamarinmac) (< xamarintvos) (< xamarinwatchos)
      System.Text.Encoding (>= 4.3) - restriction: && (< monoandroid) (< monotouch) (< net46) (>= netstandard1.3) (< xamarinios) (< xamarinmac) (< xamarintvos) (< xamarinwatchos)
      System.Threading.Tasks (>= 4.3) - restriction: && (< monoandroid) (< monotouch) (< net46) (>= netstandard1.3) (< xamarinios) (< xamarinmac) (< xamarintvos) (< xamarinwatchos)
    System.IO.FileSystem.Primitives (4.3) - restriction: || (&& (>= dnxcore50) (>= net46)) (&& (>= dnxcore50) (>= netstandard1.1)) (&& (>= dnxcore50) (>= netstandard1.2)) (&& (>= dnxcore50) (>= netstandard1.3)) (&& (>= dnxcore50) (>= netstandard1.4)) (&& (>= dnxcore50) (>= netstandard1.5)) (&& (>= dnxcore50) (>= netstandard1.6)) (&& (>= dnxcore50) (>= uap10.0)) (&& (< monoandroid) (< net45) (< netstandard1.2) (>= netstandard1.3) (< win8)) (&& (< monoandroid) (< net45) (< netstandard1.4) (>= netstandard1.6) (< win8) (< wpa81)) (&& (< monoandroid) (< net45) (< netstandard1.5) (>= netstandard1.6) (< win8) (< wpa81)) (&& (< net45) (>= net46) (< netstandard1.4)) (&& (< net45) (>= netstandard1.3) (< netstandard1.4) (< win8) (< wpa81)) (&& (< net45) (>= netstandard1.4) (< netstandard1.5) (< win8) (< wpa81)) (&& (< net45) (>= netstandard1.5) (< netstandard1.6) (< win8) (< wpa81)) (&& (< net45) (>= netstandard1.6) (< netstandard2.0) (< win8) (< wpa81)) (&& (>= netstandard1.3) (< portable-net45+win8+wpa81)) (&& (>= netstandard1.6) (>= uap10.0)) (&& (>= uap10.0) (< uap10.1)) (&& (>= uap10.0) (< win8) (< wpa81))
      System.Runtime (>= 4.3) - restriction: && (< monoandroid) (< monotouch) (< net46) (>= netstandard1.3) (< xamarinios) (< xamarinmac) (< xamarintvos) (< xamarinwatchos)
    System.Linq (4.3) - restriction: || (&& (>= dnxcore50) (>= netstandard1.1)) (&& (>= dnxcore50) (>= netstandard1.2)) (&& (>= dnxcore50) (>= netstandard1.3)) (&& (>= dnxcore50) (>= netstandard1.4)) (&& (>= dnxcore50) (>= netstandard1.5)) (&& (>= dnxcore50) (>= netstandard1.6)) (&& (>= dnxcore50) (>= uap10.0)) (&& (< monoandroid) (< net45) (< netstandard1.2) (>= netstandard1.6) (< win8)) (&& (< monoandroid) (< net45) (< netstandard1.3) (>= netstandard1.6) (< win8) (< wpa81)) (&& (< monoandroid) (< net45) (< netstandard1.4) (>= netstandard1.6) (< win8) (< wpa81)) (&& (< monoandroid) (< net45) (< netstandard1.5) (>= netstandard1.6) (< win8) (< wpa81)) (&& (< net45) (>= net46) (< netstandard1.4)) (&& (< net45) (>= netstandard1.1) (< netstandard1.2) (< win8)) (&& (< net45) (>= netstandard1.2) (< netstandard1.3) (< win8) (< wpa81)) (&& (< net45) (>= netstandard1.3) (< netstandard1.4) (< win8) (< wpa81)) (&& (< net45) (>= netstandard1.4) (< netstandard1.5) (< win8) (< wpa81)) (&& (< net45) (>= netstandard1.5) (< netstandard1.6) (< win8) (< wpa81)) (&& (< net45) (>= netstandard1.6) (< netstandard2.0) (< win8) (< wpa81)) (&& (>= netstandard1.1) (< portable-net45+win8+wpa81)) (&& (>= netstandard1.6) (< portable-net45+win8+wpa81)) (&& (>= netstandard1.6) (>= uap10.0)) (&& (>= uap10.0) (< uap10.1))
      System.Collections (>= 4.3) - restriction: || (>= dnxcore50) (&& (< monoandroid) (< net45) (>= netstandard1.0) (< netstandard1.6) (< win8) (< wp8) (< wpa81)) (&& (< monotouch) (< net45) (>= netstandard1.6) (< win8) (< wpa81) (< xamarinios) (< xamarinmac) (< xamarintvos) (< xamarinwatchos))
      System.Diagnostics.Debug (>= 4.3) - restriction: || (>= dnxcore50) (&& (< monotouch) (< net45) (>= netstandard1.6) (< win8) (< wpa81) (< xamarinios) (< xamarinmac) (< xamarintvos) (< xamarinwatchos))
      System.Resources.ResourceManager (>= 4.3) - restriction: || (>= dnxcore50) (&& (< monotouch) (< net45) (>= netstandard1.6) (< win8) (< wpa81) (< xamarinios) (< xamarinmac) (< xamarintvos) (< xamarinwatchos))
      System.Runtime (>= 4.3) - restriction: || (>= dnxcore50) (&& (< monoandroid) (< net45) (>= netstandard1.0) (< netstandard1.6) (< win8) (< wp8) (< wpa81)) (&& (< monotouch) (< net45) (>= netstandard1.6) (< win8) (< wpa81) (< xamarinios) (< xamarinmac) (< xamarintvos) (< xamarinwatchos))
      System.Runtime.Extensions (>= 4.3) - restriction: || (>= dnxcore50) (&& (< monotouch) (< net45) (>= netstandard1.6) (< win8) (< wpa81) (< xamarinios) (< xamarinmac) (< xamarintvos) (< xamarinwatchos))
    System.Linq.Expressions (4.3) - restriction: || (&& (< net45) (>= netstandard1.1) (< netstandard1.2) (< win8)) (&& (< net45) (>= netstandard1.2) (< netstandard1.3) (< win8) (< wpa81)) (&& (< net45) (>= netstandard1.3) (< netstandard1.4) (< win8) (< wpa81)) (&& (< net45) (>= netstandard1.4) (< netstandard1.5) (< win8) (< wpa81)) (&& (< net45) (>= netstandard1.5) (< netstandard1.6) (< win8) (< wpa81)) (&& (< net45) (>= netstandard1.6) (< netstandard2.0) (< win8) (< wpa81)) (&& (>= netstandard1.1) (< portable-net45+win8+wpa81)) (&& (>= uap10.0) (< uap10.1))
      System.Collections (>= 4.3) - restriction: || (>= dnxcore50) (&& (< monoandroid) (< monotouch) (< net45) (>= netstandard1.6) (< xamarinios) (< xamarinmac) (< xamarintvos) (< xamarinwatchos))
      System.Diagnostics.Debug (>= 4.3) - restriction: || (>= dnxcore50) (&& (< monoandroid) (< monotouch) (< net45) (>= netstandard1.6) (< xamarinios) (< xamarinmac) (< xamarintvos) (< xamarinwatchos))
      System.Globalization (>= 4.3) - restriction: || (>= dnxcore50) (&& (< monoandroid) (< monotouch) (< net45) (>= netstandard1.6) (< xamarinios) (< xamarinmac) (< xamarintvos) (< xamarinwatchos))
      System.IO (>= 4.3) - restriction: || (>= dnxcore50) (&& (< monoandroid) (< monotouch) (< net45) (>= netstandard1.6) (< xamarinios) (< xamarinmac) (< xamarintvos) (< xamarinwatchos))
      System.Linq (>= 4.3) - restriction: || (>= dnxcore50) (&& (< monoandroid) (< monotouch) (< net45) (>= netstandard1.6) (< xamarinios) (< xamarinmac) (< xamarintvos) (< xamarinwatchos))
      System.ObjectModel (>= 4.3) - restriction: && (< monoandroid) (< monotouch) (< net45) (>= netstandard1.6) (< xamarinios) (< xamarinmac) (< xamarintvos) (< xamarinwatchos)
      System.Reflection (>= 4.3) - restriction: || (>= dnxcore50) (&& (< monoandroid) (< monotouch) (< net45) (>= netstandard1.6) (< xamarinios) (< xamarinmac) (< xamarintvos) (< xamarinwatchos)) (&& (< monoandroid) (< net45) (>= netstandard1.0) (< netstandard1.3) (< win8) (< wp8) (< wpa81)) (&& (< monoandroid) (< net45) (>= netstandard1.3) (< netstandard1.6) (< win8) (< wpa81))
      System.Reflection.Emit (>= 4.3) - restriction: && (< monoandroid) (< monotouch) (< net45) (>= netstandard1.6) (< xamarinios) (< xamarinmac) (< xamarintvos) (< xamarinwatchos)
      System.Reflection.Emit.ILGeneration (>= 4.3) - restriction: || (>= dnxcore50) (&& (< monoandroid) (< monotouch) (< net45) (>= netstandard1.6) (< xamarinios) (< xamarinmac) (< xamarintvos) (< xamarinwatchos))
      System.Reflection.Emit.Lightweight (>= 4.3) - restriction: || (>= dnxcore50) (&& (< monoandroid) (< monotouch) (< net45) (>= netstandard1.6) (< xamarinios) (< xamarinmac) (< xamarintvos) (< xamarinwatchos))
      System.Reflection.Extensions (>= 4.3) - restriction: || (>= dnxcore50) (&& (< monoandroid) (< monotouch) (< net45) (>= netstandard1.6) (< xamarinios) (< xamarinmac) (< xamarintvos) (< xamarinwatchos))
      System.Reflection.Primitives (>= 4.3) - restriction: || (>= dnxcore50) (&& (< monoandroid) (< monotouch) (< net45) (>= netstandard1.6) (< xamarinios) (< xamarinmac) (< xamarintvos) (< xamarinwatchos))
      System.Reflection.TypeExtensions (>= 4.3) - restriction: || (>= dnxcore50) (&& (< monoandroid) (< monotouch) (< net45) (>= netstandard1.6) (< xamarinios) (< xamarinmac) (< xamarintvos) (< xamarinwatchos))
      System.Resources.ResourceManager (>= 4.3) - restriction: || (>= dnxcore50) (&& (< monoandroid) (< monotouch) (< net45) (>= netstandard1.6) (< xamarinios) (< xamarinmac) (< xamarintvos) (< xamarinwatchos))
      System.Runtime (>= 4.3) - restriction: || (>= dnxcore50) (&& (< monoandroid) (< monotouch) (< net45) (>= netstandard1.6) (< xamarinios) (< xamarinmac) (< xamarintvos) (< xamarinwatchos)) (&& (< monoandroid) (< net45) (>= netstandard1.0) (< netstandard1.3) (< win8) (< wp8) (< wpa81)) (&& (< monoandroid) (< net45) (>= netstandard1.3) (< netstandard1.6) (< win8) (< wpa81))
      System.Runtime.Extensions (>= 4.3) - restriction: || (>= dnxcore50) (&& (< monoandroid) (< monotouch) (< net45) (>= netstandard1.6) (< xamarinios) (< xamarinmac) (< xamarintvos) (< xamarinwatchos))
      System.Threading (>= 4.3) - restriction: || (>= dnxcore50) (&& (< monoandroid) (< monotouch) (< net45) (>= netstandard1.6) (< xamarinios) (< xamarinmac) (< xamarintvos) (< xamarinwatchos))
    System.Net.Http (4.3.3) - restriction: || (&& (< net45) (>= net46) (< netstandard1.4)) (&& (< net45) (>= netstandard1.1) (< netstandard1.2) (< win8)) (&& (< net45) (>= netstandard1.2) (< netstandard1.3) (< win8) (< wpa81)) (&& (< net45) (>= netstandard1.3) (< netstandard1.4) (< win8) (< wpa81)) (&& (< net45) (>= netstandard1.4) (< netstandard1.5) (< win8) (< wpa81)) (&& (< net45) (>= netstandard1.5) (< netstandard1.6) (< win8) (< wpa81)) (&& (< net45) (>= netstandard1.6) (< netstandard2.0) (< win8) (< wpa81)) (&& (>= uap10.0) (< uap10.1))
      Microsoft.NETCore.Platforms (>= 1.1) - restriction: || (>= dnxcore50) (&& (< monoandroid) (< monotouch) (< net45) (>= netstandard1.6) (< win8) (< wpa81) (< xamarinios) (< xamarinmac) (< xamarintvos) (< xamarinwatchos)) (&& (< monoandroid) (< net45) (>= netstandard1.3) (< netstandard1.6) (< win8) (< wpa81))
      Microsoft.Win32.Primitives (>= 4.3) - restriction: && (< monoandroid) (< net45) (>= netstandard1.3) (< netstandard1.6) (< win8) (< wpa81)
      runtime.native.System (>= 4.3) - restriction: && (< monoandroid) (< monotouch) (< net45) (>= netstandard1.6) (< win8) (< wpa81) (< xamarinios) (< xamarinmac) (< xamarintvos) (< xamarinwatchos)
      runtime.native.System.Net.Http (>= 4.3) - restriction: && (< monoandroid) (< monotouch) (< net45) (>= netstandard1.6) (< win8) (< wpa81) (< xamarinios) (< xamarinmac) (< xamarintvos) (< xamarinwatchos)
      runtime.native.System.Security.Cryptography.OpenSsl (>= 4.3.2) - restriction: && (< monoandroid) (< monotouch) (< net45) (>= netstandard1.6) (< win8) (< wpa81) (< xamarinios) (< xamarinmac) (< xamarintvos) (< xamarinwatchos)
      System.Collections (>= 4.3) - restriction: || (>= dnxcore50) (&& (< monoandroid) (< monotouch) (< net45) (>= netstandard1.6) (< win8) (< wpa81) (< xamarinios) (< xamarinmac) (< xamarintvos) (< xamarinwatchos)) (&& (< monoandroid) (< net45) (>= netstandard1.3) (< netstandard1.6) (< win8) (< wpa81))
      System.Diagnostics.Debug (>= 4.3) - restriction: || (>= dnxcore50) (&& (< monoandroid) (< monotouch) (< net45) (>= netstandard1.6) (< win8) (< wpa81) (< xamarinios) (< xamarinmac) (< xamarintvos) (< xamarinwatchos)) (&& (< monoandroid) (< net45) (>= netstandard1.3) (< netstandard1.6) (< win8) (< wpa81))
      System.Diagnostics.DiagnosticSource (>= 4.3) - restriction: || (>= dnxcore50) (&& (< monoandroid) (< monotouch) (< net45) (>= netstandard1.6) (< win8) (< wpa81) (< xamarinios) (< xamarinmac) (< xamarintvos) (< xamarinwatchos)) (&& (< monoandroid) (< net45) (>= netstandard1.3) (< netstandard1.6) (< win8) (< wpa81))
      System.Diagnostics.Tracing (>= 4.3) - restriction: || (>= dnxcore50) (&& (< monoandroid) (< monotouch) (< net45) (>= netstandard1.6) (< win8) (< wpa81) (< xamarinios) (< xamarinmac) (< xamarintvos) (< xamarinwatchos)) (&& (< monoandroid) (< net45) (>= netstandard1.3) (< netstandard1.6) (< win8) (< wpa81))
      System.Globalization (>= 4.3) - restriction: || (>= dnxcore50) (&& (< monoandroid) (< monotouch) (< net45) (>= netstandard1.6) (< win8) (< wpa81) (< xamarinios) (< xamarinmac) (< xamarintvos) (< xamarinwatchos)) (&& (< monoandroid) (< net45) (>= netstandard1.3) (< netstandard1.6) (< win8) (< wpa81))
      System.Globalization.Extensions (>= 4.3) - restriction: && (< monoandroid) (< monotouch) (< net45) (>= netstandard1.6) (< win8) (< wpa81) (< xamarinios) (< xamarinmac) (< xamarintvos) (< xamarinwatchos)
      System.IO (>= 4.3) - restriction: || (>= dnxcore50) (&& (< monoandroid) (< monotouch) (< net45) (>= netstandard1.6) (< win8) (< wpa81) (< xamarinios) (< xamarinmac) (< xamarintvos) (< xamarinwatchos)) (&& (< monoandroid) (< net45) (>= netstandard1.1) (< netstandard1.3) (< win8) (< wpa81)) (&& (< monoandroid) (< net45) (>= netstandard1.3) (< netstandard1.6) (< win8) (< wpa81))
      System.IO.Compression (>= 4.3) - restriction: && (< monoandroid) (< net45) (>= netstandard1.3) (< netstandard1.6) (< win8) (< wpa81)
      System.IO.FileSystem (>= 4.3) - restriction: && (< monoandroid) (< monotouch) (< net45) (>= netstandard1.6) (< win8) (< wpa81) (< xamarinios) (< xamarinmac) (< xamarintvos) (< xamarinwatchos)
      System.Net.Primitives (>= 4.3) - restriction: || (>= dnxcore50) (&& (< monoandroid) (< monotouch) (< net45) (>= netstandard1.6) (< win8) (< wpa81) (< xamarinios) (< xamarinmac) (< xamarintvos) (< xamarinwatchos)) (&& (< monoandroid) (< net45) (>= netstandard1.1) (< netstandard1.3) (< win8) (< wpa81)) (&& (< monoandroid) (< net45) (>= netstandard1.3) (< netstandard1.6) (< win8) (< wpa81))
      System.Resources.ResourceManager (>= 4.3) - restriction: || (>= dnxcore50) (&& (< monoandroid) (< monotouch) (< net45) (>= netstandard1.6) (< win8) (< wpa81) (< xamarinios) (< xamarinmac) (< xamarintvos) (< xamarinwatchos)) (&& (< monoandroid) (< net45) (>= netstandard1.3) (< netstandard1.6) (< win8) (< wpa81))
      System.Runtime (>= 4.3) - restriction: || (>= dnxcore50) (&& (< monoandroid) (< monotouch) (< net45) (>= netstandard1.6) (< win8) (< wpa81) (< xamarinios) (< xamarinmac) (< xamarintvos) (< xamarinwatchos)) (&& (< monoandroid) (< net45) (>= netstandard1.1) (< netstandard1.3) (< win8) (< wpa81)) (&& (< monoandroid) (< net45) (>= netstandard1.3) (< netstandard1.6) (< win8) (< wpa81))
      System.Runtime.Extensions (>= 4.3) - restriction: || (>= dnxcore50) (&& (< monoandroid) (< monotouch) (< net45) (>= netstandard1.6) (< win8) (< wpa81) (< xamarinios) (< xamarinmac) (< xamarintvos) (< xamarinwatchos)) (&& (< monoandroid) (< net45) (>= netstandard1.3) (< netstandard1.6) (< win8) (< wpa81))
      System.Runtime.Handles (>= 4.3) - restriction: || (&& (< monoandroid) (< monotouch) (< net45) (>= netstandard1.6) (< win8) (< wpa81) (< xamarinios) (< xamarinmac) (< xamarintvos) (< xamarinwatchos)) (&& (< monoandroid) (< net45) (>= netstandard1.3) (< netstandard1.6) (< win8) (< wpa81))
      System.Runtime.InteropServices (>= 4.3) - restriction: || (>= dnxcore50) (&& (< monoandroid) (< monotouch) (< net45) (>= netstandard1.6) (< win8) (< wpa81) (< xamarinios) (< xamarinmac) (< xamarintvos) (< xamarinwatchos)) (&& (< monoandroid) (< net45) (>= netstandard1.3) (< netstandard1.6) (< win8) (< wpa81))
      System.Security.Cryptography.Algorithms (>= 4.3) - restriction: && (< monoandroid) (< monotouch) (< net45) (>= netstandard1.6) (< win8) (< wpa81) (< xamarinios) (< xamarinmac) (< xamarintvos) (< xamarinwatchos)
      System.Security.Cryptography.Encoding (>= 4.3) - restriction: || (&& (< monoandroid) (< monotouch) (< net45) (>= netstandard1.6) (< win8) (< wpa81) (< xamarinios) (< xamarinmac) (< xamarintvos) (< xamarinwatchos)) (&& (< monoandroid) (< net45) (>= netstandard1.3) (< netstandard1.6) (< win8) (< wpa81))
      System.Security.Cryptography.OpenSsl (>= 4.3) - restriction: && (< monoandroid) (< monotouch) (< net45) (>= netstandard1.6) (< win8) (< wpa81) (< xamarinios) (< xamarinmac) (< xamarintvos) (< xamarinwatchos)
      System.Security.Cryptography.Primitives (>= 4.3) - restriction: && (< monoandroid) (< monotouch) (< net45) (>= netstandard1.6) (< win8) (< wpa81) (< xamarinios) (< xamarinmac) (< xamarintvos) (< xamarinwatchos)
      System.Security.Cryptography.X509Certificates (>= 4.3) - restriction: || (>= dnxcore50) (&& (< monoandroid) (< monotouch) (< net45) (>= netstandard1.6) (< win8) (< wpa81) (< xamarinios) (< xamarinmac) (< xamarintvos) (< xamarinwatchos)) (&& (< monoandroid) (< net45) (>= netstandard1.3) (< netstandard1.6) (< win8) (< wpa81)) (>= net46)
      System.Text.Encoding (>= 4.3) - restriction: || (>= dnxcore50) (&& (< monoandroid) (< monotouch) (< net45) (>= netstandard1.6) (< win8) (< wpa81) (< xamarinios) (< xamarinmac) (< xamarintvos) (< xamarinwatchos)) (&& (< monoandroid) (< net45) (>= netstandard1.1) (< netstandard1.3) (< win8) (< wpa81)) (&& (< monoandroid) (< net45) (>= netstandard1.3) (< netstandard1.6) (< win8) (< wpa81))
      System.Threading (>= 4.3) - restriction: || (>= dnxcore50) (&& (< monoandroid) (< monotouch) (< net45) (>= netstandard1.6) (< win8) (< wpa81) (< xamarinios) (< xamarinmac) (< xamarintvos) (< xamarinwatchos)) (&& (< monoandroid) (< net45) (>= netstandard1.3) (< netstandard1.6) (< win8) (< wpa81))
      System.Threading.Tasks (>= 4.3) - restriction: || (>= dnxcore50) (&& (< monoandroid) (< monotouch) (< net45) (>= netstandard1.6) (< win8) (< wpa81) (< xamarinios) (< xamarinmac) (< xamarintvos) (< xamarinwatchos)) (&& (< monoandroid) (< net45) (>= netstandard1.1) (< netstandard1.3) (< win8) (< wpa81)) (&& (< monoandroid) (< net45) (>= netstandard1.3) (< netstandard1.6) (< win8) (< wpa81))
    System.Net.Primitives (4.3) - restriction: || (&& (>= dnxcore50) (>= net46)) (&& (>= dnxcore50) (>= netstandard1.1)) (&& (>= dnxcore50) (>= netstandard1.2)) (&& (>= dnxcore50) (>= netstandard1.3)) (&& (>= dnxcore50) (>= netstandard1.4)) (&& (>= dnxcore50) (>= netstandard1.5)) (&& (>= dnxcore50) (>= netstandard1.6)) (&& (>= dnxcore50) (>= uap10.0)) (&& (< monoandroid) (< net45) (< netstandard1.2) (>= netstandard1.3) (< win8)) (&& (< monoandroid) (< net45) (< netstandard1.2) (>= netstandard1.6) (< win8)) (&& (< monoandroid) (< net45) (< netstandard1.3) (>= netstandard1.4) (< win8) (< wpa81)) (&& (< monoandroid) (< net45) (< netstandard1.3) (>= netstandard1.5) (< win8) (< wpa81)) (&& (< monoandroid) (< net45) (< netstandard1.3) (>= netstandard1.6) (< win8) (< wpa81)) (&& (< monoandroid) (< net45) (< netstandard1.4) (>= netstandard1.6) (< win8) (< wpa81)) (&& (< monoandroid) (< net45) (< netstandard1.5) (>= netstandard1.6) (< win8) (< wpa81)) (&& (< net45) (>= net46) (< netstandard1.3)) (&& (< net45) (>= net46) (< netstandard1.4)) (&& (< net45) (>= netstandard1.1) (< netstandard1.2) (< win8)) (&& (< net45) (>= netstandard1.2) (< netstandard1.3) (< win8) (< wpa81)) (&& (< net45) (>= netstandard1.3) (< netstandard1.4) (< win8) (< wpa81)) (&& (< net45) (>= netstandard1.4) (< netstandard1.5) (< win8) (< wpa81)) (&& (< net45) (>= netstandard1.5) (< netstandard1.6) (< win8) (< wpa81)) (&& (< net45) (>= netstandard1.6) (< netstandard2.0) (< win8) (< wpa81)) (&& (>= netstandard1.1) (< portable-net45+win8+wpa81)) (&& (< netstandard1.3) (>= uap10.0) (< win8) (< wpa81)) (&& (>= netstandard1.6) (>= uap10.0) (< win8) (< wpa81)) (&& (< netstandard1.6) (>= uap10.0) (< win8) (< wpa81)) (&& (>= uap10.0) (< uap10.1))
      Microsoft.NETCore.Platforms (>= 1.1) - restriction: || (>= dnxcore50) (&& (< monoandroid) (< monotouch) (< net45) (>= netstandard1.3) (< win8) (< wpa81) (< xamarinios) (< xamarinmac) (< xamarintvos) (< xamarinwatchos)) (&& (< monoandroid) (< net45) (>= netstandard1.1) (< netstandard1.3) (< win8) (< wpa81)) (&& (< monoandroid) (>= netstandard1.0) (< netstandard1.1) (< win8) (< wp8))
      Microsoft.NETCore.Targets (>= 1.1) - restriction: || (>= dnxcore50) (&& (< monoandroid) (< monotouch) (< net45) (>= netstandard1.3) (< win8) (< wpa81) (< xamarinios) (< xamarinmac) (< xamarintvos) (< xamarinwatchos)) (&& (< monoandroid) (< net45) (>= netstandard1.1) (< netstandard1.3) (< win8) (< wpa81)) (&& (< monoandroid) (>= netstandard1.0) (< netstandard1.1) (< win8) (< wp8))
      System.Runtime (>= 4.3) - restriction: || (>= dnxcore50) (&& (< monoandroid) (< monotouch) (< net45) (>= netstandard1.3) (< win8) (< wpa81) (< xamarinios) (< xamarinmac) (< xamarintvos) (< xamarinwatchos)) (&& (< monoandroid) (< net45) (>= netstandard1.1) (< netstandard1.3) (< win8) (< wpa81)) (&& (< monoandroid) (>= netstandard1.0) (< netstandard1.1) (< win8) (< wp8))
      System.Runtime.Handles (>= 4.3) - restriction: || (>= dnxcore50) (&& (< monoandroid) (< monotouch) (< net45) (>= netstandard1.3) (< win8) (< wpa81) (< xamarinios) (< xamarinmac) (< xamarintvos) (< xamarinwatchos))
    System.Net.Sockets (4.3) - restriction: || (&& (< net45) (>= net46) (< netstandard1.4)) (&& (< net45) (>= netstandard1.3) (< netstandard1.4) (< win8) (< wpa81)) (&& (< net45) (>= netstandard1.4) (< netstandard1.5) (< win8) (< wpa81)) (&& (< net45) (>= netstandard1.5) (< netstandard1.6) (< win8) (< wpa81)) (&& (< net45) (>= netstandard1.6) (< netstandard2.0) (< win8) (< wpa81)) (&& (>= uap10.0) (< uap10.1))
      Microsoft.NETCore.Platforms (>= 1.1) - restriction: && (< monoandroid) (< monotouch) (< net46) (>= netstandard1.3) (< xamarinios) (< xamarinmac) (< xamarintvos) (< xamarinwatchos)
      Microsoft.NETCore.Targets (>= 1.1) - restriction: && (< monoandroid) (< monotouch) (< net46) (>= netstandard1.3) (< xamarinios) (< xamarinmac) (< xamarintvos) (< xamarinwatchos)
      System.IO (>= 4.3) - restriction: && (< monoandroid) (< monotouch) (< net46) (>= netstandard1.3) (< xamarinios) (< xamarinmac) (< xamarintvos) (< xamarinwatchos)
      System.Net.Primitives (>= 4.3) - restriction: && (< monoandroid) (< monotouch) (< net46) (>= netstandard1.3) (< xamarinios) (< xamarinmac) (< xamarintvos) (< xamarinwatchos)
      System.Runtime (>= 4.3) - restriction: && (< monoandroid) (< monotouch) (< net46) (>= netstandard1.3) (< xamarinios) (< xamarinmac) (< xamarintvos) (< xamarinwatchos)
      System.Threading.Tasks (>= 4.3) - restriction: && (< monoandroid) (< monotouch) (< net46) (>= netstandard1.3) (< xamarinios) (< xamarinmac) (< xamarintvos) (< xamarinwatchos)
    System.ObjectModel (4.3) - restriction: || (&& (< monoandroid) (< net45) (< netstandard1.2) (>= netstandard1.6) (< win8)) (&& (< monoandroid) (< net45) (< netstandard1.3) (>= netstandard1.6) (< win8) (< wpa81)) (&& (< monoandroid) (< net45) (< netstandard1.4) (>= netstandard1.6) (< win8) (< wpa81)) (&& (< monoandroid) (< net45) (< netstandard1.5) (>= netstandard1.6) (< win8) (< wpa81)) (&& (< net45) (>= netstandard1.1) (< netstandard1.2) (< win8)) (&& (< net45) (>= netstandard1.2) (< netstandard1.3) (< win8) (< wpa81)) (&& (< net45) (>= netstandard1.3) (< netstandard1.4) (< win8) (< wpa81)) (&& (< net45) (>= netstandard1.4) (< netstandard1.5) (< win8) (< wpa81)) (&& (< net45) (>= netstandard1.5) (< netstandard1.6) (< win8) (< wpa81)) (&& (< net45) (>= netstandard1.6) (< netstandard2.0) (< win8) (< wpa81)) (&& (>= netstandard1.1) (< portable-net45+win8+wpa81)) (&& (>= netstandard1.6) (< portable-net45+win8+wpa81)) (&& (>= netstandard1.6) (>= uap10.0)) (&& (>= uap10.0) (< uap10.1))
      System.Collections (>= 4.3) - restriction: || (>= dnxcore50) (&& (< monoandroid) (< monotouch) (< net45) (>= netstandard1.3) (< win8) (< wpa81) (< xamarinios) (< xamarinmac) (< xamarintvos) (< xamarinwatchos))
      System.Diagnostics.Debug (>= 4.3) - restriction: || (>= dnxcore50) (&& (< monoandroid) (< monotouch) (< net45) (>= netstandard1.3) (< win8) (< wpa81) (< xamarinios) (< xamarinmac) (< xamarintvos) (< xamarinwatchos))
      System.Resources.ResourceManager (>= 4.3) - restriction: || (>= dnxcore50) (&& (< monoandroid) (< monotouch) (< net45) (>= netstandard1.3) (< win8) (< wpa81) (< xamarinios) (< xamarinmac) (< xamarintvos) (< xamarinwatchos))
      System.Runtime (>= 4.3) - restriction: || (>= dnxcore50) (&& (< monoandroid) (< monotouch) (< net45) (>= netstandard1.3) (< win8) (< wpa81) (< xamarinios) (< xamarinmac) (< xamarintvos) (< xamarinwatchos)) (&& (< monoandroid) (< net45) (>= netstandard1.0) (< netstandard1.3) (< win8) (< wp8) (< wpa81))
      System.Threading (>= 4.3) - restriction: || (>= dnxcore50) (&& (< monoandroid) (< monotouch) (< net45) (>= netstandard1.3) (< win8) (< wpa81) (< xamarinios) (< xamarinmac) (< xamarintvos) (< xamarinwatchos))
    System.Reflection (4.3) - restriction: || (&& (>= dnxcore50) (>= netcoreapp1.0)) (&& (>= dnxcore50) (>= netstandard1.1)) (&& (>= dnxcore50) (>= netstandard1.2)) (&& (>= dnxcore50) (>= netstandard1.3)) (&& (>= dnxcore50) (>= netstandard1.4)) (&& (>= dnxcore50) (>= netstandard1.5)) (&& (>= dnxcore50) (>= netstandard1.6)) (&& (>= dnxcore50) (>= uap10.0)) (&& (< monoandroid) (< net45) (< netstandard1.2) (>= netstandard1.3) (< win8)) (&& (< monoandroid) (< net45) (< netstandard1.2) (>= netstandard1.6) (< win8)) (&& (< monoandroid) (< net45) (< netstandard1.3) (>= netstandard1.4) (< win8) (< wpa81)) (&& (< monoandroid) (< net45) (< netstandard1.3) (>= netstandard1.5) (< win8) (< wpa81)) (&& (< monoandroid) (< net45) (< netstandard1.3) (>= netstandard1.6) (< win8) (< wpa81)) (&& (< monoandroid) (< net45) (< netstandard1.4) (>= netstandard1.6) (< win8) (< wpa81)) (&& (< monoandroid) (< net45) (< netstandard1.5) (>= netstandard1.6) (< win8) (< wpa81)) (&& (< net45) (>= netstandard1.1) (< netstandard1.2) (< win8)) (&& (< net45) (>= netstandard1.2) (< netstandard1.3) (< win8) (< wpa81)) (&& (< net45) (>= netstandard1.3) (< netstandard1.4) (< win8) (< wpa81)) (&& (< net45) (>= netstandard1.4) (< netstandard1.5) (< win8) (< wpa81)) (&& (< net45) (>= netstandard1.5) (< netstandard1.6) (< win8) (< wpa81)) (&& (< net45) (>= netstandard1.6) (< netstandard2.0) (< win8) (< wpa81)) (&& (>= netcoreapp1.0) (< netstandard1.2)) (&& (>= netcoreapp1.0) (< netstandard1.3)) (&& (>= netcoreapp1.0) (< netstandard1.4)) (&& (>= netcoreapp1.0) (< netstandard1.5)) (&& (>= netcoreapp1.0) (< netstandard2.0)) (&& (>= netcoreapp1.0) (< portable-net45+win8+wpa81)) (&& (>= netstandard1.1) (< portable-net45+win8+wpa81)) (&& (>= netstandard1.3) (< portable-net45+win8+wpa81)) (&& (>= netstandard1.6) (< portable-net45+win8+wpa81)) (&& (>= netstandard1.6) (>= uap10.0)) (&& (>= uap10.0) (< uap10.1)) (&& (>= uap10.0) (< win8) (< wpa81))
      Microsoft.NETCore.Platforms (>= 1.1) - restriction: || (>= dnxcore50) (&& (< monoandroid) (< monotouch) (< net45) (>= netstandard1.5) (< win8) (< wpa81) (< xamarinios) (< xamarinmac) (< xamarintvos) (< xamarinwatchos)) (&& (< monoandroid) (< net45) (>= netstandard1.0) (< netstandard1.3) (< win8) (< wp8) (< wpa81)) (&& (< monoandroid) (< net45) (>= netstandard1.3) (< netstandard1.5) (< win8) (< wpa81))
      Microsoft.NETCore.Targets (>= 1.1) - restriction: || (>= dnxcore50) (&& (< monoandroid) (< monotouch) (< net45) (>= netstandard1.5) (< win8) (< wpa81) (< xamarinios) (< xamarinmac) (< xamarintvos) (< xamarinwatchos)) (&& (< monoandroid) (< net45) (>= netstandard1.0) (< netstandard1.3) (< win8) (< wp8) (< wpa81)) (&& (< monoandroid) (< net45) (>= netstandard1.3) (< netstandard1.5) (< win8) (< wpa81))
      System.IO (>= 4.3) - restriction: || (>= dnxcore50) (&& (< monoandroid) (< monotouch) (< net45) (>= netstandard1.5) (< win8) (< wpa81) (< xamarinios) (< xamarinmac) (< xamarintvos) (< xamarinwatchos)) (&& (< monoandroid) (< net45) (>= netstandard1.0) (< netstandard1.3) (< win8) (< wp8) (< wpa81)) (&& (< monoandroid) (< net45) (>= netstandard1.3) (< netstandard1.5) (< win8) (< wpa81))
      System.Reflection.Primitives (>= 4.3) - restriction: || (>= dnxcore50) (&& (< monoandroid) (< monotouch) (< net45) (>= netstandard1.5) (< win8) (< wpa81) (< xamarinios) (< xamarinmac) (< xamarintvos) (< xamarinwatchos)) (&& (< monoandroid) (< net45) (>= netstandard1.0) (< netstandard1.3) (< win8) (< wp8) (< wpa81)) (&& (< monoandroid) (< net45) (>= netstandard1.3) (< netstandard1.5) (< win8) (< wpa81))
      System.Runtime (>= 4.3) - restriction: || (>= dnxcore50) (&& (< monoandroid) (< monotouch) (< net45) (>= netstandard1.5) (< win8) (< wpa81) (< xamarinios) (< xamarinmac) (< xamarintvos) (< xamarinwatchos)) (&& (< monoandroid) (< net45) (>= netstandard1.0) (< netstandard1.3) (< win8) (< wp8) (< wpa81)) (&& (< monoandroid) (< net45) (>= netstandard1.3) (< netstandard1.5) (< win8) (< wpa81))
    System.Reflection.Emit (4.3) - restriction: || (&& (< monoandroid) (< monotouch) (< net45) (>= netstandard1.6) (< netstandard2.0) (< win8) (< wpa81) (< xamarinios) (< xamarinmac) (< xamarintvos) (< xamarinwatchos)) (&& (< monoandroid) (< net45) (< netstandard1.2) (>= netstandard1.6) (< win8)) (&& (< monoandroid) (< net45) (< netstandard1.3) (>= netstandard1.6) (< win8) (< wpa81)) (&& (< monoandroid) (< net45) (< netstandard1.4) (>= netstandard1.6) (< win8) (< wpa81)) (&& (< monoandroid) (< net45) (< netstandard1.5) (>= netstandard1.6) (< win8) (< wpa81)) (&& (>= netstandard1.6) (< portable-net45+win8+wpa81)) (&& (>= netstandard1.6) (>= uap10.0))
      System.IO (>= 4.3) - restriction: && (< monoandroid) (< monotouch) (< net45) (>= netstandard1.1) (< xamarinios) (< xamarinmac) (< xamarintvos) (< xamarinwatchos)
      System.Reflection (>= 4.3) - restriction: && (< monoandroid) (< monotouch) (< net45) (>= netstandard1.1) (< xamarinios) (< xamarinmac) (< xamarintvos) (< xamarinwatchos)
      System.Reflection.Emit.ILGeneration (>= 4.3) - restriction: && (< monoandroid) (< monotouch) (< net45) (>= netstandard1.1) (< xamarinios) (< xamarinmac) (< xamarintvos) (< xamarinwatchos)
      System.Reflection.Primitives (>= 4.3) - restriction: && (< monoandroid) (< monotouch) (< net45) (>= netstandard1.1) (< xamarinios) (< xamarinmac) (< xamarintvos) (< xamarinwatchos)
      System.Runtime (>= 4.3) - restriction: && (< monoandroid) (< monotouch) (< net45) (>= netstandard1.1) (< xamarinios) (< xamarinmac) (< xamarintvos) (< xamarinwatchos)
    System.Reflection.Emit.ILGeneration (4.3) - restriction: || (&& (>= dnxcore50) (>= netstandard1.1)) (&& (>= dnxcore50) (>= netstandard1.2)) (&& (>= dnxcore50) (>= netstandard1.3)) (&& (>= dnxcore50) (>= netstandard1.4)) (&& (>= dnxcore50) (>= netstandard1.5)) (&& (>= dnxcore50) (>= netstandard1.6)) (&& (>= dnxcore50) (>= uap10.0)) (&& (< monoandroid) (< monotouch) (< net45) (>= netstandard1.6) (< netstandard2.0) (< win8) (< wpa81) (< xamarinios) (< xamarinmac) (< xamarintvos) (< xamarinwatchos)) (&& (< monoandroid) (< net45) (< netstandard1.2) (>= netstandard1.6) (< win8)) (&& (< monoandroid) (< net45) (< netstandard1.3) (>= netstandard1.6) (< win8) (< wpa81)) (&& (< monoandroid) (< net45) (< netstandard1.4) (>= netstandard1.6) (< win8) (< wpa81)) (&& (< monoandroid) (< net45) (< netstandard1.5) (>= netstandard1.6) (< win8) (< wpa81)) (&& (>= netstandard1.6) (< portable-net45+win8+wpa81)) (&& (>= netstandard1.6) (>= uap10.0))
      System.Reflection (>= 4.3) - restriction: && (< monoandroid) (< monotouch) (< net45) (>= netstandard1.0) (< wp8) (< xamarinios) (< xamarinmac) (< xamarintvos) (< xamarinwatchos)
      System.Reflection.Primitives (>= 4.3) - restriction: && (< monoandroid) (< monotouch) (< net45) (>= netstandard1.0) (< wp8) (< xamarinios) (< xamarinmac) (< xamarintvos) (< xamarinwatchos)
      System.Runtime (>= 4.3) - restriction: && (< monoandroid) (< monotouch) (< net45) (>= netstandard1.0) (< wp8) (< xamarinios) (< xamarinmac) (< xamarintvos) (< xamarinwatchos)
    System.Reflection.Emit.Lightweight (4.3) - restriction: || (&& (>= dnxcore50) (>= netstandard1.1)) (&& (>= dnxcore50) (>= netstandard1.2)) (&& (>= dnxcore50) (>= netstandard1.3)) (&& (>= dnxcore50) (>= netstandard1.4)) (&& (>= dnxcore50) (>= netstandard1.5)) (&& (>= dnxcore50) (>= netstandard1.6)) (&& (>= dnxcore50) (>= uap10.0)) (&& (< monoandroid) (< monotouch) (< net45) (>= netstandard1.6) (< netstandard2.0) (< win8) (< wpa81) (< xamarinios) (< xamarinmac) (< xamarintvos) (< xamarinwatchos)) (&& (< monoandroid) (< net45) (< netstandard1.2) (>= netstandard1.6) (< win8)) (&& (< monoandroid) (< net45) (< netstandard1.3) (>= netstandard1.6) (< win8) (< wpa81)) (&& (< monoandroid) (< net45) (< netstandard1.4) (>= netstandard1.6) (< win8) (< wpa81)) (&& (< monoandroid) (< net45) (< netstandard1.5) (>= netstandard1.6) (< win8) (< wpa81)) (&& (>= netstandard1.6) (< portable-net45+win8+wpa81)) (&& (>= netstandard1.6) (>= uap10.0))
      System.Reflection (>= 4.3) - restriction: && (< monoandroid) (< monotouch) (< net45) (>= netstandard1.0) (< wp8) (< xamarinios) (< xamarinmac) (< xamarintvos) (< xamarinwatchos)
      System.Reflection.Emit.ILGeneration (>= 4.3) - restriction: && (< monoandroid) (< monotouch) (< net45) (>= netstandard1.0) (< wp8) (< xamarinios) (< xamarinmac) (< xamarintvos) (< xamarinwatchos)
      System.Reflection.Primitives (>= 4.3) - restriction: && (< monoandroid) (< monotouch) (< net45) (>= netstandard1.0) (< wp8) (< xamarinios) (< xamarinmac) (< xamarintvos) (< xamarinwatchos)
      System.Runtime (>= 4.3) - restriction: && (< monoandroid) (< monotouch) (< net45) (>= netstandard1.0) (< wp8) (< xamarinios) (< xamarinmac) (< xamarintvos) (< xamarinwatchos)
    System.Reflection.Extensions (4.3) - restriction: || (&& (>= dnxcore50) (>= net46)) (&& (>= dnxcore50) (>= netstandard1.1)) (&& (>= dnxcore50) (>= netstandard1.2)) (&& (>= dnxcore50) (>= netstandard1.3)) (&& (>= dnxcore50) (>= netstandard1.4)) (&& (>= dnxcore50) (>= netstandard1.5)) (&& (>= dnxcore50) (>= netstandard1.6)) (&& (>= dnxcore50) (>= uap10.0)) (&& (>= dnxcore50) (>= wpa81)) (&& (< monoandroid) (< net45) (< netstandard1.2) (>= netstandard1.6) (< win8)) (&& (< monoandroid) (< net45) (< netstandard1.3) (>= netstandard1.6) (< win8) (< wpa81)) (&& (< monoandroid) (< net45) (< netstandard1.4) (>= netstandard1.6) (< win8) (< wpa81)) (&& (< monoandroid) (< net45) (< netstandard1.5) (>= netstandard1.6) (< win8) (< wpa81)) (&& (< monoandroid) (< netstandard1.0) (>= netstandard1.1) (< win8)) (&& (< net45) (>= net46) (< netstandard1.4)) (&& (< net45) (>= netstandard1.1) (< netstandard1.2) (< win8)) (&& (< net45) (>= netstandard1.2) (< netstandard1.3) (< win8) (< wpa81)) (&& (< net45) (>= netstandard1.3) (< netstandard1.4) (< win8) (< wpa81)) (&& (< net45) (>= netstandard1.4) (< netstandard1.5) (< win8) (< wpa81)) (&& (< net45) (>= netstandard1.5) (< netstandard1.6) (< win8) (< wpa81)) (&& (< net45) (>= netstandard1.6) (< netstandard2.0) (< win8) (< wpa81)) (&& (< netstandard1.0) (>= netstandard1.1) (< portable-net45+win8)) (&& (>= netstandard1.1) (< portable-net45+win8+wpa81)) (&& (>= netstandard1.6) (< portable-net45+win8+wpa81)) (&& (>= netstandard1.6) (>= uap10.0)) (&& (>= uap10.0) (< uap10.1)) (&& (>= uap10.0) (< win8) (< wpa81))
      Microsoft.NETCore.Platforms (>= 1.1) - restriction: || (>= dnxcore50) (&& (< monoandroid) (< monotouch) (< net45) (>= netstandard1.0) (< win8) (< wp8) (< wpa81) (< xamarinios) (< xamarinmac) (< xamarintvos) (< xamarinwatchos))
      Microsoft.NETCore.Targets (>= 1.1) - restriction: || (>= dnxcore50) (&& (< monoandroid) (< monotouch) (< net45) (>= netstandard1.0) (< win8) (< wp8) (< wpa81) (< xamarinios) (< xamarinmac) (< xamarintvos) (< xamarinwatchos))
      System.Reflection (>= 4.3) - restriction: || (>= dnxcore50) (&& (< monoandroid) (< monotouch) (< net45) (>= netstandard1.0) (< win8) (< wp8) (< wpa81) (< xamarinios) (< xamarinmac) (< xamarintvos) (< xamarinwatchos))
      System.Runtime (>= 4.3) - restriction: || (>= dnxcore50) (&& (< monoandroid) (< monotouch) (< net45) (>= netstandard1.0) (< win8) (< wp8) (< wpa81) (< xamarinios) (< xamarinmac) (< xamarintvos) (< xamarinwatchos))
    System.Reflection.Primitives (4.3) - restriction: || (&& (>= dnxcore50) (>= netstandard1.1)) (&& (>= dnxcore50) (>= netstandard1.2)) (&& (>= dnxcore50) (>= netstandard1.3)) (&& (>= dnxcore50) (>= netstandard1.4)) (&& (>= dnxcore50) (>= netstandard1.5)) (&& (>= dnxcore50) (>= netstandard1.6)) (&& (>= dnxcore50) (>= uap10.0)) (&& (< monoandroid) (< net45) (< netstandard1.2) (>= netstandard1.3) (< win8)) (&& (< monoandroid) (< net45) (< netstandard1.2) (>= netstandard1.5) (< win8)) (&& (< monoandroid) (< net45) (< netstandard1.2) (>= netstandard1.6) (< win8)) (&& (< monoandroid) (< net45) (< netstandard1.3) (>= netstandard1.4) (< win8) (< wpa81)) (&& (< monoandroid) (< net45) (< netstandard1.3) (>= netstandard1.5) (< win8) (< wpa81)) (&& (< monoandroid) (< net45) (< netstandard1.3) (>= netstandard1.6) (< win8) (< wpa81)) (&& (< monoandroid) (< net45) (< netstandard1.4) (>= netstandard1.5) (< win8) (< wpa81)) (&& (< monoandroid) (< net45) (< netstandard1.4) (>= netstandard1.6) (< win8) (< wpa81)) (&& (< monoandroid) (< net45) (< netstandard1.5) (>= netstandard1.6) (< win8) (< wpa81)) (&& (< net45) (>= netstandard1.1) (< netstandard1.2) (< win8)) (&& (< net45) (>= netstandard1.2) (< netstandard1.3) (< win8) (< wpa81)) (&& (< net45) (>= netstandard1.3) (< netstandard1.4) (< win8) (< wpa81)) (&& (< net45) (>= netstandard1.4) (< netstandard1.5) (< win8) (< wpa81)) (&& (< net45) (>= netstandard1.5) (< netstandard1.6) (< win8) (< wpa81)) (&& (< net45) (>= netstandard1.6) (< netstandard2.0) (< win8) (< wpa81)) (&& (>= netstandard1.1) (< portable-net45+win8+wpa81)) (&& (>= netstandard1.3) (< portable-net45+win8+wpa81)) (&& (< netstandard1.3) (>= uap10.0) (< win8) (< wpa81)) (&& (>= netstandard1.5) (< portable-net45+win8+wpa81)) (&& (>= netstandard1.5) (>= uap10.0) (< win8) (< wpa81)) (&& (< netstandard1.5) (>= uap10.0) (< win8) (< wpa81)) (&& (>= netstandard1.6) (< portable-net45+win8+wpa81)) (&& (>= netstandard1.6) (>= uap10.0)) (&& (>= uap10.0) (< uap10.1))
      Microsoft.NETCore.Platforms (>= 1.1) - restriction: || (>= dnxcore50) (&& (< monoandroid) (< monotouch) (< net45) (>= netstandard1.0) (< win8) (< wp8) (< wpa81) (< xamarinios) (< xamarinmac) (< xamarintvos) (< xamarinwatchos))
      Microsoft.NETCore.Targets (>= 1.1) - restriction: || (>= dnxcore50) (&& (< monoandroid) (< monotouch) (< net45) (>= netstandard1.0) (< win8) (< wp8) (< wpa81) (< xamarinios) (< xamarinmac) (< xamarintvos) (< xamarinwatchos))
      System.Runtime (>= 4.3) - restriction: || (>= dnxcore50) (&& (< monoandroid) (< monotouch) (< net45) (>= netstandard1.0) (< win8) (< wp8) (< wpa81) (< xamarinios) (< xamarinmac) (< xamarintvos) (< xamarinwatchos))
    System.Reflection.TypeExtensions (4.5) - restriction: || (&& (>= dnxcore50) (>= netstandard1.1)) (&& (>= dnxcore50) (>= netstandard1.2)) (&& (>= dnxcore50) (>= netstandard1.3)) (&& (>= dnxcore50) (>= netstandard1.4)) (&& (>= dnxcore50) (>= netstandard1.5)) (&& (>= dnxcore50) (>= netstandard1.6)) (&& (>= dnxcore50) (>= uap10.0)) (&& (< monoandroid) (< monotouch) (< net45) (>= netstandard1.6) (< netstandard2.0) (< win8) (< wpa81) (< xamarinios) (< xamarinmac) (< xamarintvos) (< xamarinwatchos)) (&& (< monoandroid) (< net45) (< netstandard1.2) (>= netstandard1.6) (< win8)) (&& (< monoandroid) (< net45) (< netstandard1.3) (>= netstandard1.6) (< win8) (< wpa81)) (&& (< monoandroid) (< net45) (< netstandard1.4) (>= netstandard1.6) (< win8) (< wpa81)) (&& (< monoandroid) (< net45) (< netstandard1.5) (>= netstandard1.6) (< win8) (< wpa81)) (&& (>= netstandard1.6) (< portable-net45+win8+wpa81)) (&& (>= netstandard1.6) (>= uap10.0))
      System.Reflection (>= 4.3) - restriction: || (>= dnxcore50) (&& (< monoandroid) (< monotouch) (< net46) (< netcoreapp1.0) (>= netstandard1.5) (< netstandard2.0) (< xamarinios) (< xamarinmac) (< xamarintvos) (< xamarinwatchos)) (&& (< monoandroid) (< net46) (>= netstandard1.3) (< netstandard1.5) (< uap10.1)) (&& (>= netcoreapp1.0) (< netstandard2.0))
      System.Resources.ResourceManager (>= 4.3) - restriction: || (>= dnxcore50) (&& (< monoandroid) (< monotouch) (< net46) (< netcoreapp1.0) (>= netstandard1.5) (< netstandard2.0) (< xamarinios) (< xamarinmac) (< xamarintvos) (< xamarinwatchos)) (&& (< monoandroid) (< net46) (>= netstandard1.3) (< netstandard1.5) (< uap10.1)) (&& (>= netcoreapp1.0) (< netstandard2.0))
      System.Runtime (>= 4.3) - restriction: || (>= dnxcore50) (&& (< monoandroid) (< monotouch) (< net46) (< netcoreapp1.0) (>= netstandard1.5) (< netstandard2.0) (< xamarinios) (< xamarinmac) (< xamarintvos) (< xamarinwatchos)) (&& (< monoandroid) (< net46) (>= netstandard1.3) (< netstandard1.5) (< uap10.1)) (&& (>= netcoreapp1.0) (< netstandard2.0))
    System.Resources.ResourceManager (4.3) - restriction: || (&& (>= dnxcore50) (>= net46)) (&& (>= dnxcore50) (>= netcoreapp1.0)) (&& (>= dnxcore50) (>= netstandard1.1)) (&& (>= dnxcore50) (>= netstandard1.2)) (&& (>= dnxcore50) (>= netstandard1.3)) (&& (>= dnxcore50) (>= netstandard1.4)) (&& (>= dnxcore50) (>= netstandard1.5)) (&& (>= dnxcore50) (>= netstandard1.6)) (&& (>= dnxcore50) (>= uap10.0)) (&& (>= dnxcore50) (>= wpa81)) (&& (< monoandroid) (< net45) (< netstandard1.2) (>= netstandard1.3) (< win8)) (&& (< monoandroid) (< netstandard1.0) (>= netstandard1.1) (< win8)) (&& (< net45) (>= net46) (< netstandard1.4)) (&& (< net45) (>= netstandard1.1) (< netstandard1.2) (< win8)) (&& (< net45) (>= netstandard1.2) (< netstandard1.3) (< win8) (< wpa81)) (&& (< net45) (< netstandard1.2) (>= netstandard1.6) (< win8)) (&& (< net45) (>= netstandard1.3) (< netstandard1.4) (< win8) (< wpa81)) (&& (< net45) (< netstandard1.3) (>= netstandard1.6) (< win8) (< wpa81)) (&& (< net45) (>= netstandard1.4) (< netstandard1.5) (< win8) (< wpa81)) (&& (< net45) (< netstandard1.4) (>= netstandard1.6) (< win8) (< wpa81)) (&& (< net45) (>= netstandard1.5) (< netstandard1.6) (< win8) (< wpa81)) (&& (< net45) (< netstandard1.5) (>= netstandard1.6) (< win8) (< wpa81)) (&& (< net45) (>= netstandard1.6) (< netstandard2.0) (< win8) (< wpa81)) (&& (>= netcoreapp1.0) (< netstandard1.2)) (&& (>= netcoreapp1.0) (< netstandard1.3)) (&& (>= netcoreapp1.0) (< netstandard1.4)) (&& (>= netcoreapp1.0) (< netstandard1.5)) (&& (>= netcoreapp1.0) (< netstandard2.0)) (&& (>= netcoreapp1.0) (< portable-net45+win8+wpa81)) (&& (< netstandard1.0) (>= netstandard1.1) (< portable-net45+win8)) (&& (>= netstandard1.1) (< portable-net45+win8+wpa81)) (&& (>= netstandard1.6) (< portable-net45+win8+wpa81)) (&& (>= netstandard1.6) (>= uap10.0)) (&& (>= uap10.0) (< uap10.1)) (&& (>= uap10.0) (< win8) (< wpa81))
      Microsoft.NETCore.Platforms (>= 1.1) - restriction: || (>= dnxcore50) (&& (< monoandroid) (< monotouch) (< net45) (>= netstandard1.0) (< win8) (< wp8) (< wpa81) (< xamarinios) (< xamarinmac) (< xamarintvos) (< xamarinwatchos))
      Microsoft.NETCore.Targets (>= 1.1) - restriction: || (>= dnxcore50) (&& (< monoandroid) (< monotouch) (< net45) (>= netstandard1.0) (< win8) (< wp8) (< wpa81) (< xamarinios) (< xamarinmac) (< xamarintvos) (< xamarinwatchos))
      System.Globalization (>= 4.3) - restriction: || (>= dnxcore50) (&& (< monoandroid) (< monotouch) (< net45) (>= netstandard1.0) (< win8) (< wp8) (< wpa81) (< xamarinios) (< xamarinmac) (< xamarintvos) (< xamarinwatchos))
      System.Reflection (>= 4.3) - restriction: || (>= dnxcore50) (&& (< monoandroid) (< monotouch) (< net45) (>= netstandard1.0) (< win8) (< wp8) (< wpa81) (< xamarinios) (< xamarinmac) (< xamarintvos) (< xamarinwatchos))
      System.Runtime (>= 4.3) - restriction: || (>= dnxcore50) (&& (< monoandroid) (< monotouch) (< net45) (>= netstandard1.0) (< win8) (< wp8) (< wpa81) (< xamarinios) (< xamarinmac) (< xamarintvos) (< xamarinwatchos))
    System.Runtime (4.3) - restriction: || (&& (>= dnxcore50) (>= net46)) (&& (>= dnxcore50) (>= netcoreapp1.0)) (&& (>= dnxcore50) (>= netstandard1.1)) (&& (>= dnxcore50) (>= netstandard1.2)) (&& (>= dnxcore50) (>= netstandard1.3)) (&& (>= dnxcore50) (>= netstandard1.4)) (&& (>= dnxcore50) (>= netstandard1.5)) (&& (>= dnxcore50) (>= netstandard1.6)) (&& (>= dnxcore50) (>= uap10.0)) (&& (< monoandroid) (< net45) (< netstandard1.2) (>= netstandard1.3) (< win8)) (&& (< monoandroid) (< net45) (< netstandard1.3) (>= netstandard1.4) (< win8) (< wpa81)) (&& (< monoandroid) (< net45) (< netstandard1.3) (>= netstandard1.5) (< win8) (< wpa81)) (&& (< net45) (>= net46) (< netstandard1.3)) (&& (< net45) (>= net46) (< netstandard1.4)) (&& (< net45) (>= netstandard1.1) (< netstandard1.2) (< win8)) (&& (< net45) (>= netstandard1.2) (< netstandard1.3) (< win8) (< wpa81)) (&& (< net45) (< netstandard1.2) (>= netstandard1.6) (< win8)) (&& (< net45) (>= netstandard1.3) (< netstandard1.4) (< win8) (< wpa81)) (&& (< net45) (< netstandard1.3) (>= netstandard1.6) (< win8) (< wpa81)) (&& (< net45) (>= netstandard1.4) (< netstandard1.5) (< win8) (< wpa81)) (&& (< net45) (< netstandard1.4) (>= netstandard1.6) (< win8) (< wpa81)) (&& (< net45) (>= netstandard1.5) (< netstandard1.6) (< win8) (< wpa81)) (&& (< net45) (< netstandard1.5) (>= netstandard1.6) (< win8) (< wpa81)) (&& (< net45) (>= netstandard1.6) (< netstandard2.0) (< win8) (< wpa81)) (&& (>= netcoreapp1.0) (< netstandard1.2)) (&& (>= netcoreapp1.0) (< netstandard1.3)) (&& (>= netcoreapp1.0) (< netstandard1.4)) (&& (>= netcoreapp1.0) (< netstandard1.5)) (&& (>= netcoreapp1.0) (< netstandard2.0)) (&& (>= netcoreapp1.0) (< portable-net45+win8+wpa81)) (&& (>= netstandard1.1) (< portable-net45+win8+wpa81)) (&& (>= netstandard1.3) (< portable-net45+win8+wpa81)) (&& (< netstandard1.3) (>= uap10.0) (< win8) (< wpa81)) (&& (>= netstandard1.6) (< portable-net45+win8+wpa81)) (&& (>= netstandard1.6) (>= uap10.0)) (&& (< netstandard1.6) (>= uap10.0) (< win8) (< wpa81)) (&& (< netstandard2.0) (>= uap10.0) (< win8) (< wpa81)) (&& (>= uap10.0) (< uap10.1)) (&& (>= uap10.0) (< win81) (< wpa81))
      Microsoft.NETCore.Platforms (>= 1.1) - restriction: || (>= dnxcore50) (&& (< monoandroid) (< monotouch) (< net45) (>= netstandard1.5) (< win8) (< wpa81) (< xamarinios) (< xamarinmac) (< xamarintvos) (< xamarinwatchos)) (&& (< monoandroid) (< net45) (>= netstandard1.0) (< netstandard1.2) (< win8) (< wp8)) (&& (< monoandroid) (< net45) (>= netstandard1.2) (< netstandard1.3) (< win8) (< wpa81)) (&& (< monoandroid) (< net45) (>= netstandard1.3) (< netstandard1.5) (< win8) (< wpa81))
      Microsoft.NETCore.Targets (>= 1.1) - restriction: || (>= dnxcore50) (&& (< monoandroid) (< monotouch) (< net45) (>= netstandard1.5) (< win8) (< wpa81) (< xamarinios) (< xamarinmac) (< xamarintvos) (< xamarinwatchos)) (&& (< monoandroid) (< net45) (>= netstandard1.0) (< netstandard1.2) (< win8) (< wp8)) (&& (< monoandroid) (< net45) (>= netstandard1.2) (< netstandard1.3) (< win8) (< wpa81)) (&& (< monoandroid) (< net45) (>= netstandard1.3) (< netstandard1.5) (< win8) (< wpa81))
    System.Runtime.CompilerServices.Unsafe (4.5.1) - restriction: || (&& (>= dnxcore50) (>= net45)) (&& (>= dnxcore50) (>= net46)) (&& (>= dnxcore50) (>= netstandard1.1)) (&& (>= dnxcore50) (>= netstandard1.2)) (&& (>= dnxcore50) (>= netstandard1.3)) (&& (>= dnxcore50) (>= netstandard1.4)) (&& (>= dnxcore50) (>= netstandard1.5)) (&& (>= dnxcore50) (>= netstandard1.6)) (&& (>= dnxcore50) (>= netstandard2.0)) (&& (>= dnxcore50) (>= uap10.0)) (&& (>= dnxcore50) (>= wpa81)) (&& (< monoandroid) (< monotouch) (< net45) (>= netstandard1.6) (< netstandard2.0) (< win8) (< wpa81) (< xamarinios) (< xamarinmac) (< xamarintvos) (< xamarinwatchos)) (&& (< monoandroid) (< net45) (< netstandard1.2) (>= netstandard1.3) (< win8)) (&& (< monoandroid) (< net45) (>= netstandard1.3) (< netstandard1.4) (< win8) (< wpa81)) (&& (< monoandroid) (< net45) (>= netstandard1.4) (< netstandard1.5) (< win8) (< wpa81)) (&& (< monoandroid) (< net45) (>= netstandard1.5) (< netstandard1.6) (< win8) (< wpa81)) (&& (< monoandroid) (< netstandard1.0) (>= netstandard1.3) (< win8)) (&& (< monoandroid) (< netstandard1.0) (>= netstandard1.4) (< win8)) (&& (< monoandroid) (< netstandard1.0) (>= netstandard1.5) (< win8)) (&& (< monoandroid) (< netstandard1.0) (>= netstandard1.6) (< win8)) (&& (>= net45) (>= uap10.0)) (&& (< net45) (>= net46) (< netstandard1.4)) (&& (< net45) (< netstandard1.2) (>= netstandard2.0) (< win8)) (&& (< net45) (< netstandard1.4) (>= netstandard2.0) (< win8) (< wpa81)) (&& (< net45) (< netstandard1.5) (>= netstandard2.0) (< win8) (< wpa81)) (&& (< net45) (< netstandard1.6) (>= netstandard2.0) (< win8) (< wpa81)) (&& (>= net46) (< netstandard1.0)) (&& (>= net46) (< netstandard1.4) (>= wpa81)) (&& (>= net46) (>= wp8)) (&& (< netstandard1.0) (>= uap10.0) (< win8)) (&& (< netstandard1.2) (>= netstandard1.3) (< win8) (>= wpa81)) (&& (>= netstandard1.3) (< portable-net45+win8+wpa81)) (&& (>= netstandard1.3) (>= wp8)) (&& (>= netstandard1.4) (>= wp8)) (&& (>= netstandard1.5) (>= wp8)) (&& (>= netstandard1.6) (>= wp8)) (&& (>= netstandard2.0) (< portable-net45+win8+wpa81)) (&& (>= netstandard2.0) (>= uap10.0) (< win8) (< wpa81)) (&& (< netstandard2.0) (>= uap10.0) (< win8) (< wpa81)) (&& (>= uap10.0) (>= wp8))
      System.Runtime (>= 4.3) - restriction: && (< net45) (>= netstandard1.0) (< netstandard2.0) (< win8) (< wp8) (< wpa81)
    System.Runtime.Extensions (4.3) - restriction: || (&& (>= dnxcore50) (>= net46)) (&& (>= dnxcore50) (>= netstandard1.1)) (&& (>= dnxcore50) (>= netstandard1.2)) (&& (>= dnxcore50) (>= netstandard1.3)) (&& (>= dnxcore50) (>= netstandard1.4)) (&& (>= dnxcore50) (>= netstandard1.5)) (&& (>= dnxcore50) (>= netstandard1.6)) (&& (>= dnxcore50) (>= uap10.0)) (&& (< monoandroid) (< net45) (< netstandard1.2) (>= netstandard1.3) (< win8)) (&& (< net45) (>= net46) (< netstandard1.4)) (&& (< net45) (>= netstandard1.1) (< netstandard1.2) (< win8)) (&& (< net45) (>= netstandard1.2) (< netstandard1.3) (< win8) (< wpa81)) (&& (< net45) (< netstandard1.2) (>= netstandard1.6) (< win8)) (&& (< net45) (>= netstandard1.3) (< netstandard1.4) (< win8) (< wpa81)) (&& (< net45) (< netstandard1.3) (>= netstandard1.6) (< win8) (< wpa81)) (&& (< net45) (>= netstandard1.4) (< netstandard1.5) (< win8) (< wpa81)) (&& (< net45) (< netstandard1.4) (>= netstandard1.6) (< win8) (< wpa81)) (&& (< net45) (>= netstandard1.5) (< netstandard1.6) (< win8) (< wpa81)) (&& (< net45) (< netstandard1.5) (>= netstandard1.6) (< win8) (< wpa81)) (&& (< net45) (>= netstandard1.6) (< netstandard2.0) (< win8) (< wpa81)) (&& (>= netstandard1.1) (< portable-net45+win8+wpa81)) (&& (>= netstandard1.6) (< portable-net45+win8+wpa81)) (&& (>= netstandard1.6) (>= uap10.0)) (&& (< netstandard1.6) (>= uap10.0) (< win8) (< wpa81)) (&& (>= uap10.0) (< uap10.1))
      Microsoft.NETCore.Platforms (>= 1.1) - restriction: || (>= dnxcore50) (&& (< monoandroid) (< monotouch) (< net45) (>= netstandard1.5) (< win8) (< wpa81) (< xamarinios) (< xamarinmac) (< xamarintvos) (< xamarinwatchos)) (&& (< monoandroid) (< net45) (>= netstandard1.0) (< netstandard1.3) (< win8) (< wp8) (< wpa81)) (&& (< monoandroid) (< net45) (>= netstandard1.3) (< netstandard1.5) (< win8) (< wpa81))
      Microsoft.NETCore.Targets (>= 1.1) - restriction: || (>= dnxcore50) (&& (< monoandroid) (< monotouch) (< net45) (>= netstandard1.5) (< win8) (< wpa81) (< xamarinios) (< xamarinmac) (< xamarintvos) (< xamarinwatchos)) (&& (< monoandroid) (< net45) (>= netstandard1.0) (< netstandard1.3) (< win8) (< wp8) (< wpa81)) (&& (< monoandroid) (< net45) (>= netstandard1.3) (< netstandard1.5) (< win8) (< wpa81))
      System.Runtime (>= 4.3) - restriction: || (>= dnxcore50) (&& (< monoandroid) (< monotouch) (< net45) (>= netstandard1.5) (< win8) (< wpa81) (< xamarinios) (< xamarinmac) (< xamarintvos) (< xamarinwatchos)) (&& (< monoandroid) (< net45) (>= netstandard1.0) (< netstandard1.3) (< win8) (< wp8) (< wpa81)) (&& (< monoandroid) (< net45) (>= netstandard1.3) (< netstandard1.5) (< win8) (< wpa81))
    System.Runtime.Handles (4.3) - restriction: || (&& (>= dnxcore50) (>= net46)) (&& (>= dnxcore50) (>= netstandard1.3)) (&& (>= dnxcore50) (>= netstandard1.4)) (&& (>= dnxcore50) (>= netstandard1.5)) (&& (>= dnxcore50) (>= netstandard1.6)) (&& (>= dnxcore50) (>= uap10.0)) (&& (< monoandroid) (< net45) (< netstandard1.2) (>= netstandard1.3) (< win8)) (&& (< monoandroid) (< net45) (< netstandard1.2) (>= netstandard1.6) (< win8)) (&& (< monoandroid) (< net45) (< netstandard1.3) (>= netstandard1.6) (< win8) (< wpa81)) (&& (< net45) (>= net46) (< netstandard1.4)) (&& (< net45) (>= netstandard1.3) (< netstandard1.4) (< win8) (< wpa81)) (&& (< net45) (>= netstandard1.4) (< netstandard1.5) (< win8) (< wpa81)) (&& (< net45) (< netstandard1.4) (>= netstandard1.6) (< win8) (< wpa81)) (&& (< net45) (>= netstandard1.5) (< netstandard1.6) (< win8) (< wpa81)) (&& (< net45) (< netstandard1.5) (>= netstandard1.6) (< win8) (< wpa81)) (&& (< net45) (>= netstandard1.6) (< netstandard2.0) (< win8) (< wpa81)) (&& (>= netstandard1.6) (>= uap10.0)) (&& (< netstandard1.6) (>= uap10.0) (< win8) (< wpa81)) (&& (>= uap10.0) (< uap10.1))
      Microsoft.NETCore.Platforms (>= 1.1) - restriction: && (< monoandroid) (< monotouch) (< net46) (>= netstandard1.3) (< xamarinios) (< xamarinmac) (< xamarintvos) (< xamarinwatchos)
      Microsoft.NETCore.Targets (>= 1.1) - restriction: && (< monoandroid) (< monotouch) (< net46) (>= netstandard1.3) (< xamarinios) (< xamarinmac) (< xamarintvos) (< xamarinwatchos)
      System.Runtime (>= 4.3) - restriction: && (< monoandroid) (< monotouch) (< net46) (>= netstandard1.3) (< xamarinios) (< xamarinmac) (< xamarintvos) (< xamarinwatchos)
    System.Runtime.InteropServices (4.3) - restriction: || (&& (>= dnxcore50) (>= net46)) (&& (>= dnxcore50) (>= netstandard1.1)) (&& (>= dnxcore50) (>= netstandard1.2)) (&& (>= dnxcore50) (>= netstandard1.3)) (&& (>= dnxcore50) (>= netstandard1.4)) (&& (>= dnxcore50) (>= netstandard1.5)) (&& (>= dnxcore50) (>= netstandard1.6)) (&& (>= dnxcore50) (>= uap10.0)) (&& (< monoandroid) (< net45) (< netstandard1.2) (>= netstandard1.3) (< win8)) (&& (< monoandroid) (< net45) (< netstandard1.2) (>= netstandard1.6) (< win8)) (&& (< monoandroid) (< net45) (< netstandard1.3) (>= netstandard1.6) (< win8) (< wpa81)) (&& (< monoandroid) (< netstandard1.0) (>= netstandard1.1) (< win8)) (&& (< net45) (>= net46) (< netstandard1.4)) (&& (< net45) (>= netstandard1.1) (< netstandard1.2) (< win8)) (&& (< net45) (>= netstandard1.2) (< netstandard1.3) (< win8) (< wpa81)) (&& (< net45) (>= netstandard1.3) (< netstandard1.4) (< win8) (< wpa81)) (&& (< net45) (>= netstandard1.4) (< netstandard1.5) (< win8) (< wpa81)) (&& (< net45) (< netstandard1.4) (>= netstandard1.6) (< win8) (< wpa81)) (&& (< net45) (>= netstandard1.5) (< netstandard1.6) (< win8) (< wpa81)) (&& (< net45) (< netstandard1.5) (>= netstandard1.6) (< win8) (< wpa81)) (&& (< net45) (>= netstandard1.6) (< netstandard2.0) (< win8) (< wpa81)) (&& (< netstandard1.0) (>= netstandard1.1) (< portable-net45+win8)) (&& (>= netstandard1.6) (>= uap10.0)) (&& (>= uap10.0) (< uap10.1)) (&& (>= uap10.0) (< win8) (< wpa81))
      Microsoft.NETCore.Platforms (>= 1.1) - restriction: || (>= dnxcore50) (&& (< monoandroid) (< monotouch) (< net45) (>= netstandard1.5) (< win8) (< wpa81) (< xamarinios) (< xamarinmac) (< xamarintvos) (< xamarinwatchos)) (&& (< monoandroid) (< net45) (>= netstandard1.1) (< netstandard1.2) (< win8)) (&& (< monoandroid) (< net45) (>= netstandard1.2) (< netstandard1.3) (< win8) (< wpa81)) (&& (< monoandroid) (< net45) (>= netstandard1.3) (< netstandard1.5) (< win8) (< wpa81)) (>= netcoreapp1.1)
      Microsoft.NETCore.Targets (>= 1.1) - restriction: || (>= dnxcore50) (&& (< monoandroid) (< monotouch) (< net45) (>= netstandard1.5) (< win8) (< wpa81) (< xamarinios) (< xamarinmac) (< xamarintvos) (< xamarinwatchos)) (&& (< monoandroid) (< net45) (>= netstandard1.1) (< netstandard1.2) (< win8)) (&& (< monoandroid) (< net45) (>= netstandard1.2) (< netstandard1.3) (< win8) (< wpa81)) (&& (< monoandroid) (< net45) (>= netstandard1.3) (< netstandard1.5) (< win8) (< wpa81)) (>= netcoreapp1.1)
      System.Reflection (>= 4.3) - restriction: || (>= dnxcore50) (&& (< monoandroid) (< monotouch) (< net45) (>= netstandard1.5) (< win8) (< wpa81) (< xamarinios) (< xamarinmac) (< xamarintvos) (< xamarinwatchos)) (&& (< monoandroid) (< net45) (>= netstandard1.1) (< netstandard1.2) (< win8)) (&& (< monoandroid) (< net45) (>= netstandard1.2) (< netstandard1.3) (< win8) (< wpa81)) (&& (< monoandroid) (< net45) (>= netstandard1.3) (< netstandard1.5) (< win8) (< wpa81)) (>= netcoreapp1.1)
      System.Reflection.Primitives (>= 4.3) - restriction: || (>= dnxcore50) (&& (< monoandroid) (< monotouch) (< net45) (>= netstandard1.5) (< win8) (< wpa81) (< xamarinios) (< xamarinmac) (< xamarintvos) (< xamarinwatchos)) (&& (< monoandroid) (< net45) (>= netstandard1.1) (< netstandard1.2) (< win8)) (&& (< monoandroid) (< net45) (>= netstandard1.2) (< netstandard1.3) (< win8) (< wpa81)) (&& (< monoandroid) (< net45) (>= netstandard1.3) (< netstandard1.5) (< win8) (< wpa81)) (>= netcoreapp1.1)
      System.Runtime (>= 4.3) - restriction: || (>= dnxcore50) (&& (< monoandroid) (< monotouch) (< net45) (>= netstandard1.5) (< win8) (< wpa81) (< xamarinios) (< xamarinmac) (< xamarintvos) (< xamarinwatchos)) (&& (< monoandroid) (< net45) (>= netstandard1.1) (< netstandard1.2) (< win8)) (&& (< monoandroid) (< net45) (>= netstandard1.2) (< netstandard1.3) (< win8) (< wpa81)) (&& (< monoandroid) (< net45) (>= netstandard1.3) (< netstandard1.5) (< win8) (< wpa81)) (>= net462) (>= netcoreapp1.1)
      System.Runtime.Handles (>= 4.3) - restriction: || (>= dnxcore50) (&& (< monoandroid) (< monotouch) (< net45) (>= netstandard1.5) (< win8) (< wpa81) (< xamarinios) (< xamarinmac) (< xamarintvos) (< xamarinwatchos)) (&& (< monoandroid) (< net45) (>= netstandard1.3) (< netstandard1.5) (< win8) (< wpa81)) (>= netcoreapp1.1)
    System.Runtime.InteropServices.RuntimeInformation (4.3) - restriction: || (&& (< net45) (>= net46) (< netstandard1.4)) (&& (< net45) (>= netstandard1.1) (< netstandard1.2) (< win8)) (&& (< net45) (>= netstandard1.2) (< netstandard1.3) (< win8) (< wpa81)) (&& (< net45) (>= netstandard1.3) (< netstandard1.4) (< win8) (< wpa81)) (&& (< net45) (>= netstandard1.4) (< netstandard1.5) (< win8) (< wpa81)) (&& (< net45) (>= netstandard1.5) (< netstandard1.6) (< win8) (< wpa81)) (&& (< net45) (>= netstandard1.6) (< netstandard2.0) (< win8) (< wpa81)) (&& (< netstandard1.0) (>= netstandard1.1) (< portable-net45+win8)) (&& (< netstandard1.0) (>= netstandard1.1) (>= win8)) (&& (< netstandard1.0) (>= netstandard1.1) (< win8)) (&& (< netstandard1.3) (< win8) (>= wpa81)) (&& (>= uap10.0) (< uap10.1))
      runtime.native.System (>= 4.3) - restriction: && (< monoandroid) (< monotouch) (< net45) (>= netstandard1.1) (< win8) (< wpa81) (< xamarinios) (< xamarinmac) (< xamarintvos) (< xamarinwatchos)
      System.Reflection (>= 4.3) - restriction: || (>= dnxcore50) (&& (< monoandroid) (< monotouch) (< net45) (>= netstandard1.1) (< win8) (< wpa81) (< xamarinios) (< xamarinmac) (< xamarintvos) (< xamarinwatchos))
      System.Reflection.Extensions (>= 4.3) - restriction: || (>= dnxcore50) (&& (< monoandroid) (< monotouch) (< net45) (>= netstandard1.1) (< win8) (< wpa81) (< xamarinios) (< xamarinmac) (< xamarintvos) (< xamarinwatchos))
      System.Resources.ResourceManager (>= 4.3) - restriction: || (>= dnxcore50) (&& (< monoandroid) (< monotouch) (< net45) (>= netstandard1.1) (< win8) (< wpa81) (< xamarinios) (< xamarinmac) (< xamarintvos) (< xamarinwatchos))
      System.Runtime (>= 4.3) - restriction: || (>= dnxcore50) (&& (< monoandroid) (< monotouch) (< net45) (>= netstandard1.1) (< win8) (< wpa81) (< xamarinios) (< xamarinmac) (< xamarintvos) (< xamarinwatchos))
      System.Runtime.InteropServices (>= 4.3) - restriction: && (< monoandroid) (< monotouch) (< net45) (>= netstandard1.1) (< win8) (< wpa81) (< xamarinios) (< xamarinmac) (< xamarintvos) (< xamarinwatchos)
      System.Threading (>= 4.3) - restriction: || (>= dnxcore50) (&& (< monoandroid) (< monotouch) (< net45) (>= netstandard1.1) (< win8) (< wpa81) (< xamarinios) (< xamarinmac) (< xamarintvos) (< xamarinwatchos))
    System.Runtime.Numerics (4.3) - restriction: || (&& (>= dnxcore50) (>= net46)) (&& (>= dnxcore50) (>= netstandard1.3)) (&& (>= dnxcore50) (>= netstandard1.4)) (&& (>= dnxcore50) (>= netstandard1.5)) (&& (>= dnxcore50) (>= netstandard1.6)) (&& (>= dnxcore50) (>= uap10.0)) (&& (< monoandroid) (< net45) (< netstandard1.2) (>= netstandard1.6) (< win8)) (&& (< monoandroid) (< net45) (< netstandard1.3) (>= netstandard1.6) (< win8) (< wpa81)) (&& (< net45) (>= net46) (< netstandard1.4) (>= netstandard1.6)) (&& (< net45) (>= netstandard1.1) (< netstandard1.2) (< win8)) (&& (< net45) (>= netstandard1.2) (< netstandard1.3) (< win8) (< wpa81)) (&& (< net45) (>= netstandard1.3) (< netstandard1.4) (< win8) (< wpa81)) (&& (< net45) (>= netstandard1.4) (< netstandard1.5) (< win8) (< wpa81)) (&& (< net45) (< netstandard1.4) (>= netstandard1.6) (< win8) (< wpa81)) (&& (< net45) (>= netstandard1.5) (< netstandard1.6) (< win8) (< wpa81)) (&& (< net45) (< netstandard1.5) (>= netstandard1.6) (< win8) (< wpa81)) (&& (< net45) (>= netstandard1.6) (< netstandard2.0) (< win8) (< wpa81)) (&& (>= netstandard1.6) (>= uap10.0)) (&& (>= uap10.0) (< uap10.1))
      System.Globalization (>= 4.3) - restriction: || (>= dnxcore50) (&& (< monoandroid) (< monotouch) (< net45) (>= netstandard1.3) (< win8) (< wpa81) (< xamarinios) (< xamarinmac) (< xamarintvos) (< xamarinwatchos))
      System.Resources.ResourceManager (>= 4.3) - restriction: || (>= dnxcore50) (&& (< monoandroid) (< monotouch) (< net45) (>= netstandard1.3) (< win8) (< wpa81) (< xamarinios) (< xamarinmac) (< xamarintvos) (< xamarinwatchos))
      System.Runtime (>= 4.3) - restriction: || (>= dnxcore50) (&& (< monoandroid) (< monotouch) (< net45) (>= netstandard1.3) (< win8) (< wpa81) (< xamarinios) (< xamarinmac) (< xamarintvos) (< xamarinwatchos)) (&& (< monoandroid) (< net45) (>= netstandard1.1) (< netstandard1.3) (< win8) (< wpa81))
      System.Runtime.Extensions (>= 4.3) - restriction: || (>= dnxcore50) (&& (< monoandroid) (< monotouch) (< net45) (>= netstandard1.3) (< win8) (< wpa81) (< xamarinios) (< xamarinmac) (< xamarintvos) (< xamarinwatchos))
    System.Security.Cryptography.Algorithms (4.3.1) - restriction: || (&& (>= dnxcore50) (>= net46)) (&& (>= dnxcore50) (>= netstandard1.3)) (&& (>= dnxcore50) (>= netstandard1.4)) (&& (>= dnxcore50) (>= netstandard1.5)) (&& (>= dnxcore50) (>= netstandard1.6)) (&& (>= dnxcore50) (>= uap10.0)) (&& (< monoandroid) (< net45) (< netstandard1.2) (>= netstandard1.6) (< win8)) (&& (< monoandroid) (< net45) (< netstandard1.3) (>= netstandard1.6) (< win8) (< wpa81)) (&& (< monoandroid) (< net45) (< netstandard1.4) (>= netstandard1.5) (< win8) (< wpa81)) (&& (< monoandroid) (< net45) (< netstandard1.4) (>= netstandard1.6) (< win8) (< wpa81)) (&& (< monoandroid) (< net45) (< netstandard1.5) (>= netstandard1.6) (< win8) (< wpa81)) (&& (< net45) (>= net46) (< netstandard1.4)) (&& (< net45) (>= net46) (< netstandard1.5) (>= netstandard1.6)) (&& (< net45) (>= net46) (>= netstandard1.6) (< netstandard2.0)) (&& (< net45) (>= net461) (< netstandard1.4)) (&& (< net45) (>= net461) (>= netstandard1.5) (< netstandard1.6)) (&& (< net45) (>= net461) (< netstandard1.5)) (&& (< net45) (>= net461) (>= netstandard1.6) (< netstandard2.0)) (&& (< net45) (>= netstandard1.3) (< netstandard1.4) (< win8) (< wpa81)) (&& (< net45) (>= netstandard1.4) (< netstandard1.5) (< win8) (< wpa81)) (&& (< net45) (>= netstandard1.5) (< netstandard1.6) (< win8) (< wpa81)) (&& (< net45) (>= netstandard1.6) (< netstandard2.0) (< win8) (< wpa81)) (&& (>= net461) (>= uap10.0)) (&& (< netstandard1.4) (>= uap10.0)) (&& (>= netstandard1.6) (>= uap10.0)) (&& (>= uap10.0) (< uap10.1))
      Microsoft.NETCore.Platforms (>= 1.1) - restriction: || (>= dnxcore50) (&& (< monotouch) (< net46) (>= netstandard1.6) (< xamarinios) (< xamarinmac) (< xamarintvos) (< xamarinwatchos))
      runtime.native.System.Security.Cryptography.Apple (>= 4.3.1) - restriction: && (< monotouch) (< net46) (>= netstandard1.6) (< xamarinios) (< xamarinmac) (< xamarintvos) (< xamarinwatchos)
      runtime.native.System.Security.Cryptography.OpenSsl (>= 4.3.2) - restriction: && (< monotouch) (< net46) (>= netstandard1.6) (< xamarinios) (< xamarinmac) (< xamarintvos) (< xamarinwatchos)
      System.Collections (>= 4.3) - restriction: && (< monotouch) (< net46) (>= netstandard1.6) (< xamarinios) (< xamarinmac) (< xamarintvos) (< xamarinwatchos)
      System.IO (>= 4.3) - restriction: || (>= dnxcore50) (&& (< monoandroid) (< net46) (>= netstandard1.3) (< netstandard1.4)) (&& (< monoandroid) (< net46) (>= netstandard1.4) (< netstandard1.6)) (&& (< monotouch) (< net46) (>= netstandard1.6) (< xamarinios) (< xamarinmac) (< xamarintvos) (< xamarinwatchos)) (>= net463)
      System.Resources.ResourceManager (>= 4.3) - restriction: || (>= dnxcore50) (&& (< monotouch) (< net46) (>= netstandard1.6) (< xamarinios) (< xamarinmac) (< xamarintvos) (< xamarinwatchos))
      System.Runtime (>= 4.3) - restriction: || (>= dnxcore50) (&& (< monoandroid) (< net46) (>= netstandard1.3) (< netstandard1.4)) (&& (< monoandroid) (< net46) (>= netstandard1.4) (< netstandard1.6)) (&& (< monotouch) (< net46) (>= netstandard1.6) (< xamarinios) (< xamarinmac) (< xamarintvos) (< xamarinwatchos)) (>= net463)
      System.Runtime.Extensions (>= 4.3) - restriction: || (>= dnxcore50) (&& (< monotouch) (< net46) (>= netstandard1.6) (< xamarinios) (< xamarinmac) (< xamarintvos) (< xamarinwatchos))
      System.Runtime.Handles (>= 4.3) - restriction: || (>= dnxcore50) (&& (< monotouch) (< net46) (>= netstandard1.6) (< xamarinios) (< xamarinmac) (< xamarintvos) (< xamarinwatchos))
      System.Runtime.InteropServices (>= 4.3) - restriction: || (>= dnxcore50) (&& (< monotouch) (< net46) (>= netstandard1.6) (< xamarinios) (< xamarinmac) (< xamarintvos) (< xamarinwatchos))
      System.Runtime.Numerics (>= 4.3) - restriction: && (< monotouch) (< net46) (>= netstandard1.6) (< xamarinios) (< xamarinmac) (< xamarintvos) (< xamarinwatchos)
      System.Security.Cryptography.Encoding (>= 4.3) - restriction: || (>= dnxcore50) (&& (< monotouch) (< net46) (>= netstandard1.6) (< xamarinios) (< xamarinmac) (< xamarintvos) (< xamarinwatchos)) (>= net463)
      System.Security.Cryptography.Primitives (>= 4.3) - restriction: || (>= dnxcore50) (&& (< monoandroid) (< net46) (>= netstandard1.3) (< netstandard1.4)) (&& (< monoandroid) (< net46) (>= netstandard1.4) (< netstandard1.6)) (&& (< monotouch) (< net46) (>= netstandard1.6) (< xamarinios) (< xamarinmac) (< xamarintvos) (< xamarinwatchos)) (&& (>= net46) (< netstandard1.4)) (&& (>= net461) (< netstandard1.6)) (>= net463)
      System.Text.Encoding (>= 4.3) - restriction: || (>= dnxcore50) (&& (< monotouch) (< net46) (>= netstandard1.6) (< xamarinios) (< xamarinmac) (< xamarintvos) (< xamarinwatchos))
    System.Security.Cryptography.Cng (4.5) - restriction: || (&& (>= dnxcore50) (>= net46)) (&& (>= dnxcore50) (>= netstandard1.3)) (&& (>= dnxcore50) (>= netstandard1.4)) (&& (>= dnxcore50) (>= netstandard1.5)) (&& (>= dnxcore50) (>= netstandard1.6)) (&& (>= dnxcore50) (>= uap10.0)) (&& (< monoandroid) (< monotouch) (< net45) (>= netstandard1.6) (< netstandard2.0) (< win8) (< wpa81) (< xamarinios) (< xamarinmac) (< xamarintvos) (< xamarinwatchos)) (&& (< monoandroid) (< net45) (< netstandard1.4) (>= netstandard1.6) (< win8) (< wpa81)) (&& (< monoandroid) (< net45) (< netstandard1.5) (>= netstandard1.6) (< win8) (< wpa81)) (&& (< net45) (>= net46) (< netstandard1.4) (>= netstandard1.6)) (&& (>= netstandard1.6) (>= uap10.0))
      System.IO (>= 4.3) - restriction: || (&& (< monoandroid) (< monotouch) (< net46) (>= netstandard1.6) (< netstandard2.0) (< xamarinios) (< xamarinmac) (< xamarintvos) (< xamarinwatchos)) (&& (< monoandroid) (< net46) (>= netstandard1.3) (< netstandard1.4)) (&& (< monoandroid) (< net46) (>= netstandard1.4) (< netstandard1.6) (< uap10.1))
      System.Resources.ResourceManager (>= 4.3) - restriction: || (&& (< monoandroid) (< monotouch) (< net46) (>= netstandard1.6) (< netstandard2.0) (< xamarinios) (< xamarinmac) (< xamarintvos) (< xamarinwatchos)) (&& (< monoandroid) (< net46) (>= netstandard1.3) (< netstandard1.4)) (&& (< monoandroid) (< net46) (>= netstandard1.4) (< netstandard1.6) (< uap10.1))
      System.Runtime (>= 4.3) - restriction: || (&& (< monoandroid) (< monotouch) (< net46) (>= netstandard1.6) (< netstandard2.0) (< xamarinios) (< xamarinmac) (< xamarintvos) (< xamarinwatchos)) (&& (< monoandroid) (< net46) (>= netstandard1.3) (< netstandard1.4)) (&& (< monoandroid) (< net46) (>= netstandard1.4) (< netstandard1.6) (< uap10.1))
      System.Runtime.Extensions (>= 4.3) - restriction: || (&& (< monoandroid) (< monotouch) (< net46) (>= netstandard1.6) (< netstandard2.0) (< xamarinios) (< xamarinmac) (< xamarintvos) (< xamarinwatchos)) (&& (< monoandroid) (< net46) (>= netstandard1.4) (< netstandard1.6) (< uap10.1))
      System.Runtime.Handles (>= 4.3) - restriction: || (&& (< monoandroid) (< monotouch) (< net46) (>= netstandard1.6) (< netstandard2.0) (< xamarinios) (< xamarinmac) (< xamarintvos) (< xamarinwatchos)) (&& (< monoandroid) (< net46) (>= netstandard1.3) (< netstandard1.4)) (&& (< monoandroid) (< net46) (>= netstandard1.4) (< netstandard1.6) (< uap10.1))
      System.Runtime.InteropServices (>= 4.3) - restriction: || (&& (< monoandroid) (< monotouch) (< net46) (>= netstandard1.6) (< netstandard2.0) (< xamarinios) (< xamarinmac) (< xamarintvos) (< xamarinwatchos)) (&& (< monoandroid) (< net46) (>= netstandard1.3) (< netstandard1.4)) (&& (< monoandroid) (< net46) (>= netstandard1.4) (< netstandard1.6) (< uap10.1))
      System.Security.Cryptography.Algorithms (>= 4.3) - restriction: || (&& (< monoandroid) (< monotouch) (< net46) (>= netstandard1.6) (< netstandard2.0) (< xamarinios) (< xamarinmac) (< xamarintvos) (< xamarinwatchos)) (&& (< monoandroid) (< net46) (>= netstandard1.3) (< netstandard1.4)) (&& (< monoandroid) (< net46) (>= netstandard1.4) (< netstandard1.6) (< uap10.1)) (&& (>= net46) (< netstandard1.4))
      System.Security.Cryptography.Encoding (>= 4.3) - restriction: || (&& (< monoandroid) (< monotouch) (< net46) (>= netstandard1.6) (< netstandard2.0) (< xamarinios) (< xamarinmac) (< xamarintvos) (< xamarinwatchos)) (&& (< monoandroid) (< net46) (>= netstandard1.4) (< netstandard1.6) (< uap10.1))
      System.Security.Cryptography.Primitives (>= 4.3) - restriction: || (&& (< monoandroid) (< monotouch) (< net46) (>= netstandard1.6) (< netstandard2.0) (< xamarinios) (< xamarinmac) (< xamarintvos) (< xamarinwatchos)) (&& (< monoandroid) (< net46) (>= netstandard1.3) (< netstandard1.4)) (&& (< monoandroid) (< net46) (>= netstandard1.4) (< netstandard1.6) (< uap10.1)) (&& (>= net46) (< netstandard1.4))
      System.Text.Encoding (>= 4.3) - restriction: || (&& (< monoandroid) (< monotouch) (< net46) (>= netstandard1.6) (< netstandard2.0) (< xamarinios) (< xamarinmac) (< xamarintvos) (< xamarinwatchos)) (&& (< monoandroid) (< net46) (>= netstandard1.4) (< netstandard1.6) (< uap10.1))
    System.Security.Cryptography.Csp (4.3) - restriction: || (&& (< monoandroid) (< monotouch) (< net45) (>= netstandard1.6) (< netstandard2.0) (< win8) (< wpa81) (< xamarinios) (< xamarinmac) (< xamarintvos) (< xamarinwatchos)) (&& (< monoandroid) (< net45) (< netstandard1.4) (>= netstandard1.6) (< win8) (< wpa81)) (&& (< monoandroid) (< net45) (< netstandard1.5) (>= netstandard1.6) (< win8) (< wpa81)) (&& (< net45) (>= net46) (< netstandard1.4) (>= netstandard1.6)) (&& (>= netstandard1.6) (>= uap10.0))
      Microsoft.NETCore.Platforms (>= 1.1) - restriction: && (< monoandroid) (< monotouch) (< net46) (>= netstandard1.3) (< xamarinios) (< xamarinmac) (< xamarintvos) (< xamarinwatchos)
      System.IO (>= 4.3) - restriction: && (< monoandroid) (< monotouch) (< net46) (>= netstandard1.3) (< xamarinios) (< xamarinmac) (< xamarintvos) (< xamarinwatchos)
      System.Reflection (>= 4.3) - restriction: && (< monoandroid) (< monotouch) (< net46) (>= netstandard1.3) (< xamarinios) (< xamarinmac) (< xamarintvos) (< xamarinwatchos)
      System.Resources.ResourceManager (>= 4.3) - restriction: && (< monoandroid) (< monotouch) (< net46) (>= netstandard1.3) (< xamarinios) (< xamarinmac) (< xamarintvos) (< xamarinwatchos)
      System.Runtime (>= 4.3) - restriction: && (< monoandroid) (< monotouch) (< net46) (>= netstandard1.3) (< xamarinios) (< xamarinmac) (< xamarintvos) (< xamarinwatchos)
      System.Runtime.Extensions (>= 4.3) - restriction: && (< monoandroid) (< monotouch) (< net46) (>= netstandard1.3) (< xamarinios) (< xamarinmac) (< xamarintvos) (< xamarinwatchos)
      System.Runtime.Handles (>= 4.3) - restriction: && (< monoandroid) (< monotouch) (< net46) (>= netstandard1.3) (< xamarinios) (< xamarinmac) (< xamarintvos) (< xamarinwatchos)
      System.Runtime.InteropServices (>= 4.3) - restriction: && (< monoandroid) (< monotouch) (< net46) (>= netstandard1.3) (< xamarinios) (< xamarinmac) (< xamarintvos) (< xamarinwatchos)
      System.Security.Cryptography.Algorithms (>= 4.3) - restriction: || (&& (< monoandroid) (< monotouch) (>= netstandard1.3) (< xamarinios) (< xamarinmac) (< xamarintvos) (< xamarinwatchos)) (>= net46)
      System.Security.Cryptography.Encoding (>= 4.3) - restriction: && (< monoandroid) (< monotouch) (< net46) (>= netstandard1.3) (< xamarinios) (< xamarinmac) (< xamarintvos) (< xamarinwatchos)
      System.Security.Cryptography.Primitives (>= 4.3) - restriction: || (&& (< monoandroid) (< monotouch) (>= netstandard1.3) (< xamarinios) (< xamarinmac) (< xamarintvos) (< xamarinwatchos)) (>= net46)
      System.Text.Encoding (>= 4.3) - restriction: && (< monoandroid) (< monotouch) (< net46) (>= netstandard1.3) (< xamarinios) (< xamarinmac) (< xamarintvos) (< xamarinwatchos)
      System.Threading (>= 4.3) - restriction: && (< monoandroid) (< monotouch) (< net46) (>= netstandard1.3) (< xamarinios) (< xamarinmac) (< xamarintvos) (< xamarinwatchos)
    System.Security.Cryptography.Encoding (4.3) - restriction: || (&& (>= dnxcore50) (>= net46)) (&& (>= dnxcore50) (>= netstandard1.3)) (&& (>= dnxcore50) (>= netstandard1.4)) (&& (>= dnxcore50) (>= netstandard1.5)) (&& (>= dnxcore50) (>= netstandard1.6)) (&& (>= dnxcore50) (>= uap10.0)) (&& (< monoandroid) (< net45) (< netstandard1.2) (>= netstandard1.3) (< win8)) (&& (< monoandroid) (< net45) (< netstandard1.2) (>= netstandard1.6) (< win8)) (&& (< monoandroid) (< net45) (< netstandard1.3) (>= netstandard1.6) (< win8) (< wpa81)) (&& (< monoandroid) (< net45) (< netstandard1.4) (>= netstandard1.5) (< win8) (< wpa81)) (&& (< net45) (>= net46) (< netstandard1.4)) (&& (< net45) (>= net461) (< netstandard1.4)) (&& (< net45) (>= net461) (>= netstandard1.5) (< netstandard1.6)) (&& (< net45) (>= net461) (< netstandard1.5)) (&& (< net45) (>= net461) (>= netstandard1.6) (< netstandard2.0)) (&& (< net45) (>= net463) (< netstandard1.4)) (&& (< net45) (>= net463) (< netstandard1.5)) (&& (< net45) (>= net463) (>= netstandard1.6) (< netstandard2.0)) (&& (< net45) (>= net463) (< netstandard1.6)) (&& (< net45) (>= netstandard1.3) (< netstandard1.4) (< win8) (< wpa81)) (&& (< net45) (>= netstandard1.4) (< netstandard1.5) (< win8) (< wpa81)) (&& (< net45) (< netstandard1.4) (>= netstandard1.6) (< win8) (< wpa81)) (&& (< net45) (>= netstandard1.5) (< netstandard1.6) (< win8) (< wpa81)) (&& (< net45) (< netstandard1.5) (>= netstandard1.6) (< win8) (< wpa81)) (&& (< net45) (>= netstandard1.6) (< netstandard2.0) (< win8) (< wpa81)) (&& (>= net461) (>= uap10.0)) (&& (>= net463) (>= uap10.0)) (&& (< netstandard1.4) (>= uap10.0)) (&& (>= netstandard1.6) (>= uap10.0)) (&& (< netstandard1.6) (>= uap10.0) (< win8) (< wpa81)) (&& (>= uap10.0) (< uap10.1))
      Microsoft.NETCore.Platforms (>= 1.1) - restriction: && (< monoandroid) (< monotouch) (< net46) (>= netstandard1.3) (< xamarinios) (< xamarinmac) (< xamarintvos) (< xamarinwatchos)
      runtime.native.System.Security.Cryptography.OpenSsl (>= 4.3) - restriction: && (< monoandroid) (< monotouch) (< net46) (>= netstandard1.3) (< xamarinios) (< xamarinmac) (< xamarintvos) (< xamarinwatchos)
      System.Collections (>= 4.3) - restriction: && (< monoandroid) (< monotouch) (< net46) (>= netstandard1.3) (< xamarinios) (< xamarinmac) (< xamarintvos) (< xamarinwatchos)
      System.Collections.Concurrent (>= 4.3) - restriction: && (< monoandroid) (< monotouch) (< net46) (>= netstandard1.3) (< xamarinios) (< xamarinmac) (< xamarintvos) (< xamarinwatchos)
      System.Linq (>= 4.3) - restriction: && (< monoandroid) (< monotouch) (< net46) (>= netstandard1.3) (< xamarinios) (< xamarinmac) (< xamarintvos) (< xamarinwatchos)
      System.Resources.ResourceManager (>= 4.3) - restriction: && (< monoandroid) (< monotouch) (< net46) (>= netstandard1.3) (< xamarinios) (< xamarinmac) (< xamarintvos) (< xamarinwatchos)
      System.Runtime (>= 4.3) - restriction: && (< monoandroid) (< monotouch) (< net46) (>= netstandard1.3) (< xamarinios) (< xamarinmac) (< xamarintvos) (< xamarinwatchos)
      System.Runtime.Extensions (>= 4.3) - restriction: && (< monoandroid) (< monotouch) (< net46) (>= netstandard1.3) (< xamarinios) (< xamarinmac) (< xamarintvos) (< xamarinwatchos)
      System.Runtime.Handles (>= 4.3) - restriction: && (< monoandroid) (< monotouch) (< net46) (>= netstandard1.3) (< xamarinios) (< xamarinmac) (< xamarintvos) (< xamarinwatchos)
      System.Runtime.InteropServices (>= 4.3) - restriction: && (< monoandroid) (< monotouch) (< net46) (>= netstandard1.3) (< xamarinios) (< xamarinmac) (< xamarintvos) (< xamarinwatchos)
      System.Security.Cryptography.Primitives (>= 4.3) - restriction: && (< monoandroid) (< monotouch) (< net46) (>= netstandard1.3) (< xamarinios) (< xamarinmac) (< xamarintvos) (< xamarinwatchos)
      System.Text.Encoding (>= 4.3) - restriction: && (< monoandroid) (< monotouch) (< net46) (>= netstandard1.3) (< xamarinios) (< xamarinmac) (< xamarintvos) (< xamarinwatchos)
    System.Security.Cryptography.OpenSsl (4.5) - restriction: || (&& (< monoandroid) (< monotouch) (< net45) (>= netstandard1.6) (< netstandard2.0) (< win8) (< wpa81) (< xamarinios) (< xamarinmac) (< xamarintvos) (< xamarinwatchos)) (&& (< monoandroid) (< net45) (< netstandard1.2) (>= netstandard1.6) (< win8)) (&& (< monoandroid) (< net45) (< netstandard1.3) (>= netstandard1.6) (< win8) (< wpa81)) (&& (< monoandroid) (< net45) (< netstandard1.4) (>= netstandard1.6) (< win8) (< wpa81)) (&& (< monoandroid) (< net45) (< netstandard1.5) (>= netstandard1.6) (< win8) (< wpa81)) (&& (< net45) (>= net46) (< netstandard1.4) (>= netstandard1.6)) (&& (>= netstandard1.6) (>= uap10.0))
      System.Collections (>= 4.3) - restriction: && (>= netstandard1.6) (< netstandard2.0)
      System.IO (>= 4.3) - restriction: && (>= netstandard1.6) (< netstandard2.0)
      System.Resources.ResourceManager (>= 4.3) - restriction: && (>= netstandard1.6) (< netstandard2.0)
      System.Runtime (>= 4.3) - restriction: && (>= netstandard1.6) (< netstandard2.0)
      System.Runtime.Extensions (>= 4.3) - restriction: && (>= netstandard1.6) (< netstandard2.0)
      System.Runtime.Handles (>= 4.3) - restriction: && (>= netstandard1.6) (< netstandard2.0)
      System.Runtime.InteropServices (>= 4.3) - restriction: && (>= netstandard1.6) (< netstandard2.0)
      System.Runtime.Numerics (>= 4.3) - restriction: && (>= netstandard1.6) (< netstandard2.0)
      System.Security.Cryptography.Algorithms (>= 4.3) - restriction: && (>= netstandard1.6) (< netstandard2.0)
      System.Security.Cryptography.Encoding (>= 4.3) - restriction: && (>= netstandard1.6) (< netstandard2.0)
      System.Security.Cryptography.Primitives (>= 4.3) - restriction: && (>= netstandard1.6) (< netstandard2.0)
      System.Text.Encoding (>= 4.3) - restriction: && (>= netstandard1.6) (< netstandard2.0)
    System.Security.Cryptography.Primitives (4.3) - restriction: || (&& (>= dnxcore50) (>= net46)) (&& (>= dnxcore50) (>= netstandard1.3)) (&& (>= dnxcore50) (>= netstandard1.4)) (&& (>= dnxcore50) (>= netstandard1.5)) (&& (>= dnxcore50) (>= netstandard1.6)) (&& (>= dnxcore50) (>= uap10.0)) (&& (< monoandroid) (< net45) (< netstandard1.2) (>= netstandard1.6) (< win8)) (&& (< monoandroid) (< net45) (< netstandard1.3) (>= netstandard1.6) (< win8) (< wpa81)) (&& (< monoandroid) (< net45) (< netstandard1.4) (>= netstandard1.5) (< win8) (< wpa81)) (&& (< net45) (>= net46) (< netstandard1.4)) (&& (< net45) (>= net461) (< netstandard1.4)) (&& (< net45) (>= net461) (>= netstandard1.5) (< netstandard1.6)) (&& (< net45) (>= net461) (< netstandard1.5)) (&& (< net45) (>= net463) (< netstandard1.4)) (&& (< net45) (>= net463) (< netstandard1.5)) (&& (< net45) (>= net463) (>= netstandard1.6) (< netstandard2.0)) (&& (< net45) (>= net463) (< netstandard1.6)) (&& (< net45) (>= netstandard1.3) (< netstandard1.4) (< win8) (< wpa81)) (&& (< net45) (>= netstandard1.4) (< netstandard1.5) (< win8) (< wpa81)) (&& (< net45) (< netstandard1.4) (>= netstandard1.6) (< win8) (< wpa81)) (&& (< net45) (>= netstandard1.5) (< netstandard1.6) (< win8) (< wpa81)) (&& (< net45) (< netstandard1.5) (>= netstandard1.6) (< win8) (< wpa81)) (&& (< net45) (>= netstandard1.6) (< netstandard2.0) (< win8) (< wpa81)) (&& (>= net461) (< netstandard1.6) (>= uap10.0)) (&& (>= net463) (>= uap10.0)) (&& (< netstandard1.4) (>= uap10.0)) (&& (>= netstandard1.6) (>= uap10.0)) (&& (>= uap10.0) (< uap10.1))
      System.Diagnostics.Debug (>= 4.3) - restriction: && (< monoandroid) (< monotouch) (< net46) (>= netstandard1.3) (< xamarinios) (< xamarinmac) (< xamarintvos) (< xamarinwatchos)
      System.Globalization (>= 4.3) - restriction: && (< monoandroid) (< monotouch) (< net46) (>= netstandard1.3) (< xamarinios) (< xamarinmac) (< xamarintvos) (< xamarinwatchos)
      System.IO (>= 4.3) - restriction: && (< monoandroid) (< monotouch) (< net46) (>= netstandard1.3) (< xamarinios) (< xamarinmac) (< xamarintvos) (< xamarinwatchos)
      System.Resources.ResourceManager (>= 4.3) - restriction: && (< monoandroid) (< monotouch) (< net46) (>= netstandard1.3) (< xamarinios) (< xamarinmac) (< xamarintvos) (< xamarinwatchos)
      System.Runtime (>= 4.3) - restriction: && (< monoandroid) (< monotouch) (< net46) (>= netstandard1.3) (< xamarinios) (< xamarinmac) (< xamarintvos) (< xamarinwatchos)
      System.Threading (>= 4.3) - restriction: && (< monoandroid) (< monotouch) (< net46) (>= netstandard1.3) (< xamarinios) (< xamarinmac) (< xamarintvos) (< xamarinwatchos)
      System.Threading.Tasks (>= 4.3) - restriction: && (< monoandroid) (< monotouch) (< net46) (>= netstandard1.3) (< xamarinios) (< xamarinmac) (< xamarintvos) (< xamarinwatchos)
    System.Security.Cryptography.X509Certificates (4.3.2) - restriction: || (&& (>= dnxcore50) (>= net46)) (&& (>= dnxcore50) (>= netstandard1.1)) (&& (>= dnxcore50) (>= netstandard1.2)) (&& (>= dnxcore50) (>= netstandard1.3)) (&& (>= dnxcore50) (>= netstandard1.4)) (&& (>= dnxcore50) (>= netstandard1.5)) (&& (>= dnxcore50) (>= netstandard1.6)) (&& (>= dnxcore50) (>= uap10.0)) (&& (< monoandroid) (< net45) (< netstandard1.2) (>= netstandard1.3) (< win8)) (&& (< monoandroid) (< net45) (< netstandard1.2) (>= netstandard1.6) (< win8)) (&& (< monoandroid) (< net45) (< netstandard1.3) (>= netstandard1.6) (< win8) (< wpa81)) (&& (< monoandroid) (< net45) (< netstandard1.4) (>= netstandard1.6) (< win8) (< wpa81)) (&& (< monoandroid) (< net45) (< netstandard1.5) (>= netstandard1.6) (< win8) (< wpa81)) (&& (< net45) (>= net46) (< netstandard1.2)) (&& (< net45) (>= net46) (< netstandard1.3)) (&& (< net45) (>= net46) (>= netstandard1.4) (< netstandard1.5)) (&& (< net45) (>= net46) (< netstandard1.4)) (&& (< net45) (>= net46) (>= netstandard1.5) (< netstandard1.6)) (&& (< net45) (>= net46) (>= netstandard1.6) (< netstandard2.0)) (&& (< net45) (>= netstandard1.3) (< netstandard1.4) (< win8) (< wpa81)) (&& (< net45) (>= netstandard1.4) (< netstandard1.5) (< win8) (< wpa81)) (&& (< net45) (>= netstandard1.5) (< netstandard1.6) (< win8) (< wpa81)) (&& (< net45) (>= netstandard1.6) (< netstandard2.0) (< win8) (< wpa81)) (&& (>= net46) (>= uap10.0)) (&& (>= netstandard1.6) (>= uap10.0) (< win8) (< wpa81)) (&& (< netstandard1.6) (>= uap10.0) (< win8) (< wpa81)) (&& (>= uap10.0) (< uap10.1))
      Microsoft.NETCore.Platforms (>= 1.1) - restriction: || (>= dnxcore50) (&& (< monoandroid) (< monotouch) (< net46) (>= netstandard1.6) (< xamarinios) (< xamarinmac) (< xamarintvos) (< xamarinwatchos))
      runtime.native.System (>= 4.3) - restriction: && (< monoandroid) (< monotouch) (< net46) (>= netstandard1.6) (< xamarinios) (< xamarinmac) (< xamarintvos) (< xamarinwatchos)
      runtime.native.System.Net.Http (>= 4.3) - restriction: && (< monoandroid) (< monotouch) (< net46) (>= netstandard1.6) (< xamarinios) (< xamarinmac) (< xamarintvos) (< xamarinwatchos)
      runtime.native.System.Security.Cryptography.OpenSsl (>= 4.3.2) - restriction: && (< monoandroid) (< monotouch) (< net46) (>= netstandard1.6) (< xamarinios) (< xamarinmac) (< xamarintvos) (< xamarinwatchos)
      System.Collections (>= 4.3) - restriction: || (>= dnxcore50) (&& (< monoandroid) (< monotouch) (< net46) (>= netstandard1.6) (< xamarinios) (< xamarinmac) (< xamarintvos) (< xamarinwatchos))
      System.Diagnostics.Debug (>= 4.3) - restriction: && (< monoandroid) (< monotouch) (< net46) (>= netstandard1.6) (< xamarinios) (< xamarinmac) (< xamarintvos) (< xamarinwatchos)
      System.Globalization (>= 4.3) - restriction: || (>= dnxcore50) (&& (< monoandroid) (< monotouch) (< net46) (>= netstandard1.6) (< xamarinios) (< xamarinmac) (< xamarintvos) (< xamarinwatchos))
      System.Globalization.Calendars (>= 4.3) - restriction: || (>= dnxcore50) (&& (< monoandroid) (< monotouch) (< net46) (>= netstandard1.6) (< xamarinios) (< xamarinmac) (< xamarintvos) (< xamarinwatchos))
      System.IO (>= 4.3) - restriction: || (>= dnxcore50) (&& (< monoandroid) (< monotouch) (< net46) (>= netstandard1.6) (< xamarinios) (< xamarinmac) (< xamarintvos) (< xamarinwatchos))
      System.IO.FileSystem (>= 4.3) - restriction: || (>= dnxcore50) (&& (< monoandroid) (< monotouch) (< net46) (>= netstandard1.6) (< xamarinios) (< xamarinmac) (< xamarintvos) (< xamarinwatchos))
      System.IO.FileSystem.Primitives (>= 4.3) - restriction: && (< monoandroid) (< monotouch) (< net46) (>= netstandard1.6) (< xamarinios) (< xamarinmac) (< xamarintvos) (< xamarinwatchos)
      System.Resources.ResourceManager (>= 4.3) - restriction: || (>= dnxcore50) (&& (< monoandroid) (< monotouch) (< net46) (>= netstandard1.6) (< xamarinios) (< xamarinmac) (< xamarintvos) (< xamarinwatchos))
      System.Runtime (>= 4.3) - restriction: || (>= dnxcore50) (&& (< monoandroid) (< monotouch) (< net46) (>= netstandard1.6) (< xamarinios) (< xamarinmac) (< xamarintvos) (< xamarinwatchos)) (&& (< monoandroid) (< net46) (>= netstandard1.3) (< netstandard1.4)) (&& (< monoandroid) (< net46) (>= netstandard1.4) (< netstandard1.6))
      System.Runtime.Extensions (>= 4.3) - restriction: || (>= dnxcore50) (&& (< monoandroid) (< monotouch) (< net46) (>= netstandard1.6) (< xamarinios) (< xamarinmac) (< xamarintvos) (< xamarinwatchos))
      System.Runtime.Handles (>= 4.3) - restriction: || (>= dnxcore50) (&& (< monoandroid) (< monotouch) (< net46) (>= netstandard1.6) (< xamarinios) (< xamarinmac) (< xamarintvos) (< xamarinwatchos)) (&& (< monoandroid) (< net46) (>= netstandard1.3) (< netstandard1.4)) (&& (< monoandroid) (< net46) (>= netstandard1.4) (< netstandard1.6))
      System.Runtime.InteropServices (>= 4.3) - restriction: || (>= dnxcore50) (&& (< monoandroid) (< monotouch) (< net46) (>= netstandard1.6) (< xamarinios) (< xamarinmac) (< xamarintvos) (< xamarinwatchos))
      System.Runtime.Numerics (>= 4.3) - restriction: || (>= dnxcore50) (&& (< monoandroid) (< monotouch) (< net46) (>= netstandard1.6) (< xamarinios) (< xamarinmac) (< xamarintvos) (< xamarinwatchos))
      System.Security.Cryptography.Algorithms (>= 4.3) - restriction: || (>= dnxcore50) (&& (< monoandroid) (< monotouch) (< net46) (>= netstandard1.6) (< xamarinios) (< xamarinmac) (< xamarintvos) (< xamarinwatchos)) (&& (< monoandroid) (< net46) (>= netstandard1.3) (< netstandard1.4)) (&& (< monoandroid) (< net46) (>= netstandard1.4) (< netstandard1.6)) (&& (>= net46) (< netstandard1.4)) (>= net461)
      System.Security.Cryptography.Cng (>= 4.3) - restriction: || (>= dnxcore50) (&& (< monoandroid) (< monotouch) (< net46) (>= netstandard1.6) (< xamarinios) (< xamarinmac) (< xamarintvos) (< xamarinwatchos))
      System.Security.Cryptography.Csp (>= 4.3) - restriction: && (< monoandroid) (< monotouch) (< net46) (>= netstandard1.6) (< xamarinios) (< xamarinmac) (< xamarintvos) (< xamarinwatchos)
      System.Security.Cryptography.Encoding (>= 4.3) - restriction: || (>= dnxcore50) (&& (< monoandroid) (< monotouch) (< net46) (>= netstandard1.6) (< xamarinios) (< xamarinmac) (< xamarintvos) (< xamarinwatchos)) (&& (< monoandroid) (< net46) (>= netstandard1.3) (< netstandard1.4)) (&& (< monoandroid) (< net46) (>= netstandard1.4) (< netstandard1.6)) (&& (>= net46) (< netstandard1.4)) (>= net461)
      System.Security.Cryptography.OpenSsl (>= 4.3) - restriction: && (< monoandroid) (< monotouch) (< net46) (>= netstandard1.6) (< xamarinios) (< xamarinmac) (< xamarintvos) (< xamarinwatchos)
      System.Security.Cryptography.Primitives (>= 4.3) - restriction: || (>= dnxcore50) (&& (< monoandroid) (< monotouch) (< net46) (>= netstandard1.6) (< xamarinios) (< xamarinmac) (< xamarintvos) (< xamarinwatchos))
      System.Text.Encoding (>= 4.3) - restriction: || (>= dnxcore50) (&& (< monoandroid) (< monotouch) (< net46) (>= netstandard1.6) (< xamarinios) (< xamarinmac) (< xamarintvos) (< xamarinwatchos))
      System.Threading (>= 4.3) - restriction: || (>= dnxcore50) (&& (< monoandroid) (< monotouch) (< net46) (>= netstandard1.6) (< xamarinios) (< xamarinmac) (< xamarintvos) (< xamarinwatchos))
    System.Text.Encoding (4.3) - restriction: || (&& (>= dnxcore50) (>= net46)) (&& (>= dnxcore50) (>= netstandard1.1)) (&& (>= dnxcore50) (>= netstandard1.2)) (&& (>= dnxcore50) (>= netstandard1.3)) (&& (>= dnxcore50) (>= netstandard1.4)) (&& (>= dnxcore50) (>= netstandard1.5)) (&& (>= dnxcore50) (>= netstandard1.6)) (&& (>= dnxcore50) (>= uap10.0)) (&& (< monoandroid) (< net45) (< netstandard1.2) (>= netstandard1.3) (< win8)) (&& (< monoandroid) (< net45) (< netstandard1.2) (>= netstandard1.6) (< win8)) (&& (< monoandroid) (< net45) (< netstandard1.3) (>= netstandard1.4) (< win8) (< wpa81)) (&& (< monoandroid) (< net45) (< netstandard1.3) (>= netstandard1.5) (< win8) (< wpa81)) (&& (< monoandroid) (< net45) (< netstandard1.3) (>= netstandard1.6) (< win8) (< wpa81)) (&& (< net45) (>= net46) (< netstandard1.3)) (&& (< net45) (>= net46) (< netstandard1.4)) (&& (< net45) (>= netstandard1.1) (< netstandard1.2) (< win8)) (&& (< net45) (>= netstandard1.2) (< netstandard1.3) (< win8) (< wpa81)) (&& (< net45) (>= netstandard1.3) (< netstandard1.4) (< win8) (< wpa81)) (&& (< net45) (>= netstandard1.4) (< netstandard1.5) (< win8) (< wpa81)) (&& (< net45) (< netstandard1.4) (>= netstandard1.6) (< win8) (< wpa81)) (&& (< net45) (>= netstandard1.5) (< netstandard1.6) (< win8) (< wpa81)) (&& (< net45) (< netstandard1.5) (>= netstandard1.6) (< win8) (< wpa81)) (&& (< net45) (>= netstandard1.6) (< netstandard2.0) (< win8) (< wpa81)) (&& (>= netstandard1.1) (< portable-net45+win8+wpa81)) (&& (>= netstandard1.3) (< portable-net45+win8+wpa81)) (&& (>= netstandard1.6) (>= uap10.0)) (&& (>= uap10.0) (< uap10.1)) (&& (>= uap10.0) (< win8) (< wpa81))
      Microsoft.NETCore.Platforms (>= 1.1) - restriction: || (>= dnxcore50) (&& (< monoandroid) (< monotouch) (< net45) (>= netstandard1.3) (< win8) (< wpa81) (< xamarinios) (< xamarinmac) (< xamarintvos) (< xamarinwatchos)) (&& (< monoandroid) (< net45) (>= netstandard1.0) (< netstandard1.3) (< win8) (< wp8) (< wpa81))
      Microsoft.NETCore.Targets (>= 1.1) - restriction: || (>= dnxcore50) (&& (< monoandroid) (< monotouch) (< net45) (>= netstandard1.3) (< win8) (< wpa81) (< xamarinios) (< xamarinmac) (< xamarintvos) (< xamarinwatchos)) (&& (< monoandroid) (< net45) (>= netstandard1.0) (< netstandard1.3) (< win8) (< wp8) (< wpa81))
      System.Runtime (>= 4.3) - restriction: || (>= dnxcore50) (&& (< monoandroid) (< monotouch) (< net45) (>= netstandard1.3) (< win8) (< wpa81) (< xamarinios) (< xamarinmac) (< xamarintvos) (< xamarinwatchos)) (&& (< monoandroid) (< net45) (>= netstandard1.0) (< netstandard1.3) (< win8) (< wp8) (< wpa81))
    System.Text.Encoding.Extensions (4.3) - restriction: || (&& (>= dnxcore50) (>= net46)) (&& (>= dnxcore50) (>= netstandard1.1)) (&& (>= dnxcore50) (>= netstandard1.2)) (&& (>= dnxcore50) (>= netstandard1.3)) (&& (>= dnxcore50) (>= netstandard1.4)) (&& (>= dnxcore50) (>= netstandard1.5)) (&& (>= dnxcore50) (>= netstandard1.6)) (&& (>= dnxcore50) (>= uap10.0)) (&& (< monoandroid) (< net45) (< netstandard1.2) (>= netstandard1.3) (< win8)) (&& (< net45) (>= net46) (< netstandard1.4)) (&& (< net45) (>= netstandard1.1) (< netstandard1.2) (< win8)) (&& (< net45) (>= netstandard1.2) (< netstandard1.3) (< win8) (< wpa81)) (&& (< net45) (>= netstandard1.3) (< netstandard1.4) (< win8) (< wpa81)) (&& (< net45) (>= netstandard1.4) (< netstandard1.5) (< win8) (< wpa81)) (&& (< net45) (>= netstandard1.5) (< netstandard1.6) (< win8) (< wpa81)) (&& (< net45) (>= netstandard1.6) (< netstandard2.0) (< win8) (< wpa81)) (&& (>= netstandard1.1) (< portable-net45+win8+wpa81)) (&& (>= netstandard1.3) (< portable-net45+win8+wpa81)) (&& (>= uap10.0) (< uap10.1)) (&& (>= uap10.0) (< win8) (< wpa81))
      Microsoft.NETCore.Platforms (>= 1.1) - restriction: || (>= dnxcore50) (&& (< monoandroid) (< monotouch) (< net45) (>= netstandard1.3) (< win8) (< wpa81) (< xamarinios) (< xamarinmac) (< xamarintvos) (< xamarinwatchos)) (&& (< monoandroid) (< net45) (>= netstandard1.0) (< netstandard1.3) (< win8) (< wp8) (< wpa81))
      Microsoft.NETCore.Targets (>= 1.1) - restriction: || (>= dnxcore50) (&& (< monoandroid) (< monotouch) (< net45) (>= netstandard1.3) (< win8) (< wpa81) (< xamarinios) (< xamarinmac) (< xamarintvos) (< xamarinwatchos)) (&& (< monoandroid) (< net45) (>= netstandard1.0) (< netstandard1.3) (< win8) (< wp8) (< wpa81))
      System.Runtime (>= 4.3) - restriction: || (>= dnxcore50) (&& (< monoandroid) (< monotouch) (< net45) (>= netstandard1.3) (< win8) (< wpa81) (< xamarinios) (< xamarinmac) (< xamarintvos) (< xamarinwatchos)) (&& (< monoandroid) (< net45) (>= netstandard1.0) (< netstandard1.3) (< win8) (< wp8) (< wpa81))
      System.Text.Encoding (>= 4.3) - restriction: || (>= dnxcore50) (&& (< monoandroid) (< monotouch) (< net45) (>= netstandard1.3) (< win8) (< wpa81) (< xamarinios) (< xamarinmac) (< xamarintvos) (< xamarinwatchos)) (&& (< monoandroid) (< net45) (>= netstandard1.0) (< netstandard1.3) (< win8) (< wp8) (< wpa81))
    System.Text.RegularExpressions (4.3) - restriction: || (&& (>= dnxcore50) (>= net46)) (&& (>= dnxcore50) (>= netstandard1.1)) (&& (>= dnxcore50) (>= netstandard1.2)) (&& (>= dnxcore50) (>= netstandard1.3)) (&& (>= dnxcore50) (>= netstandard1.4)) (&& (>= dnxcore50) (>= netstandard1.5)) (&& (>= dnxcore50) (>= netstandard1.6)) (&& (>= dnxcore50) (>= uap10.0)) (&& (< monoandroid) (< net45) (< netstandard1.2) (>= netstandard1.3) (< win8)) (&& (< net45) (>= net46) (< netstandard1.4)) (&& (< net45) (>= netstandard1.1) (< netstandard1.2) (< win8)) (&& (< net45) (>= netstandard1.2) (< netstandard1.3) (< win8) (< wpa81)) (&& (< net45) (>= netstandard1.3) (< netstandard1.4) (< win8) (< wpa81)) (&& (< net45) (>= netstandard1.4) (< netstandard1.5) (< win8) (< wpa81)) (&& (< net45) (>= netstandard1.5) (< netstandard1.6) (< win8) (< wpa81)) (&& (< net45) (>= netstandard1.6) (< netstandard2.0) (< win8) (< wpa81)) (&& (>= netstandard1.1) (< portable-net45+win8+wpa81)) (&& (>= netstandard1.3) (< portable-net45+win8+wpa81)) (&& (>= uap10.0) (< uap10.1)) (&& (>= uap10.0) (< win8) (< wpa81))
      System.Collections (>= 4.3) - restriction: || (>= dnxcore50) (&& (< monotouch) (< net45) (< netcoreapp1.1) (>= netstandard1.6) (< win8) (< wpa81) (< xamarinios) (< xamarinmac) (< xamarintvos) (< xamarinwatchos))
      System.Globalization (>= 4.3) - restriction: || (>= dnxcore50) (&& (< monotouch) (< net45) (< netcoreapp1.1) (>= netstandard1.6) (< win8) (< wpa81) (< xamarinios) (< xamarinmac) (< xamarintvos) (< xamarinwatchos))
      System.Resources.ResourceManager (>= 4.3) - restriction: || (>= dnxcore50) (&& (< monotouch) (< net45) (< netcoreapp1.1) (>= netstandard1.6) (< win8) (< wpa81) (< xamarinios) (< xamarinmac) (< xamarintvos) (< xamarinwatchos))
      System.Runtime (>= 4.3) - restriction: || (>= dnxcore50) (&& (< monoandroid) (< net45) (>= netstandard1.0) (< netstandard1.3) (< win8) (< wp8) (< wpa81)) (&& (< monoandroid) (< net45) (>= netstandard1.3) (< netstandard1.6) (< win8) (< wpa81)) (&& (< monotouch) (< net45) (>= netstandard1.6) (< win8) (< wpa81) (< xamarinios) (< xamarinmac) (< xamarintvos) (< xamarinwatchos)) (>= netcoreapp1.1)
      System.Runtime.Extensions (>= 4.3) - restriction: || (>= dnxcore50) (&& (< monotouch) (< net45) (< netcoreapp1.1) (>= netstandard1.6) (< win8) (< wpa81) (< xamarinios) (< xamarinmac) (< xamarintvos) (< xamarinwatchos))
      System.Threading (>= 4.3) - restriction: || (>= dnxcore50) (&& (< monotouch) (< net45) (< netcoreapp1.1) (>= netstandard1.6) (< win8) (< wpa81) (< xamarinios) (< xamarinmac) (< xamarintvos) (< xamarinwatchos))
    System.Threading (4.3) - restriction: || (&& (>= dnxcore50) (>= net46)) (&& (>= dnxcore50) (>= netstandard1.1)) (&& (>= dnxcore50) (>= netstandard1.2)) (&& (>= dnxcore50) (>= netstandard1.3)) (&& (>= dnxcore50) (>= netstandard1.4)) (&& (>= dnxcore50) (>= netstandard1.5)) (&& (>= dnxcore50) (>= netstandard1.6)) (&& (>= dnxcore50) (>= uap10.0)) (&& (>= dnxcore50) (>= wpa81)) (&& (< monoandroid) (< net45) (< netstandard1.2) (>= netstandard1.3) (< win8)) (&& (< monoandroid) (< netstandard1.0) (>= netstandard1.1) (< win8)) (&& (< net45) (>= net46) (< netstandard1.4)) (&& (< net45) (>= netstandard1.1) (< netstandard1.2) (< win8)) (&& (< net45) (>= netstandard1.2) (< netstandard1.3) (< win8) (< wpa81)) (&& (< net45) (< netstandard1.2) (>= netstandard1.6) (< win8)) (&& (< net45) (>= netstandard1.3) (< netstandard1.4) (< win8) (< wpa81)) (&& (< net45) (< netstandard1.3) (>= netstandard1.6) (< win8) (< wpa81)) (&& (< net45) (>= netstandard1.4) (< netstandard1.5) (< win8) (< wpa81)) (&& (< net45) (< netstandard1.4) (>= netstandard1.6) (< win8) (< wpa81)) (&& (< net45) (>= netstandard1.5) (< netstandard1.6) (< win8) (< wpa81)) (&& (< net45) (< netstandard1.5) (>= netstandard1.6) (< win8) (< wpa81)) (&& (< net45) (>= netstandard1.6) (< netstandard2.0) (< win8) (< wpa81)) (&& (< netstandard1.0) (>= netstandard1.1) (< portable-net45+win8)) (&& (>= netstandard1.1) (< portable-net45+win8+wpa81)) (&& (>= netstandard1.6) (< portable-net45+win8+wpa81)) (&& (>= netstandard1.6) (>= uap10.0)) (&& (>= uap10.0) (< uap10.1)) (&& (>= uap10.0) (< win8) (< wpa81))
      System.Runtime (>= 4.3) - restriction: || (>= dnxcore50) (&& (< monoandroid) (< monotouch) (< net45) (>= netstandard1.3) (< win8) (< wpa81) (< xamarinios) (< xamarinmac) (< xamarintvos) (< xamarinwatchos)) (&& (< monoandroid) (< net45) (>= netstandard1.0) (< netstandard1.3) (< win8) (< wp8) (< wpa81))
      System.Threading.Tasks (>= 4.3) - restriction: || (>= dnxcore50) (&& (< monoandroid) (< monotouch) (< net45) (>= netstandard1.3) (< win8) (< wpa81) (< xamarinios) (< xamarinmac) (< xamarintvos) (< xamarinwatchos)) (&& (< monoandroid) (< net45) (>= netstandard1.0) (< netstandard1.3) (< win8) (< wp8) (< wpa81))
    System.Threading.Tasks (4.3) - restriction: || (&& (>= dnxcore50) (>= net46)) (&& (>= dnxcore50) (>= netstandard1.1)) (&& (>= dnxcore50) (>= netstandard1.2)) (&& (>= dnxcore50) (>= netstandard1.3)) (&& (>= dnxcore50) (>= netstandard1.4)) (&& (>= dnxcore50) (>= netstandard1.5)) (&& (>= dnxcore50) (>= netstandard1.6)) (&& (>= dnxcore50) (>= uap10.0)) (&& (< monoandroid) (< net45) (< netstandard1.2) (>= netstandard1.3) (< win8)) (&& (< monoandroid) (< net45) (< netstandard1.2) (>= netstandard1.6) (< win8)) (&& (< monoandroid) (< net45) (< netstandard1.3) (>= netstandard1.4) (< win8) (< wpa81)) (&& (< monoandroid) (< net45) (< netstandard1.3) (>= netstandard1.5) (< win8) (< wpa81)) (&& (< monoandroid) (< net45) (< netstandard1.3) (>= netstandard1.6) (< win8) (< wpa81)) (&& (< monoandroid) (< net45) (< netstandard1.4) (>= netstandard1.6) (< win8) (< wpa81)) (&& (< monoandroid) (< net45) (< netstandard1.5) (>= netstandard1.6) (< win8) (< wpa81)) (&& (< net45) (>= net46) (< netstandard1.3)) (&& (< net45) (>= net46) (< netstandard1.4)) (&& (< net45) (>= netstandard1.1) (< netstandard1.2) (< win8)) (&& (< net45) (>= netstandard1.2) (< netstandard1.3) (< win8) (< wpa81)) (&& (< net45) (>= netstandard1.3) (< netstandard1.4) (< win8) (< wpa81)) (&& (< net45) (>= netstandard1.4) (< netstandard1.5) (< win8) (< wpa81)) (&& (< net45) (>= netstandard1.5) (< netstandard1.6) (< win8) (< wpa81)) (&& (< net45) (>= netstandard1.6) (< netstandard2.0) (< win8) (< wpa81)) (&& (>= netstandard1.1) (< portable-net45+win8+wpa81)) (&& (>= uap10.0) (< uap10.1)) (&& (>= uap10.0) (< win8) (< wpa81))
      Microsoft.NETCore.Platforms (>= 1.1) - restriction: || (>= dnxcore50) (&& (< monoandroid) (< monotouch) (< net45) (>= netstandard1.3) (< win8) (< wpa81) (< xamarinios) (< xamarinmac) (< xamarintvos) (< xamarinwatchos)) (&& (< monoandroid) (< net45) (>= netstandard1.0) (< netstandard1.3) (< win8) (< wp8) (< wpa81))
      Microsoft.NETCore.Targets (>= 1.1) - restriction: || (>= dnxcore50) (&& (< monoandroid) (< monotouch) (< net45) (>= netstandard1.3) (< win8) (< wpa81) (< xamarinios) (< xamarinmac) (< xamarintvos) (< xamarinwatchos)) (&& (< monoandroid) (< net45) (>= netstandard1.0) (< netstandard1.3) (< win8) (< wp8) (< wpa81))
      System.Runtime (>= 4.3) - restriction: || (>= dnxcore50) (&& (< monoandroid) (< monotouch) (< net45) (>= netstandard1.3) (< win8) (< wpa81) (< xamarinios) (< xamarinmac) (< xamarintvos) (< xamarinwatchos)) (&& (< monoandroid) (< net45) (>= netstandard1.0) (< netstandard1.3) (< win8) (< wp8) (< wpa81))
    System.Threading.Tasks.Extensions (4.5.1) - restriction: || (&& (>= dnxcore50) (>= net46)) (&& (>= dnxcore50) (>= netstandard1.1)) (&& (>= dnxcore50) (>= netstandard1.2)) (&& (>= dnxcore50) (>= netstandard1.3)) (&& (>= dnxcore50) (>= netstandard1.4)) (&& (>= dnxcore50) (>= netstandard1.5)) (&& (>= dnxcore50) (>= netstandard1.6)) (&& (>= dnxcore50) (>= uap10.0)) (&& (< monoandroid) (< monotouch) (< net45) (>= netstandard1.6) (< netstandard2.0) (< win8) (< wpa81) (< xamarinios) (< xamarinmac) (< xamarintvos) (< xamarinwatchos)) (&& (< monoandroid) (< net45) (< netstandard1.2) (>= netstandard1.3) (< win8)) (&& (< monoandroid) (< net45) (>= netstandard1.3) (< netstandard1.4) (< win8) (< wpa81)) (&& (< monoandroid) (< net45) (>= netstandard1.4) (< netstandard1.5) (< win8) (< wpa81)) (&& (< monoandroid) (< net45) (>= netstandard1.5) (< netstandard1.6) (< win8) (< wpa81)) (&& (< net45) (>= net46) (< netstandard1.4)) (&& (>= netstandard1.3) (< portable-net45+win8+wpa81)) (&& (>= uap10.0) (< win8) (< wpa81))
      System.Collections (>= 4.3) - restriction: && (< monoandroid) (< monotouch) (< net45) (>= netstandard1.0) (< netstandard2.0) (< win8) (< wp8) (< wpa81) (< xamarinios) (< xamarinmac) (< xamarintvos) (< xamarinwatchos)
      System.Runtime (>= 4.3) - restriction: && (< monoandroid) (< monotouch) (< net45) (>= netstandard1.0) (< netstandard2.0) (< win8) (< wp8) (< wpa81) (< xamarinios) (< xamarinmac) (< xamarintvos) (< xamarinwatchos)
      System.Runtime.CompilerServices.Unsafe (>= 4.5) - restriction: || (&& (< monoandroid) (< monotouch) (>= netstandard1.0) (< netstandard2.0) (< win8) (< wpa81) (< xamarinios) (< xamarinmac) (< xamarintvos) (< xamarinwatchos)) (&& (< monoandroid) (< netstandard1.0) (>= portable-net45+win8+wp8+wpa81) (< win8)) (>= net45) (&& (< netcoreapp2.1) (>= netstandard2.0)) (&& (< netstandard1.0) (>= win8)) (&& (< netstandard2.0) (>= wpa81)) (>= wp8)
      System.Threading.Tasks (>= 4.3) - restriction: && (< monoandroid) (< monotouch) (< net45) (>= netstandard1.0) (< netstandard2.0) (< win8) (< wp8) (< wpa81) (< xamarinios) (< xamarinmac) (< xamarintvos) (< xamarinwatchos)
    System.Threading.Timer (4.3) - restriction: || (&& (< net45) (>= netstandard1.2) (< netstandard1.3) (< win8) (< wpa81)) (&& (< net45) (>= netstandard1.3) (< netstandard1.4) (< win8) (< wpa81)) (&& (< net45) (>= netstandard1.4) (< netstandard1.5) (< win8) (< wpa81)) (&& (< net45) (>= netstandard1.5) (< netstandard1.6) (< win8) (< wpa81)) (&& (< net45) (>= netstandard1.6) (< netstandard2.0) (< win8) (< wpa81)) (&& (>= uap10.0) (< uap10.1))
      Microsoft.NETCore.Platforms (>= 1.1) - restriction: || (>= dnxcore50) (&& (< monoandroid) (< monotouch) (< net451) (>= netstandard1.2) (< win81) (< wpa81) (< xamarinios) (< xamarinmac) (< xamarintvos) (< xamarinwatchos))
      Microsoft.NETCore.Targets (>= 1.1) - restriction: || (>= dnxcore50) (&& (< monoandroid) (< monotouch) (< net451) (>= netstandard1.2) (< win81) (< wpa81) (< xamarinios) (< xamarinmac) (< xamarintvos) (< xamarinwatchos))
      System.Runtime (>= 4.3) - restriction: || (>= dnxcore50) (&& (< monoandroid) (< monotouch) (< net451) (>= netstandard1.2) (< win81) (< wpa81) (< xamarinios) (< xamarinmac) (< xamarintvos) (< xamarinwatchos))
    System.Xml.ReaderWriter (4.3.1) - restriction: || (&& (>= dnxcore50) (>= netstandard1.1)) (&& (>= dnxcore50) (>= netstandard1.2)) (&& (>= dnxcore50) (>= netstandard1.3)) (&& (>= dnxcore50) (>= netstandard1.4)) (&& (>= dnxcore50) (>= netstandard1.5)) (&& (>= dnxcore50) (>= netstandard1.6)) (&& (>= dnxcore50) (>= uap10.0)) (&& (< monoandroid) (< net45) (< netstandard1.2) (>= netstandard1.3) (< win8)) (&& (< monoandroid) (< net45) (< netstandard1.3) (>= netstandard1.4) (< win8) (< wpa81)) (&& (< monoandroid) (< net45) (< netstandard1.3) (>= netstandard1.5) (< win8) (< wpa81)) (&& (< monoandroid) (< net45) (< netstandard1.3) (>= netstandard1.6) (< win8) (< wpa81)) (&& (< net45) (>= net46) (< netstandard1.4)) (&& (< net45) (>= netstandard1.1) (< netstandard1.2) (< win8)) (&& (< net45) (>= netstandard1.2) (< netstandard1.3) (< win8) (< wpa81)) (&& (< net45) (>= netstandard1.3) (< netstandard1.4) (< win8) (< wpa81)) (&& (< net45) (>= netstandard1.4) (< netstandard1.5) (< win8) (< wpa81)) (&& (< net45) (>= netstandard1.5) (< netstandard1.6) (< win8) (< wpa81)) (&& (< net45) (>= netstandard1.6) (< netstandard2.0) (< win8) (< wpa81)) (&& (>= netstandard1.1) (< portable-net45+win8+wpa81)) (&& (>= netstandard1.3) (< portable-net45+win8+wpa81)) (&& (>= uap10.0) (< uap10.1)) (&& (>= uap10.0) (< win8) (< wpa81))
      System.Collections (>= 4.3) - restriction: || (>= dnxcore50) (&& (< monoandroid) (< monotouch) (< net45) (>= netstandard1.3) (< win8) (< wpa81) (< xamarinios) (< xamarinmac) (< xamarintvos) (< xamarinwatchos))
      System.Diagnostics.Debug (>= 4.3) - restriction: || (>= dnxcore50) (&& (< monoandroid) (< monotouch) (< net45) (>= netstandard1.3) (< win8) (< wpa81) (< xamarinios) (< xamarinmac) (< xamarintvos) (< xamarinwatchos))
      System.Globalization (>= 4.3) - restriction: || (>= dnxcore50) (&& (< monoandroid) (< monotouch) (< net45) (>= netstandard1.3) (< win8) (< wpa81) (< xamarinios) (< xamarinmac) (< xamarintvos) (< xamarinwatchos))
      System.IO (>= 4.3) - restriction: || (>= dnxcore50) (&& (< monoandroid) (< monotouch) (< net45) (>= netstandard1.3) (< win8) (< wpa81) (< xamarinios) (< xamarinmac) (< xamarintvos) (< xamarinwatchos)) (&& (< monoandroid) (< net45) (>= netstandard1.0) (< netstandard1.3) (< win8) (< wp8) (< wpa81))
      System.IO.FileSystem (>= 4.3) - restriction: || (>= dnxcore50) (&& (< monoandroid) (< monotouch) (< net45) (>= netstandard1.3) (< win8) (< wpa81) (< xamarinios) (< xamarinmac) (< xamarintvos) (< xamarinwatchos))
      System.IO.FileSystem.Primitives (>= 4.3) - restriction: || (>= dnxcore50) (&& (< monoandroid) (< monotouch) (< net45) (>= netstandard1.3) (< win8) (< wpa81) (< xamarinios) (< xamarinmac) (< xamarintvos) (< xamarinwatchos))
      System.Resources.ResourceManager (>= 4.3) - restriction: || (>= dnxcore50) (&& (< monoandroid) (< monotouch) (< net45) (>= netstandard1.3) (< win8) (< wpa81) (< xamarinios) (< xamarinmac) (< xamarintvos) (< xamarinwatchos))
      System.Runtime (>= 4.3) - restriction: || (>= dnxcore50) (&& (< monoandroid) (< monotouch) (< net45) (>= netstandard1.3) (< win8) (< wpa81) (< xamarinios) (< xamarinmac) (< xamarintvos) (< xamarinwatchos)) (&& (< monoandroid) (< net45) (>= netstandard1.0) (< netstandard1.3) (< win8) (< wp8) (< wpa81))
      System.Runtime.Extensions (>= 4.3) - restriction: || (>= dnxcore50) (&& (< monoandroid) (< monotouch) (< net45) (>= netstandard1.3) (< win8) (< wpa81) (< xamarinios) (< xamarinmac) (< xamarintvos) (< xamarinwatchos))
      System.Runtime.InteropServices (>= 4.3) - restriction: || (>= dnxcore50) (&& (< monoandroid) (< monotouch) (< net45) (>= netstandard1.3) (< win8) (< wpa81) (< xamarinios) (< xamarinmac) (< xamarintvos) (< xamarinwatchos))
      System.Text.Encoding (>= 4.3) - restriction: || (>= dnxcore50) (&& (< monoandroid) (< monotouch) (< net45) (>= netstandard1.3) (< win8) (< wpa81) (< xamarinios) (< xamarinmac) (< xamarintvos) (< xamarinwatchos)) (&& (< monoandroid) (< net45) (>= netstandard1.0) (< netstandard1.3) (< win8) (< wp8) (< wpa81))
      System.Text.Encoding.Extensions (>= 4.3) - restriction: || (>= dnxcore50) (&& (< monoandroid) (< monotouch) (< net45) (>= netstandard1.3) (< win8) (< wpa81) (< xamarinios) (< xamarinmac) (< xamarintvos) (< xamarinwatchos))
      System.Text.RegularExpressions (>= 4.3) - restriction: || (>= dnxcore50) (&& (< monoandroid) (< monotouch) (< net45) (>= netstandard1.3) (< win8) (< wpa81) (< xamarinios) (< xamarinmac) (< xamarintvos) (< xamarinwatchos))
      System.Threading.Tasks (>= 4.3) - restriction: || (>= dnxcore50) (&& (< monoandroid) (< monotouch) (< net45) (>= netstandard1.3) (< win8) (< wpa81) (< xamarinios) (< xamarinmac) (< xamarintvos) (< xamarinwatchos)) (&& (< monoandroid) (< net45) (>= netstandard1.0) (< netstandard1.3) (< win8) (< wp8) (< wpa81))
      System.Threading.Tasks.Extensions (>= 4.3) - restriction: || (>= dnxcore50) (&& (< monoandroid) (< monotouch) (< net45) (>= netstandard1.3) (< win8) (< wpa81) (< xamarinios) (< xamarinmac) (< xamarintvos) (< xamarinwatchos))
    System.Xml.XDocument (4.3) - restriction: || (&& (< net45) (>= netstandard1.1) (< netstandard1.2) (< win8)) (&& (< net45) (>= netstandard1.2) (< netstandard1.3) (< win8) (< wpa81)) (&& (< net45) (>= netstandard1.3) (< netstandard1.4) (< win8) (< wpa81)) (&& (< net45) (>= netstandard1.4) (< netstandard1.5) (< win8) (< wpa81)) (&& (< net45) (>= netstandard1.5) (< netstandard1.6) (< win8) (< wpa81)) (&& (< net45) (>= netstandard1.6) (< netstandard2.0) (< win8) (< wpa81)) (&& (>= netstandard1.1) (< portable-net45+win8+wpa81)) (&& (>= uap10.0) (< uap10.1))
      System.Collections (>= 4.3) - restriction: || (>= dnxcore50) (&& (< monoandroid) (< monotouch) (< net45) (>= netstandard1.3) (< win8) (< wpa81) (< xamarinios) (< xamarinmac) (< xamarintvos) (< xamarinwatchos))
      System.Diagnostics.Debug (>= 4.3) - restriction: || (>= dnxcore50) (&& (< monoandroid) (< monotouch) (< net45) (>= netstandard1.3) (< win8) (< wpa81) (< xamarinios) (< xamarinmac) (< xamarintvos) (< xamarinwatchos))
      System.Diagnostics.Tools (>= 4.3) - restriction: || (>= dnxcore50) (&& (< monoandroid) (< monotouch) (< net45) (>= netstandard1.3) (< win8) (< wpa81) (< xamarinios) (< xamarinmac) (< xamarintvos) (< xamarinwatchos))
      System.Globalization (>= 4.3) - restriction: || (>= dnxcore50) (&& (< monoandroid) (< monotouch) (< net45) (>= netstandard1.3) (< win8) (< wpa81) (< xamarinios) (< xamarinmac) (< xamarintvos) (< xamarinwatchos))
      System.IO (>= 4.3) - restriction: || (>= dnxcore50) (&& (< monoandroid) (< monotouch) (< net45) (>= netstandard1.3) (< win8) (< wpa81) (< xamarinios) (< xamarinmac) (< xamarintvos) (< xamarinwatchos)) (&& (< monoandroid) (< net45) (>= netstandard1.0) (< netstandard1.3) (< win8) (< wp8) (< wpa81))
      System.Reflection (>= 4.3) - restriction: || (>= dnxcore50) (&& (< monoandroid) (< monotouch) (< net45) (>= netstandard1.3) (< win8) (< wpa81) (< xamarinios) (< xamarinmac) (< xamarintvos) (< xamarinwatchos))
      System.Resources.ResourceManager (>= 4.3) - restriction: || (>= dnxcore50) (&& (< monoandroid) (< monotouch) (< net45) (>= netstandard1.3) (< win8) (< wpa81) (< xamarinios) (< xamarinmac) (< xamarintvos) (< xamarinwatchos))
      System.Runtime (>= 4.3) - restriction: || (>= dnxcore50) (&& (< monoandroid) (< monotouch) (< net45) (>= netstandard1.3) (< win8) (< wpa81) (< xamarinios) (< xamarinmac) (< xamarintvos) (< xamarinwatchos)) (&& (< monoandroid) (< net45) (>= netstandard1.0) (< netstandard1.3) (< win8) (< wp8) (< wpa81))
      System.Runtime.Extensions (>= 4.3) - restriction: || (>= dnxcore50) (&& (< monoandroid) (< monotouch) (< net45) (>= netstandard1.3) (< win8) (< wpa81) (< xamarinios) (< xamarinmac) (< xamarintvos) (< xamarinwatchos))
      System.Text.Encoding (>= 4.3) - restriction: || (>= dnxcore50) (&& (< monoandroid) (< monotouch) (< net45) (>= netstandard1.3) (< win8) (< wpa81) (< xamarinios) (< xamarinmac) (< xamarintvos) (< xamarinwatchos))
      System.Threading (>= 4.3) - restriction: || (>= dnxcore50) (&& (< monoandroid) (< monotouch) (< net45) (>= netstandard1.3) (< win8) (< wpa81) (< xamarinios) (< xamarinmac) (< xamarintvos) (< xamarinwatchos))
      System.Xml.ReaderWriter (>= 4.3) - restriction: || (>= dnxcore50) (&& (< monoandroid) (< monotouch) (< net45) (>= netstandard1.3) (< win8) (< wpa81) (< xamarinios) (< xamarinmac) (< xamarintvos) (< xamarinwatchos)) (&& (< monoandroid) (< net45) (>= netstandard1.0) (< netstandard1.3) (< win8) (< wp8) (< wpa81))
GITHUB
  remote: fsharp/FAKE
    modules/Octokit/Octokit.fsx (2bd41546d8549654ad4d4b5639425537afe5e1f7)
      Octokit (>= 0.20)
GROUP Legacy
RESTRICTION: == net45
NUGET
  remote: https://api.nuget.org/v3/index.json
    FSharp.Core (3.1.2.5)
    Persimmon (4.0)
      FSharp.Core (>= 3.1.2.5)

GROUP Test
RESTRICTION: || (== net451) (== netcoreapp2.0)
NUGET
  remote: https://api.nuget.org/v3/index.json
    Dotnet.ProjInfo (0.7.4) - restriction: || (&& (== net451) (>= netcoreapp2.0)) (== netcoreapp2.0)
      FSharp.Core (>= 4.1.17) - restriction: || (&& (== net451) (< net45) (>= netstandard1.6)) (== netcoreapp2.0)
      NETStandard.Library (>= 1.6.1) - restriction: || (&& (== net451) (< net45) (>= netstandard1.6)) (== netcoreapp2.0)
    FSharp.Compiler.Service (13.0)
      FSharp.Core (>= 4.1.17) - restriction: || (&& (== net451) (>= netstandard1.6)) (== netcoreapp2.0)
      Microsoft.DiaSymReader (>= 1.1) - restriction: || (&& (== net451) (>= netstandard1.6)) (== netcoreapp2.0)
      Microsoft.DiaSymReader.PortablePdb (>= 1.2) - restriction: || (&& (== net451) (>= netstandard1.6)) (== netcoreapp2.0)
      Microsoft.NETCore.Platforms (>= 1.1) - restriction: || (&& (== net451) (>= netstandard1.6)) (== netcoreapp2.0)
      Microsoft.NETCore.Targets (>= 1.1) - restriction: || (&& (== net451) (>= netstandard1.6)) (== netcoreapp2.0)
      NETStandard.Library (>= 1.6.1) - restriction: || (&& (== net451) (>= netstandard1.6)) (== netcoreapp2.0)
      runtime.native.System (>= 4.3) - restriction: || (&& (== net451) (>= netstandard1.6)) (== netcoreapp2.0)
      runtime.native.System.IO.Compression (>= 4.3) - restriction: || (&& (== net451) (>= netstandard1.6)) (== netcoreapp2.0)
      System.Buffers (>= 4.3) - restriction: || (&& (== net451) (>= netstandard1.6)) (== netcoreapp2.0)
      System.Collections (>= 4.3) - restriction: || (&& (== net451) (>= netstandard1.6)) (== netcoreapp2.0)
      System.Collections.Immutable (>= 1.3) - restriction: || (&& (== net451) (>= netstandard1.6)) (== netcoreapp2.0)
      System.Collections.Immutable (>= 1.3.1) - restriction: || (== net451) (&& (== netcoreapp2.0) (< netstandard1.6))
      System.Diagnostics.Debug (>= 4.3) - restriction: || (&& (== net451) (>= netstandard1.6)) (== netcoreapp2.0)
      System.Diagnostics.Process (>= 4.1) - restriction: || (&& (== net451) (>= netstandard1.6)) (== netcoreapp2.0)
      System.Diagnostics.TraceSource (>= 4.0) - restriction: || (&& (== net451) (>= netstandard1.6)) (== netcoreapp2.0)
      System.Diagnostics.Tracing (>= 4.3) - restriction: || (&& (== net451) (>= netstandard1.6)) (== netcoreapp2.0)
      System.Globalization (>= 4.3) - restriction: || (&& (== net451) (>= netstandard1.6)) (== netcoreapp2.0)
      System.IO (>= 4.3) - restriction: || (&& (== net451) (>= netstandard1.6)) (== netcoreapp2.0)
      System.IO.Compression (>= 4.3) - restriction: || (&& (== net451) (>= netstandard1.6)) (== netcoreapp2.0)
      System.Linq (>= 4.3) - restriction: || (&& (== net451) (>= netstandard1.6)) (== netcoreapp2.0)
      System.Reflection (>= 4.3) - restriction: || (&& (== net451) (>= netstandard1.6)) (== netcoreapp2.0)
      System.Reflection.Emit (>= 4.3) - restriction: || (&& (== net451) (>= netstandard1.6)) (== netcoreapp2.0)
      System.Reflection.Extensions (>= 4.3) - restriction: || (&& (== net451) (>= netstandard1.6)) (== netcoreapp2.0)
      System.Reflection.Metadata (>= 1.4.1) - restriction: || (&& (== net451) (>= netstandard1.6)) (== netcoreapp2.0)
      System.Reflection.Metadata (>= 1.4.2) - restriction: || (== net451) (&& (== netcoreapp2.0) (< netstandard1.6))
      System.Reflection.Primitives (>= 4.3) - restriction: || (&& (== net451) (>= netstandard1.6)) (== netcoreapp2.0)
      System.Reflection.TypeExtensions (>= 4.3) - restriction: || (&& (== net451) (>= netstandard1.6)) (== netcoreapp2.0)
      System.Resources.ResourceManager (>= 4.3) - restriction: || (&& (== net451) (>= netstandard1.6)) (== netcoreapp2.0)
      System.Runtime (>= 4.3) - restriction: || (&& (== net451) (>= netstandard1.6)) (== netcoreapp2.0)
      System.Runtime.Extensions (>= 4.3) - restriction: || (&& (== net451) (>= netstandard1.6)) (== netcoreapp2.0)
      System.Runtime.Handles (>= 4.3) - restriction: || (&& (== net451) (>= netstandard1.6)) (== netcoreapp2.0)
      System.Runtime.InteropServices (>= 4.3) - restriction: || (&& (== net451) (>= netstandard1.6)) (== netcoreapp2.0)
      System.Runtime.Loader (>= 4.0) - restriction: || (&& (== net451) (>= netstandard1.6)) (== netcoreapp2.0)
      System.Security.Cryptography.Algorithms (>= 4.3) - restriction: || (&& (== net451) (>= netstandard1.6)) (== netcoreapp2.0)
      System.Text.Encoding (>= 4.3) - restriction: || (&& (== net451) (>= netstandard1.6)) (== netcoreapp2.0)
      System.Text.Encoding.Extensions (>= 4.3) - restriction: || (&& (== net451) (>= netstandard1.6)) (== netcoreapp2.0)
      System.Threading (>= 4.3) - restriction: || (&& (== net451) (>= netstandard1.6)) (== netcoreapp2.0)
      System.Threading.Tasks (>= 4.3) - restriction: || (&& (== net451) (>= netstandard1.6)) (== netcoreapp2.0)
    FSharp.Compiler.Service.ProjectCracker (13.0) - restriction: || (== net451) (&& (== netcoreapp2.0) (>= net451))
    FSharp.Core (4.5)
    Microsoft.CodeCoverage (1.0.3)
    Microsoft.CSharp (4.5)
    Microsoft.DiaSymReader (1.3) - restriction: || (&& (== net451) (>= netstandard1.6)) (== netcoreapp2.0)
      NETStandard.Library (>= 1.6.1) - restriction: || (&& (== net451) (< net20)) (== netcoreapp2.0)
    Microsoft.DiaSymReader.PortablePdb (1.5) - restriction: || (&& (== net451) (>= netstandard1.6)) (== netcoreapp2.0)
      Microsoft.DiaSymReader (>= 1.3)
      System.Collections (>= 4.3)
      System.Collections.Immutable (>= 1.5)
      System.Diagnostics.Debug (>= 4.3)
      System.Globalization (>= 4.3)
      System.IO (>= 4.3)
      System.Linq (>= 4.3)
      System.Reflection (>= 4.3)
      System.Reflection.Metadata (>= 1.6)
      System.Reflection.Primitives (>= 4.3)
      System.Runtime (>= 4.3)
      System.Runtime.Extensions (>= 4.3)
      System.Runtime.InteropServices (>= 4.3)
      System.Text.Encoding (>= 4.3)
      System.Threading (>= 4.3)
    Microsoft.DotNet.PlatformAbstractions (2.1) - restriction: || (&& (== net451) (>= netcoreapp2.0)) (== netcoreapp2.0)
      System.AppContext (>= 4.1) - restriction: || (&& (== net451) (< net45) (>= netstandard1.3)) (== netcoreapp2.0)
      System.Collections (>= 4.0.11) - restriction: || (&& (== net451) (< net45) (>= netstandard1.3)) (== netcoreapp2.0)
      System.IO (>= 4.1) - restriction: || (&& (== net451) (< net45) (>= netstandard1.3)) (== netcoreapp2.0)
      System.IO.FileSystem (>= 4.0.1) - restriction: || (&& (== net451) (< net45) (>= netstandard1.3)) (== netcoreapp2.0)
      System.Reflection.TypeExtensions (>= 4.1) - restriction: || (&& (== net451) (< net45) (>= netstandard1.3)) (== netcoreapp2.0)
      System.Runtime.Extensions (>= 4.1) - restriction: || (&& (== net451) (< net45) (>= netstandard1.3)) (== netcoreapp2.0)
      System.Runtime.InteropServices (>= 4.1) - restriction: || (&& (== net451) (< net45) (>= netstandard1.3)) (== netcoreapp2.0)
      System.Runtime.InteropServices.RuntimeInformation (>= 4.0)
    Microsoft.Extensions.DependencyModel (2.1) - restriction: || (&& (== net451) (>= netcoreapp2.0)) (== netcoreapp2.0)
      Microsoft.DotNet.PlatformAbstractions (>= 2.1)
      Newtonsoft.Json (>= 9.0.1)
      System.Diagnostics.Debug (>= 4.0.11) - restriction: == netcoreapp2.0
      System.Dynamic.Runtime (>= 4.0.11) - restriction: == netcoreapp2.0
      System.Linq (>= 4.1) - restriction: == netcoreapp2.0
    Microsoft.NET.Test.Sdk (15.7.2)
      Microsoft.CodeCoverage (>= 1.0.3)
      Microsoft.TestPlatform.TestHost (>= 15.7.2) - restriction: || (&& (== net451) (>= netcoreapp1.0)) (== netcoreapp2.0)
    Microsoft.NETCore.Platforms (2.1) - restriction: || (&& (== net451) (>= netcoreapp2.0)) (&& (== net451) (>= netstandard1.6)) (== netcoreapp2.0)
    Microsoft.NETCore.Targets (2.1) - restriction: || (&& (== net451) (>= netstandard1.6)) (== netcoreapp2.0)
    Microsoft.TestPlatform.ObjectModel (15.7.2)
      NETStandard.Library (>= 1.6) - restriction: == netcoreapp2.0
      System.ComponentModel.EventBasedAsync (>= 4.0.11) - restriction: == netcoreapp2.0
      System.ComponentModel.TypeConverter (>= 4.1) - restriction: == netcoreapp2.0
      System.Diagnostics.Process (>= 4.1) - restriction: == netcoreapp2.0
      System.Diagnostics.TextWriterTraceListener (>= 4.0) - restriction: == netcoreapp2.0
      System.Diagnostics.TraceSource (>= 4.0) - restriction: == netcoreapp2.0
      System.Reflection.Metadata (>= 1.3)
      System.Reflection.TypeExtensions (>= 4.1) - restriction: == netcoreapp2.0
      System.Runtime.InteropServices.RuntimeInformation (>= 4.0) - restriction: == netcoreapp2.0
      System.Runtime.InteropServices.RuntimeInformation (>= 4.3) - restriction: || (== net451) (&& (== netcoreapp2.0) (>= net451))
      System.Runtime.Loader (>= 4.0) - restriction: == netcoreapp2.0
      System.Runtime.Serialization.Json (>= 4.0.2) - restriction: == netcoreapp2.0
      System.Runtime.Serialization.Primitives (>= 4.1.1) - restriction: == netcoreapp2.0
      System.Threading.Thread (>= 4.0) - restriction: == netcoreapp2.0
      System.Xml.XPath.XmlDocument (>= 4.0.1) - restriction: == netcoreapp2.0
    Microsoft.TestPlatform.TestHost (15.7.2) - restriction: || (&& (== net451) (>= netcoreapp1.0)) (== netcoreapp2.0)
      Microsoft.Extensions.DependencyModel (>= 1.0.3) - restriction: || (&& (== net451) (>= netcoreapp1.0)) (== netcoreapp2.0)
      Microsoft.TestPlatform.ObjectModel (>= 15.7.2) - restriction: || (&& (== net451) (>= netcoreapp1.0)) (&& (== net451) (>= uap10.0)) (== netcoreapp2.0)
      Newtonsoft.Json (>= 9.0.1) - restriction: || (&& (== net451) (>= netcoreapp1.0)) (&& (== net451) (>= uap10.0)) (== netcoreapp2.0)
    Microsoft.Win32.Primitives (4.3) - restriction: || (&& (== net451) (>= netstandard1.6)) (== netcoreapp2.0)
      Microsoft.NETCore.Platforms (>= 1.1) - restriction: || (&& (== net451) (>= netstandard1.3)) (== netcoreapp2.0)
      Microsoft.NETCore.Targets (>= 1.1) - restriction: || (&& (== net451) (>= netstandard1.3)) (== netcoreapp2.0)
      System.Runtime (>= 4.3) - restriction: || (&& (== net451) (>= netstandard1.3)) (== netcoreapp2.0)
    Microsoft.Win32.Registry (4.5) - restriction: || (&& (== net451) (>= netstandard1.6)) (== netcoreapp2.0)
      System.Memory (>= 4.5)
      System.Security.AccessControl (>= 4.5) - restriction: || (&& (== net451) (>= monoandroid)) (&& (== net451) (>= monotouch)) (&& (== net451) (>= net461)) (&& (== net451) (>= netcoreapp2.0)) (&& (== net451) (>= netcoreapp2.1)) (&& (== net451) (>= netstandard2.0)) (&& (== net451) (>= xamarinios)) (&& (== net451) (>= xamarinmac)) (&& (== net451) (>= xamarintvos)) (&& (== net451) (>= xamarinwatchos)) (== netcoreapp2.0)
      System.Security.Principal.Windows (>= 4.5) - restriction: || (&& (== net451) (>= monoandroid)) (&& (== net451) (>= monotouch)) (&& (== net451) (>= net461)) (&& (== net451) (>= netcoreapp2.0)) (&& (== net451) (>= netcoreapp2.1)) (&& (== net451) (>= netstandard2.0)) (&& (== net451) (>= xamarinios)) (&& (== net451) (>= xamarinmac)) (&& (== net451) (>= xamarintvos)) (&& (== net451) (>= xamarinwatchos)) (== netcoreapp2.0)
    NETStandard.Library (2.0.3) - restriction: || (&& (== net451) (>= netstandard1.6)) (== netcoreapp2.0)
      Microsoft.NETCore.Platforms (>= 1.1)
    Newtonsoft.Json (11.0.2) - restriction: || (&& (== net451) (>= netcoreapp1.0)) (== netcoreapp2.0)
    Persimmon.TestAdapter (0.11)
      Dotnet.ProjInfo (>= 0.7.4 < 0.8) - restriction: || (&& (== net451) (>= netcoreapp2.0)) (== netcoreapp2.0)
      FSharp.Compiler.Service (>= 13.0 < 14.0)
      FSharp.Compiler.Service.ProjectCracker (>= 13.0 < 14.0) - restriction: || (== net451) (&& (== netcoreapp2.0) (>= net451))
      FSharp.Core (>= 3.1.2.5) - restriction: || (== net451) (&& (== netcoreapp2.0) (>= net451))
      FSharp.Core (>= 4.1.18) - restriction: || (&& (== net451) (>= netcoreapp2.0)) (== netcoreapp2.0)
      Microsoft.CSharp (>= 4.3)
      Microsoft.Extensions.DependencyModel (>= 2.1) - restriction: || (&& (== net451) (>= netcoreapp2.0)) (== netcoreapp2.0)
      Microsoft.TestPlatform.ObjectModel (>= 15.5) - restriction: || (== net451) (&& (== netcoreapp2.0) (>= net451))
      Microsoft.TestPlatform.ObjectModel (>= 15.7.2) - restriction: || (&& (== net451) (>= netcoreapp2.0)) (== netcoreapp2.0)
      System.Collections (>= 4.3) - restriction: || (&& (== net451) (>= netcoreapp2.0)) (== netcoreapp2.0)
      System.Dynamic.Runtime (>= 4.3) - restriction: || (&& (== net451) (>= netcoreapp2.0)) (== netcoreapp2.0)
      System.Linq (>= 4.3) - restriction: || (&& (== net451) (>= netcoreapp2.0)) (== netcoreapp2.0)
      System.Runtime.Extensions (>= 4.3) - restriction: || (&& (== net451) (>= netcoreapp2.0)) (== netcoreapp2.0)
      System.Threading.Thread (>= 4.3) - restriction: || (&& (== net451) (>= netcoreapp2.0)) (== netcoreapp2.0)
    runtime.debian.8-x64.runtime.native.System.Security.Cryptography.OpenSsl (4.3.2) - restriction: || (&& (== net451) (>= netstandard1.6)) (== netcoreapp2.0)
    runtime.fedora.23-x64.runtime.native.System.Security.Cryptography.OpenSsl (4.3.2) - restriction: || (&& (== net451) (>= netstandard1.6)) (== netcoreapp2.0)
    runtime.fedora.24-x64.runtime.native.System.Security.Cryptography.OpenSsl (4.3.2) - restriction: || (&& (== net451) (>= netstandard1.6)) (== netcoreapp2.0)
    runtime.native.System (4.3) - restriction: || (&& (== net451) (>= netstandard1.6)) (== netcoreapp2.0)
      Microsoft.NETCore.Platforms (>= 1.1)
      Microsoft.NETCore.Targets (>= 1.1)
    runtime.native.System.IO.Compression (4.3.1) - restriction: || (&& (== net451) (>= netstandard1.6)) (== netcoreapp2.0)
      Microsoft.NETCore.Platforms (>= 1.1)
      Microsoft.NETCore.Targets (>= 1.1.1)
    runtime.native.System.Security.Cryptography.Apple (4.3.1) - restriction: || (&& (== net451) (>= netstandard1.6)) (== netcoreapp2.0)
      runtime.osx.10.10-x64.runtime.native.System.Security.Cryptography.Apple (>= 4.3.1)
    runtime.native.System.Security.Cryptography.OpenSsl (4.3.2) - restriction: || (&& (== net451) (>= netstandard1.6)) (== netcoreapp2.0)
      runtime.debian.8-x64.runtime.native.System.Security.Cryptography.OpenSsl (>= 4.3.2)
      runtime.fedora.23-x64.runtime.native.System.Security.Cryptography.OpenSsl (>= 4.3.2)
      runtime.fedora.24-x64.runtime.native.System.Security.Cryptography.OpenSsl (>= 4.3.2)
      runtime.opensuse.13.2-x64.runtime.native.System.Security.Cryptography.OpenSsl (>= 4.3.2)
      runtime.opensuse.42.1-x64.runtime.native.System.Security.Cryptography.OpenSsl (>= 4.3.2)
      runtime.osx.10.10-x64.runtime.native.System.Security.Cryptography.OpenSsl (>= 4.3.2)
      runtime.rhel.7-x64.runtime.native.System.Security.Cryptography.OpenSsl (>= 4.3.2)
      runtime.ubuntu.14.04-x64.runtime.native.System.Security.Cryptography.OpenSsl (>= 4.3.2)
      runtime.ubuntu.16.04-x64.runtime.native.System.Security.Cryptography.OpenSsl (>= 4.3.2)
      runtime.ubuntu.16.10-x64.runtime.native.System.Security.Cryptography.OpenSsl (>= 4.3.2)
    runtime.opensuse.13.2-x64.runtime.native.System.Security.Cryptography.OpenSsl (4.3.2) - restriction: || (&& (== net451) (>= netstandard1.6)) (== netcoreapp2.0)
    runtime.opensuse.42.1-x64.runtime.native.System.Security.Cryptography.OpenSsl (4.3.2) - restriction: || (&& (== net451) (>= netstandard1.6)) (== netcoreapp2.0)
    runtime.osx.10.10-x64.runtime.native.System.Security.Cryptography.Apple (4.3.1) - restriction: || (&& (== net451) (>= netstandard1.6)) (== netcoreapp2.0)
    runtime.osx.10.10-x64.runtime.native.System.Security.Cryptography.OpenSsl (4.3.2) - restriction: || (&& (== net451) (>= netstandard1.6)) (== netcoreapp2.0)
    runtime.rhel.7-x64.runtime.native.System.Security.Cryptography.OpenSsl (4.3.2) - restriction: || (&& (== net451) (>= netstandard1.6)) (== netcoreapp2.0)
    runtime.ubuntu.14.04-x64.runtime.native.System.Security.Cryptography.OpenSsl (4.3.2) - restriction: || (&& (== net451) (>= netstandard1.6)) (== netcoreapp2.0)
    runtime.ubuntu.16.04-x64.runtime.native.System.Security.Cryptography.OpenSsl (4.3.2) - restriction: || (&& (== net451) (>= netstandard1.6)) (== netcoreapp2.0)
    runtime.ubuntu.16.10-x64.runtime.native.System.Security.Cryptography.OpenSsl (4.3.2) - restriction: || (&& (== net451) (>= netstandard1.6)) (== netcoreapp2.0)
    System.AppContext (4.3) - restriction: || (&& (== net451) (>= netcoreapp2.0)) (== netcoreapp2.0)
      System.Runtime (>= 4.3) - restriction: || (&& (== net451) (>= dnxcore50)) (&& (== net451) (>= netstandard1.3)) (&& (== net451) (>= netstandard1.6)) (== netcoreapp2.0)
    System.Buffers (4.5) - restriction: || (&& (== net451) (>= netstandard1.6)) (== netcoreapp2.0)
    System.Collections (4.3) - restriction: || (&& (== net451) (>= netcoreapp2.0)) (== netcoreapp2.0)
      Microsoft.NETCore.Platforms (>= 1.1) - restriction: || (&& (== net451) (>= dnxcore50)) (&& (== net451) (< net45)) (== netcoreapp2.0)
      Microsoft.NETCore.Targets (>= 1.1) - restriction: || (&& (== net451) (>= dnxcore50)) (&& (== net451) (< net45)) (== netcoreapp2.0)
      System.Runtime (>= 4.3) - restriction: || (&& (== net451) (>= dnxcore50)) (&& (== net451) (< net45)) (== netcoreapp2.0)
    System.Collections.Concurrent (4.3) - restriction: == netcoreapp2.0
      System.Collections (>= 4.3) - restriction: || (&& (== net451) (>= dnxcore50)) (&& (== net451) (< net45) (>= netstandard1.3)) (== netcoreapp2.0)
      System.Diagnostics.Debug (>= 4.3) - restriction: || (&& (== net451) (>= dnxcore50)) (&& (== net451) (< net45) (>= netstandard1.3)) (== netcoreapp2.0)
      System.Diagnostics.Tracing (>= 4.3) - restriction: || (&& (== net451) (>= dnxcore50)) (&& (== net451) (< net45) (>= netstandard1.3)) (== netcoreapp2.0)
      System.Globalization (>= 4.3) - restriction: || (&& (== net451) (>= dnxcore50)) (&& (== net451) (< net45) (>= netstandard1.3)) (== netcoreapp2.0)
      System.Reflection (>= 4.3) - restriction: || (&& (== net451) (< net45) (>= netstandard1.3)) (== netcoreapp2.0)
      System.Resources.ResourceManager (>= 4.3) - restriction: || (&& (== net451) (>= dnxcore50)) (&& (== net451) (< net45) (>= netstandard1.3)) (== netcoreapp2.0)
      System.Runtime (>= 4.3) - restriction: || (&& (== net451) (>= dnxcore50)) (&& (== net451) (< net45)) (== netcoreapp2.0)
      System.Runtime.Extensions (>= 4.3) - restriction: || (&& (== net451) (>= dnxcore50)) (&& (== net451) (< net45) (>= netstandard1.3)) (== netcoreapp2.0)
      System.Threading (>= 4.3) - restriction: || (&& (== net451) (>= dnxcore50)) (&& (== net451) (< net45) (>= netstandard1.3)) (== netcoreapp2.0)
      System.Threading.Tasks (>= 4.3) - restriction: || (&& (== net451) (>= dnxcore50)) (&& (== net451) (< net45)) (== netcoreapp2.0)
    System.Collections.Immutable (1.5)
    System.Collections.NonGeneric (4.3) - restriction: == netcoreapp2.0
      System.Diagnostics.Debug (>= 4.3) - restriction: || (&& (== net451) (>= netstandard1.3)) (== netcoreapp2.0)
      System.Globalization (>= 4.3) - restriction: || (&& (== net451) (>= netstandard1.3)) (== netcoreapp2.0)
      System.Resources.ResourceManager (>= 4.3) - restriction: || (&& (== net451) (>= netstandard1.3)) (== netcoreapp2.0)
      System.Runtime (>= 4.3) - restriction: || (&& (== net451) (>= netstandard1.3)) (== netcoreapp2.0)
      System.Runtime.Extensions (>= 4.3) - restriction: || (&& (== net451) (>= netstandard1.3)) (== netcoreapp2.0)
      System.Threading (>= 4.3) - restriction: || (&& (== net451) (>= netstandard1.3)) (== netcoreapp2.0)
    System.Collections.Specialized (4.3) - restriction: == netcoreapp2.0
      System.Collections.NonGeneric (>= 4.3) - restriction: || (&& (== net451) (>= netstandard1.3)) (== netcoreapp2.0)
      System.Globalization (>= 4.3) - restriction: || (&& (== net451) (>= netstandard1.3)) (== netcoreapp2.0)
      System.Globalization.Extensions (>= 4.3) - restriction: || (&& (== net451) (>= netstandard1.3)) (== netcoreapp2.0)
      System.Resources.ResourceManager (>= 4.3) - restriction: || (&& (== net451) (>= netstandard1.3)) (== netcoreapp2.0)
      System.Runtime (>= 4.3) - restriction: || (&& (== net451) (>= netstandard1.3)) (== netcoreapp2.0)
      System.Runtime.Extensions (>= 4.3) - restriction: || (&& (== net451) (>= netstandard1.3)) (== netcoreapp2.0)
      System.Threading (>= 4.3) - restriction: || (&& (== net451) (>= netstandard1.3)) (== netcoreapp2.0)
    System.ComponentModel (4.3) - restriction: == netcoreapp2.0
      System.Runtime (>= 4.3) - restriction: || (&& (== net451) (>= dnxcore50)) (&& (== net451) (< net45)) (== netcoreapp2.0)
    System.ComponentModel.EventBasedAsync (4.3) - restriction: == netcoreapp2.0
      System.Resources.ResourceManager (>= 4.3) - restriction: || (&& (== net451) (>= dnxcore50)) (&& (== net451) (< net45) (>= netstandard1.3)) (== netcoreapp2.0)
      System.Runtime (>= 4.3) - restriction: || (&& (== net451) (>= dnxcore50)) (&& (== net451) (< net45)) (== netcoreapp2.0)
      System.Threading (>= 4.3) - restriction: || (&& (== net451) (>= dnxcore50)) (&& (== net451) (< net45) (>= netstandard1.3)) (== netcoreapp2.0)
      System.Threading.Tasks (>= 4.3) - restriction: || (&& (== net451) (>= dnxcore50)) (&& (== net451) (< net45) (>= netstandard1.3)) (== netcoreapp2.0)
    System.ComponentModel.Primitives (4.3) - restriction: == netcoreapp2.0
      System.ComponentModel (>= 4.3) - restriction: || (&& (== net451) (< net45)) (== netcoreapp2.0)
      System.Resources.ResourceManager (>= 4.3) - restriction: || (&& (== net451) (< net45)) (== netcoreapp2.0)
      System.Runtime (>= 4.3) - restriction: || (&& (== net451) (< net45)) (== netcoreapp2.0)
    System.ComponentModel.TypeConverter (4.3) - restriction: == netcoreapp2.0
      System.Collections (>= 4.3) - restriction: || (&& (== net451) (< net45)) (== netcoreapp2.0)
      System.Collections.NonGeneric (>= 4.3) - restriction: || (&& (== net451) (< net45) (>= netstandard1.5)) (&& (== net451) (>= net462)) (== netcoreapp2.0)
      System.Collections.Specialized (>= 4.3) - restriction: || (&& (== net451) (< net45) (>= netstandard1.5)) (== netcoreapp2.0)
      System.ComponentModel (>= 4.3) - restriction: || (&& (== net451) (< net45)) (== netcoreapp2.0)
      System.ComponentModel.Primitives (>= 4.3)
      System.Globalization (>= 4.3) - restriction: || (&& (== net451) (< net45)) (== netcoreapp2.0)
      System.Linq (>= 4.3) - restriction: || (&& (== net451) (< net45) (>= netstandard1.5)) (== netcoreapp2.0)
      System.Reflection (>= 4.3) - restriction: || (&& (== net451) (< net45)) (== netcoreapp2.0)
      System.Reflection.Extensions (>= 4.3) - restriction: || (&& (== net451) (< net45)) (== netcoreapp2.0)
      System.Reflection.Primitives (>= 4.3) - restriction: || (&& (== net451) (< net45)) (== netcoreapp2.0)
      System.Reflection.TypeExtensions (>= 4.3) - restriction: || (&& (== net451) (< net45) (>= netstandard1.5)) (== netcoreapp2.0)
      System.Resources.ResourceManager (>= 4.3) - restriction: || (&& (== net451) (< net45)) (== netcoreapp2.0)
      System.Runtime (>= 4.3) - restriction: || (&& (== net451) (< net45)) (== netcoreapp2.0)
      System.Runtime.Extensions (>= 4.3) - restriction: || (&& (== net451) (< net45)) (== netcoreapp2.0)
      System.Threading (>= 4.3) - restriction: || (&& (== net451) (< net45)) (== netcoreapp2.0)
    System.Diagnostics.Debug (4.3) - restriction: || (&& (== net451) (>= netstandard1.6)) (== netcoreapp2.0)
      Microsoft.NETCore.Platforms (>= 1.1) - restriction: || (&& (== net451) (>= dnxcore50)) (&& (== net451) (< net45)) (== netcoreapp2.0)
      Microsoft.NETCore.Targets (>= 1.1) - restriction: || (&& (== net451) (>= dnxcore50)) (&& (== net451) (< net45)) (== netcoreapp2.0)
      System.Runtime (>= 4.3) - restriction: || (&& (== net451) (>= dnxcore50)) (&& (== net451) (< net45)) (== netcoreapp2.0)
    System.Diagnostics.Process (4.3) - restriction: || (&& (== net451) (>= netstandard1.6)) (== netcoreapp2.0)
      Microsoft.NETCore.Platforms (>= 1.1) - restriction: || (&& (== net451) (>= netstandard1.4)) (== netcoreapp2.0)
      Microsoft.Win32.Primitives (>= 4.3) - restriction: || (&& (== net451) (>= netstandard1.4)) (== netcoreapp2.0)
      Microsoft.Win32.Registry (>= 4.3) - restriction: || (&& (== net451) (>= netstandard1.4)) (== netcoreapp2.0)
      runtime.native.System (>= 4.3) - restriction: || (&& (== net451) (>= netstandard1.4)) (== netcoreapp2.0)
      System.Collections (>= 4.3) - restriction: || (&& (== net451) (>= netstandard1.4)) (== netcoreapp2.0)
      System.Diagnostics.Debug (>= 4.3) - restriction: || (&& (== net451) (>= netstandard1.4)) (== netcoreapp2.0)
      System.Globalization (>= 4.3) - restriction: || (&& (== net451) (>= netstandard1.4)) (== netcoreapp2.0)
      System.IO (>= 4.3) - restriction: || (&& (== net451) (>= netstandard1.3)) (&& (== net451) (>= netstandard1.4)) (== netcoreapp2.0)
      System.IO.FileSystem (>= 4.3) - restriction: || (&& (== net451) (>= netstandard1.4)) (== netcoreapp2.0)
      System.IO.FileSystem.Primitives (>= 4.3) - restriction: || (&& (== net451) (>= netstandard1.4)) (== netcoreapp2.0)
      System.Resources.ResourceManager (>= 4.3) - restriction: || (&& (== net451) (>= netstandard1.4)) (== netcoreapp2.0)
      System.Runtime (>= 4.3) - restriction: || (&& (== net451) (>= netstandard1.3)) (&& (== net451) (>= netstandard1.4)) (== netcoreapp2.0)
      System.Runtime.Extensions (>= 4.3) - restriction: || (&& (== net451) (>= netstandard1.4)) (== netcoreapp2.0)
      System.Runtime.Handles (>= 4.3) - restriction: || (&& (== net451) (>= netstandard1.3)) (&& (== net451) (>= netstandard1.4)) (== netcoreapp2.0)
      System.Runtime.InteropServices (>= 4.3) - restriction: || (&& (== net451) (>= netstandard1.4)) (== netcoreapp2.0)
      System.Text.Encoding (>= 4.3) - restriction: || (&& (== net451) (>= netstandard1.3)) (&& (== net451) (>= netstandard1.4)) (== netcoreapp2.0)
      System.Text.Encoding.Extensions (>= 4.3) - restriction: || (&& (== net451) (>= netstandard1.4)) (== netcoreapp2.0)
      System.Threading (>= 4.3) - restriction: || (&& (== net451) (>= netstandard1.4)) (== netcoreapp2.0)
      System.Threading.Tasks (>= 4.3) - restriction: || (&& (== net451) (>= netstandard1.4)) (== netcoreapp2.0)
      System.Threading.Thread (>= 4.3) - restriction: || (&& (== net451) (>= netstandard1.4)) (== netcoreapp2.0)
      System.Threading.ThreadPool (>= 4.3) - restriction: || (&& (== net451) (>= netstandard1.4)) (== netcoreapp2.0)
    System.Diagnostics.TextWriterTraceListener (4.3) - restriction: == netcoreapp2.0
      System.Diagnostics.TraceSource (>= 4.3) - restriction: || (&& (== net451) (>= net46)) (&& (== net451) (>= netstandard1.3)) (== netcoreapp2.0)
      System.Globalization (>= 4.3) - restriction: || (&& (== net451) (>= netstandard1.3)) (== netcoreapp2.0)
      System.IO (>= 4.3) - restriction: || (&& (== net451) (>= netstandard1.3)) (== netcoreapp2.0)
      System.Resources.ResourceManager (>= 4.3) - restriction: || (&& (== net451) (>= netstandard1.3)) (== netcoreapp2.0)
      System.Runtime (>= 4.3) - restriction: || (&& (== net451) (>= netstandard1.3)) (== netcoreapp2.0)
      System.Threading (>= 4.3) - restriction: || (&& (== net451) (>= netstandard1.3)) (== netcoreapp2.0)
    System.Diagnostics.Tools (4.3) - restriction: == netcoreapp2.0
      Microsoft.NETCore.Platforms (>= 1.1) - restriction: || (&& (== net451) (>= dnxcore50)) (&& (== net451) (< net45)) (== netcoreapp2.0)
      Microsoft.NETCore.Targets (>= 1.1) - restriction: || (&& (== net451) (>= dnxcore50)) (&& (== net451) (< net45)) (== netcoreapp2.0)
      System.Runtime (>= 4.3) - restriction: || (&& (== net451) (>= dnxcore50)) (&& (== net451) (< net45)) (== netcoreapp2.0)
    System.Diagnostics.TraceSource (4.3) - restriction: || (&& (== net451) (>= netstandard1.6)) (== netcoreapp2.0)
      Microsoft.NETCore.Platforms (>= 1.1) - restriction: || (&& (== net451) (>= netstandard1.3)) (== netcoreapp2.0)
      runtime.native.System (>= 4.3) - restriction: || (&& (== net451) (>= netstandard1.3)) (== netcoreapp2.0)
      System.Collections (>= 4.3) - restriction: || (&& (== net451) (>= netstandard1.3)) (== netcoreapp2.0)
      System.Diagnostics.Debug (>= 4.3) - restriction: || (&& (== net451) (>= netstandard1.3)) (== netcoreapp2.0)
      System.Globalization (>= 4.3) - restriction: || (&& (== net451) (>= netstandard1.3)) (== netcoreapp2.0)
      System.Resources.ResourceManager (>= 4.3) - restriction: || (&& (== net451) (>= netstandard1.3)) (== netcoreapp2.0)
      System.Runtime (>= 4.3) - restriction: || (&& (== net451) (>= netstandard1.3)) (== netcoreapp2.0)
      System.Runtime.Extensions (>= 4.3) - restriction: || (&& (== net451) (>= netstandard1.3)) (== netcoreapp2.0)
      System.Threading (>= 4.3) - restriction: || (&& (== net451) (>= netstandard1.3)) (== netcoreapp2.0)
    System.Diagnostics.Tracing (4.3) - restriction: || (&& (== net451) (>= netstandard1.6)) (== netcoreapp2.0)
      Microsoft.NETCore.Platforms (>= 1.1) - restriction: || (&& (== net451) (>= dnxcore50)) (&& (== net451) (< net45)) (== netcoreapp2.0)
      Microsoft.NETCore.Targets (>= 1.1) - restriction: || (&& (== net451) (>= dnxcore50)) (&& (== net451) (< net45)) (== netcoreapp2.0)
      System.Runtime (>= 4.3) - restriction: || (&& (== net451) (>= dnxcore50)) (&& (== net451) (< net45)) (== netcoreapp2.0)
    System.Dynamic.Runtime (4.3) - restriction: || (&& (== net451) (>= netcoreapp2.0)) (== netcoreapp2.0)
      System.Collections (>= 4.3) - restriction: || (&& (== net451) (>= dnxcore50)) (&& (== net451) (< net45) (>= netstandard1.3)) (== netcoreapp2.0)
      System.Diagnostics.Debug (>= 4.3) - restriction: || (&& (== net451) (>= dnxcore50)) (&& (== net451) (< net45) (>= netstandard1.3)) (== netcoreapp2.0)
      System.Linq (>= 4.3) - restriction: || (&& (== net451) (>= dnxcore50)) (&& (== net451) (< net45) (>= netstandard1.3)) (== netcoreapp2.0)
      System.Linq.Expressions (>= 4.3) - restriction: || (&& (== net451) (>= dnxcore50)) (&& (== net451) (< net45)) (== netcoreapp2.0)
      System.ObjectModel (>= 4.3) - restriction: || (&& (== net451) (>= dnxcore50)) (&& (== net451) (< net45)) (== netcoreapp2.0)
      System.Reflection (>= 4.3) - restriction: || (&& (== net451) (>= dnxcore50)) (&& (== net451) (< net45)) (== netcoreapp2.0)
      System.Reflection.Emit (>= 4.3) - restriction: || (&& (== net451) (< net45) (>= netstandard1.3)) (== netcoreapp2.0)
      System.Reflection.Emit.ILGeneration (>= 4.3) - restriction: || (&& (== net451) (< net45) (>= netstandard1.3)) (== netcoreapp2.0)
      System.Reflection.Primitives (>= 4.3) - restriction: || (&& (== net451) (< net45) (>= netstandard1.3)) (== netcoreapp2.0)
      System.Reflection.TypeExtensions (>= 4.3) - restriction: || (&& (== net451) (>= dnxcore50)) (&& (== net451) (< net45) (>= netstandard1.3)) (== netcoreapp2.0)
      System.Resources.ResourceManager (>= 4.3) - restriction: || (&& (== net451) (>= dnxcore50)) (&& (== net451) (< net45) (>= netstandard1.3)) (== netcoreapp2.0)
      System.Runtime (>= 4.3) - restriction: || (&& (== net451) (>= dnxcore50)) (&& (== net451) (< net45)) (== netcoreapp2.0)
      System.Runtime.Extensions (>= 4.3) - restriction: || (&& (== net451) (>= dnxcore50)) (&& (== net451) (< net45) (>= netstandard1.3)) (== netcoreapp2.0)
      System.Threading (>= 4.3) - restriction: || (&& (== net451) (>= dnxcore50)) (&& (== net451) (< net45) (>= netstandard1.3)) (== netcoreapp2.0)
    System.Globalization (4.3) - restriction: || (&& (== net451) (>= netstandard1.6)) (== netcoreapp2.0)
      Microsoft.NETCore.Platforms (>= 1.1) - restriction: || (&& (== net451) (>= dnxcore50)) (&& (== net451) (< net45)) (== netcoreapp2.0)
      Microsoft.NETCore.Targets (>= 1.1) - restriction: || (&& (== net451) (>= dnxcore50)) (&& (== net451) (< net45)) (== netcoreapp2.0)
      System.Runtime (>= 4.3) - restriction: || (&& (== net451) (>= dnxcore50)) (&& (== net451) (< net45)) (== netcoreapp2.0)
    System.Globalization.Extensions (4.3) - restriction: == netcoreapp2.0
      Microsoft.NETCore.Platforms (>= 1.1) - restriction: || (&& (== net451) (>= netstandard1.3)) (== netcoreapp2.0)
      System.Globalization (>= 4.3) - restriction: || (&& (== net451) (>= netstandard1.3)) (== netcoreapp2.0)
      System.Resources.ResourceManager (>= 4.3) - restriction: || (&& (== net451) (>= netstandard1.3)) (== netcoreapp2.0)
      System.Runtime (>= 4.3) - restriction: || (&& (== net451) (>= netstandard1.3)) (== netcoreapp2.0)
      System.Runtime.Extensions (>= 4.3) - restriction: || (&& (== net451) (>= netstandard1.3)) (== netcoreapp2.0)
      System.Runtime.InteropServices (>= 4.3) - restriction: || (&& (== net451) (>= netstandard1.3)) (== netcoreapp2.0)
    System.IO (4.3) - restriction: || (&& (== net451) (>= netstandard1.6)) (== netcoreapp2.0)
      Microsoft.NETCore.Platforms (>= 1.1) - restriction: || (&& (== net451) (>= dnxcore50)) (&& (== net451) (< net45)) (== netcoreapp2.0)
      Microsoft.NETCore.Targets (>= 1.1) - restriction: || (&& (== net451) (>= dnxcore50)) (&& (== net451) (< net45)) (== netcoreapp2.0)
      System.Runtime (>= 4.3) - restriction: || (&& (== net451) (>= dnxcore50)) (&& (== net451) (< net45)) (== netcoreapp2.0)
      System.Text.Encoding (>= 4.3) - restriction: || (&& (== net451) (>= dnxcore50)) (&& (== net451) (< net45)) (== netcoreapp2.0)
      System.Threading.Tasks (>= 4.3) - restriction: || (&& (== net451) (>= dnxcore50)) (&& (== net451) (< net45)) (== netcoreapp2.0)
    System.IO.Compression (4.3) - restriction: || (&& (== net451) (>= netstandard1.6)) (== netcoreapp2.0)
      Microsoft.NETCore.Platforms (>= 1.1) - restriction: || (&& (== net451) (< net45) (>= netstandard1.3)) (== netcoreapp2.0)
      runtime.native.System (>= 4.3) - restriction: || (&& (== net451) (< net45) (>= netstandard1.3)) (== netcoreapp2.0)
      runtime.native.System.IO.Compression (>= 4.3) - restriction: || (&& (== net451) (>= dnxcore50)) (&& (== net451) (< net45) (>= netstandard1.3)) (== netcoreapp2.0)
      System.Buffers (>= 4.3) - restriction: || (&& (== net451) (>= dnxcore50)) (&& (== net451) (< net45) (>= netstandard1.3)) (== netcoreapp2.0)
      System.Collections (>= 4.3) - restriction: || (&& (== net451) (>= dnxcore50)) (&& (== net451) (< net45) (>= netstandard1.3)) (== netcoreapp2.0)
      System.Diagnostics.Debug (>= 4.3) - restriction: || (&& (== net451) (>= dnxcore50)) (&& (== net451) (< net45) (>= netstandard1.3)) (== netcoreapp2.0)
      System.IO (>= 4.3) - restriction: || (&& (== net451) (>= dnxcore50)) (&& (== net451) (< net45)) (== netcoreapp2.0)
      System.Resources.ResourceManager (>= 4.3) - restriction: || (&& (== net451) (>= dnxcore50)) (&& (== net451) (< net45) (>= netstandard1.3)) (== netcoreapp2.0)
      System.Runtime (>= 4.3) - restriction: || (&& (== net451) (>= dnxcore50)) (&& (== net451) (< net45)) (== netcoreapp2.0)
      System.Runtime.Extensions (>= 4.3) - restriction: || (&& (== net451) (>= dnxcore50)) (&& (== net451) (< net45) (>= netstandard1.3)) (== netcoreapp2.0)
      System.Runtime.Handles (>= 4.3) - restriction: || (&& (== net451) (>= dnxcore50)) (&& (== net451) (< net45) (>= netstandard1.3)) (== netcoreapp2.0)
      System.Runtime.InteropServices (>= 4.3) - restriction: || (&& (== net451) (>= dnxcore50)) (&& (== net451) (< net45) (>= netstandard1.3)) (== netcoreapp2.0)
      System.Text.Encoding (>= 4.3) - restriction: || (&& (== net451) (>= dnxcore50)) (&& (== net451) (< net45)) (== netcoreapp2.0)
      System.Threading (>= 4.3) - restriction: || (&& (== net451) (>= dnxcore50)) (&& (== net451) (< net45) (>= netstandard1.3)) (== netcoreapp2.0)
      System.Threading.Tasks (>= 4.3) - restriction: || (&& (== net451) (>= dnxcore50)) (&& (== net451) (< net45) (>= netstandard1.3)) (== netcoreapp2.0)
    System.IO.FileSystem (4.3) - restriction: || (&& (== net451) (>= netstandard1.6)) (== netcoreapp2.0)
      Microsoft.NETCore.Platforms (>= 1.1) - restriction: || (&& (== net451) (>= netstandard1.3)) (== netcoreapp2.0)
      Microsoft.NETCore.Targets (>= 1.1) - restriction: || (&& (== net451) (>= netstandard1.3)) (== netcoreapp2.0)
      System.IO (>= 4.3) - restriction: || (&& (== net451) (>= netstandard1.3)) (== netcoreapp2.0)
      System.IO.FileSystem.Primitives (>= 4.3) - restriction: || (&& (== net451) (>= net46)) (&& (== net451) (>= netstandard1.3)) (== netcoreapp2.0)
      System.Runtime (>= 4.3) - restriction: || (&& (== net451) (>= netstandard1.3)) (== netcoreapp2.0)
      System.Runtime.Handles (>= 4.3) - restriction: || (&& (== net451) (>= netstandard1.3)) (== netcoreapp2.0)
      System.Text.Encoding (>= 4.3) - restriction: || (&& (== net451) (>= netstandard1.3)) (== netcoreapp2.0)
      System.Threading.Tasks (>= 4.3) - restriction: || (&& (== net451) (>= netstandard1.3)) (== netcoreapp2.0)
    System.IO.FileSystem.Primitives (4.3) - restriction: || (&& (== net451) (>= netstandard1.6)) (== netcoreapp2.0)
      System.Runtime (>= 4.3) - restriction: || (&& (== net451) (>= netstandard1.3)) (== netcoreapp2.0)
    System.Linq (4.3) - restriction: || (&& (== net451) (>= netcoreapp2.0)) (== netcoreapp2.0)
      System.Collections (>= 4.3) - restriction: || (&& (== net451) (>= dnxcore50)) (&& (== net451) (< net45)) (== netcoreapp2.0)
      System.Diagnostics.Debug (>= 4.3) - restriction: || (&& (== net451) (>= dnxcore50)) (&& (== net451) (< net45) (>= netstandard1.6)) (== netcoreapp2.0)
      System.Resources.ResourceManager (>= 4.3) - restriction: || (&& (== net451) (>= dnxcore50)) (&& (== net451) (< net45) (>= netstandard1.6)) (== netcoreapp2.0)
      System.Runtime (>= 4.3) - restriction: || (&& (== net451) (>= dnxcore50)) (&& (== net451) (< net45)) (== netcoreapp2.0)
      System.Runtime.Extensions (>= 4.3) - restriction: || (&& (== net451) (>= dnxcore50)) (&& (== net451) (< net45) (>= netstandard1.6)) (== netcoreapp2.0)
    System.Linq.Expressions (4.3) - restriction: || (&& (== net451) (>= netcoreapp2.0)) (== netcoreapp2.0)
      System.Collections (>= 4.3) - restriction: || (&& (== net451) (>= dnxcore50)) (&& (== net451) (< net45) (>= netstandard1.6)) (== netcoreapp2.0)
      System.Diagnostics.Debug (>= 4.3) - restriction: || (&& (== net451) (>= dnxcore50)) (&& (== net451) (< net45) (>= netstandard1.6)) (== netcoreapp2.0)
      System.Globalization (>= 4.3) - restriction: || (&& (== net451) (>= dnxcore50)) (&& (== net451) (< net45) (>= netstandard1.6)) (== netcoreapp2.0)
      System.IO (>= 4.3) - restriction: || (&& (== net451) (>= dnxcore50)) (&& (== net451) (< net45) (>= netstandard1.6)) (== netcoreapp2.0)
      System.Linq (>= 4.3) - restriction: || (&& (== net451) (>= dnxcore50)) (&& (== net451) (< net45) (>= netstandard1.6)) (== netcoreapp2.0)
      System.ObjectModel (>= 4.3) - restriction: || (&& (== net451) (< net45) (>= netstandard1.6)) (== netcoreapp2.0)
      System.Reflection (>= 4.3) - restriction: || (&& (== net451) (>= dnxcore50)) (&& (== net451) (< net45)) (== netcoreapp2.0)
      System.Reflection.Emit (>= 4.3) - restriction: || (&& (== net451) (< net45) (>= netstandard1.6)) (== netcoreapp2.0)
      System.Reflection.Emit.ILGeneration (>= 4.3) - restriction: || (&& (== net451) (>= dnxcore50)) (&& (== net451) (< net45) (>= netstandard1.6)) (== netcoreapp2.0)
      System.Reflection.Emit.Lightweight (>= 4.3) - restriction: || (&& (== net451) (>= dnxcore50)) (&& (== net451) (< net45) (>= netstandard1.6)) (== netcoreapp2.0)
      System.Reflection.Extensions (>= 4.3) - restriction: || (&& (== net451) (>= dnxcore50)) (&& (== net451) (< net45) (>= netstandard1.6)) (== netcoreapp2.0)
      System.Reflection.Primitives (>= 4.3) - restriction: || (&& (== net451) (>= dnxcore50)) (&& (== net451) (< net45) (>= netstandard1.6)) (== netcoreapp2.0)
      System.Reflection.TypeExtensions (>= 4.3) - restriction: || (&& (== net451) (>= dnxcore50)) (&& (== net451) (< net45) (>= netstandard1.6)) (== netcoreapp2.0)
      System.Resources.ResourceManager (>= 4.3) - restriction: || (&& (== net451) (>= dnxcore50)) (&& (== net451) (< net45) (>= netstandard1.6)) (== netcoreapp2.0)
      System.Runtime (>= 4.3) - restriction: || (&& (== net451) (>= dnxcore50)) (&& (== net451) (< net45)) (== netcoreapp2.0)
      System.Runtime.Extensions (>= 4.3) - restriction: || (&& (== net451) (>= dnxcore50)) (&& (== net451) (< net45) (>= netstandard1.6)) (== netcoreapp2.0)
      System.Threading (>= 4.3) - restriction: || (&& (== net451) (>= dnxcore50)) (&& (== net451) (< net45) (>= netstandard1.6)) (== netcoreapp2.0)
    System.Memory (4.5.1) - restriction: || (&& (== net451) (>= netcoreapp2.0)) (&& (== net451) (>= netstandard1.6)) (&& (== net451) (>= netstandard2.0)) (== netcoreapp2.0)
      System.Runtime.CompilerServices.Unsafe (>= 4.5)
    System.ObjectModel (4.3) - restriction: || (&& (== net451) (>= netcoreapp2.0)) (== netcoreapp2.0)
      System.Collections (>= 4.3) - restriction: || (&& (== net451) (>= dnxcore50)) (&& (== net451) (< net45) (>= netstandard1.3)) (== netcoreapp2.0)
      System.Diagnostics.Debug (>= 4.3) - restriction: || (&& (== net451) (>= dnxcore50)) (&& (== net451) (< net45) (>= netstandard1.3)) (== netcoreapp2.0)
      System.Resources.ResourceManager (>= 4.3) - restriction: || (&& (== net451) (>= dnxcore50)) (&& (== net451) (< net45) (>= netstandard1.3)) (== netcoreapp2.0)
      System.Runtime (>= 4.3) - restriction: || (&& (== net451) (>= dnxcore50)) (&& (== net451) (< net45)) (== netcoreapp2.0)
      System.Threading (>= 4.3) - restriction: || (&& (== net451) (>= dnxcore50)) (&& (== net451) (< net45) (>= netstandard1.3)) (== netcoreapp2.0)
    System.Private.DataContractSerialization (4.3) - restriction: == netcoreapp2.0
      System.Collections (>= 4.3) - restriction: || (&& (== net451) (>= dnxcore50)) (&& (== net451) (>= netstandard1.3)) (== netcoreapp2.0)
      System.Collections.Concurrent (>= 4.3) - restriction: || (&& (== net451) (>= dnxcore50)) (&& (== net451) (>= netstandard1.3)) (== netcoreapp2.0)
      System.Diagnostics.Debug (>= 4.3) - restriction: || (&& (== net451) (>= dnxcore50)) (&& (== net451) (>= netstandard1.3)) (== netcoreapp2.0)
      System.Globalization (>= 4.3) - restriction: || (&& (== net451) (>= dnxcore50)) (&& (== net451) (>= netstandard1.3)) (== netcoreapp2.0)
      System.IO (>= 4.3) - restriction: || (&& (== net451) (>= dnxcore50)) (&& (== net451) (>= netstandard1.3)) (== netcoreapp2.0)
      System.Linq (>= 4.3) - restriction: || (&& (== net451) (>= dnxcore50)) (&& (== net451) (>= netstandard1.3)) (== netcoreapp2.0)
      System.Reflection (>= 4.3) - restriction: || (&& (== net451) (>= dnxcore50)) (&& (== net451) (>= netstandard1.3)) (== netcoreapp2.0)
      System.Reflection.Emit.ILGeneration (>= 4.3) - restriction: || (&& (== net451) (>= netstandard1.3)) (== netcoreapp2.0)
      System.Reflection.Emit.Lightweight (>= 4.3) - restriction: || (&& (== net451) (>= netstandard1.3)) (== netcoreapp2.0)
      System.Reflection.Extensions (>= 4.3) - restriction: || (&& (== net451) (>= dnxcore50)) (&& (== net451) (>= netstandard1.3)) (== netcoreapp2.0)
      System.Reflection.Primitives (>= 4.3) - restriction: || (&& (== net451) (>= dnxcore50)) (&& (== net451) (>= netstandard1.3)) (== netcoreapp2.0)
      System.Reflection.TypeExtensions (>= 4.3) - restriction: || (&& (== net451) (>= dnxcore50)) (&& (== net451) (>= net46)) (&& (== net451) (>= netstandard1.3)) (== netcoreapp2.0)
      System.Resources.ResourceManager (>= 4.3) - restriction: || (&& (== net451) (>= dnxcore50)) (&& (== net451) (>= netstandard1.3)) (== netcoreapp2.0)
      System.Runtime (>= 4.3) - restriction: || (&& (== net451) (>= dnxcore50)) (&& (== net451) (>= netstandard1.3)) (== netcoreapp2.0)
      System.Runtime.Extensions (>= 4.3) - restriction: || (&& (== net451) (>= dnxcore50)) (&& (== net451) (>= netstandard1.3)) (== netcoreapp2.0)
      System.Runtime.Serialization.Primitives (>= 4.3) - restriction: || (&& (== net451) (>= dnxcore50)) (&& (== net451) (>= net46)) (&& (== net451) (>= netstandard1.3)) (== netcoreapp2.0)
      System.Text.Encoding (>= 4.3) - restriction: || (&& (== net451) (>= dnxcore50)) (&& (== net451) (>= netstandard1.3)) (== netcoreapp2.0)
      System.Text.Encoding.Extensions (>= 4.3) - restriction: || (&& (== net451) (>= dnxcore50)) (&& (== net451) (>= netstandard1.3)) (== netcoreapp2.0)
      System.Text.RegularExpressions (>= 4.3) - restriction: || (&& (== net451) (>= dnxcore50)) (&& (== net451) (>= netstandard1.3)) (== netcoreapp2.0)
      System.Threading (>= 4.3) - restriction: || (&& (== net451) (>= dnxcore50)) (&& (== net451) (>= netstandard1.3)) (== netcoreapp2.0)
      System.Threading.Tasks (>= 4.3) - restriction: || (&& (== net451) (>= dnxcore50)) (&& (== net451) (>= netstandard1.3)) (== netcoreapp2.0)
      System.Xml.ReaderWriter (>= 4.3) - restriction: || (&& (== net451) (>= dnxcore50)) (&& (== net451) (>= netstandard1.3)) (== netcoreapp2.0)
      System.Xml.XDocument (>= 4.3) - restriction: || (&& (== net451) (>= dnxcore50)) (&& (== net451) (>= netstandard1.3)) (== netcoreapp2.0)
      System.Xml.XmlDocument (>= 4.3) - restriction: || (&& (== net451) (>= dnxcore50)) (&& (== net451) (>= net46)) (&& (== net451) (>= netstandard1.3)) (== netcoreapp2.0)
      System.Xml.XmlSerializer (>= 4.3) - restriction: || (&& (== net451) (>= dnxcore50)) (&& (== net451) (>= netstandard1.3)) (== netcoreapp2.0)
    System.Reflection (4.3) - restriction: || (&& (== net451) (>= netstandard1.6)) (== netcoreapp2.0)
      Microsoft.NETCore.Platforms (>= 1.1) - restriction: || (&& (== net451) (>= dnxcore50)) (&& (== net451) (< net45)) (== netcoreapp2.0)
      Microsoft.NETCore.Targets (>= 1.1) - restriction: || (&& (== net451) (>= dnxcore50)) (&& (== net451) (< net45)) (== netcoreapp2.0)
      System.IO (>= 4.3) - restriction: || (&& (== net451) (>= dnxcore50)) (&& (== net451) (< net45)) (== netcoreapp2.0)
      System.Reflection.Primitives (>= 4.3) - restriction: || (&& (== net451) (>= dnxcore50)) (&& (== net451) (< net45)) (== netcoreapp2.0)
      System.Runtime (>= 4.3) - restriction: || (&& (== net451) (>= dnxcore50)) (&& (== net451) (< net45)) (== netcoreapp2.0)
    System.Reflection.Emit (4.3) - restriction: || (&& (== net451) (>= netstandard1.6)) (== netcoreapp2.0)
      System.IO (>= 4.3) - restriction: || (&& (== net451) (< net45)) (== netcoreapp2.0)
      System.Reflection (>= 4.3) - restriction: || (&& (== net451) (< net45)) (== netcoreapp2.0)
      System.Reflection.Emit.ILGeneration (>= 4.3) - restriction: || (&& (== net451) (< net45)) (== netcoreapp2.0)
      System.Reflection.Primitives (>= 4.3) - restriction: || (&& (== net451) (< net45)) (== netcoreapp2.0)
      System.Runtime (>= 4.3) - restriction: || (&& (== net451) (< net45)) (== netcoreapp2.0)
    System.Reflection.Emit.ILGeneration (4.3) - restriction: || (&& (== net451) (>= netcoreapp2.0)) (== netcoreapp2.0)
      System.Reflection (>= 4.3) - restriction: || (&& (== net451) (< net45)) (== netcoreapp2.0)
      System.Reflection.Primitives (>= 4.3) - restriction: || (&& (== net451) (< net45)) (== netcoreapp2.0)
      System.Runtime (>= 4.3) - restriction: || (&& (== net451) (< net45)) (== netcoreapp2.0)
    System.Reflection.Emit.Lightweight (4.3) - restriction: || (&& (== net451) (>= netcoreapp2.0)) (== netcoreapp2.0)
      System.Reflection (>= 4.3) - restriction: || (&& (== net451) (< net45)) (== netcoreapp2.0)
      System.Reflection.Emit.ILGeneration (>= 4.3) - restriction: || (&& (== net451) (< net45)) (== netcoreapp2.0)
      System.Reflection.Primitives (>= 4.3) - restriction: || (&& (== net451) (< net45)) (== netcoreapp2.0)
      System.Runtime (>= 4.3) - restriction: || (&& (== net451) (< net45)) (== netcoreapp2.0)
    System.Reflection.Extensions (4.3) - restriction: || (&& (== net451) (>= netstandard1.6)) (== netcoreapp2.0)
      Microsoft.NETCore.Platforms (>= 1.1) - restriction: || (&& (== net451) (>= dnxcore50)) (&& (== net451) (< net45)) (== netcoreapp2.0)
      Microsoft.NETCore.Targets (>= 1.1) - restriction: || (&& (== net451) (>= dnxcore50)) (&& (== net451) (< net45)) (== netcoreapp2.0)
      System.Reflection (>= 4.3) - restriction: || (&& (== net451) (>= dnxcore50)) (&& (== net451) (< net45)) (== netcoreapp2.0)
      System.Runtime (>= 4.3) - restriction: || (&& (== net451) (>= dnxcore50)) (&& (== net451) (< net45)) (== netcoreapp2.0)
    System.Reflection.Metadata (1.6)
      System.Collections.Immutable (>= 1.5)
    System.Reflection.Primitives (4.3) - restriction: || (&& (== net451) (>= netstandard1.6)) (== netcoreapp2.0)
      Microsoft.NETCore.Platforms (>= 1.1) - restriction: || (&& (== net451) (>= dnxcore50)) (&& (== net451) (< net45)) (== netcoreapp2.0)
      Microsoft.NETCore.Targets (>= 1.1) - restriction: || (&& (== net451) (>= dnxcore50)) (&& (== net451) (< net45)) (== netcoreapp2.0)
      System.Runtime (>= 4.3) - restriction: || (&& (== net451) (>= dnxcore50)) (&& (== net451) (< net45)) (== netcoreapp2.0)
    System.Reflection.TypeExtensions (4.5) - restriction: || (&& (== net451) (>= netstandard1.6)) (== netcoreapp2.0)
    System.Resources.ResourceManager (4.3) - restriction: || (&& (== net451) (>= netstandard1.6)) (== netcoreapp2.0)
      Microsoft.NETCore.Platforms (>= 1.1) - restriction: || (&& (== net451) (>= dnxcore50)) (&& (== net451) (< net45)) (== netcoreapp2.0)
      Microsoft.NETCore.Targets (>= 1.1) - restriction: || (&& (== net451) (>= dnxcore50)) (&& (== net451) (< net45)) (== netcoreapp2.0)
      System.Globalization (>= 4.3) - restriction: || (&& (== net451) (>= dnxcore50)) (&& (== net451) (< net45)) (== netcoreapp2.0)
      System.Reflection (>= 4.3) - restriction: || (&& (== net451) (>= dnxcore50)) (&& (== net451) (< net45)) (== netcoreapp2.0)
      System.Runtime (>= 4.3) - restriction: || (&& (== net451) (>= dnxcore50)) (&& (== net451) (< net45)) (== netcoreapp2.0)
    System.Runtime (4.3) - restriction: || (&& (== net451) (>= netstandard1.6)) (== netcoreapp2.0)
      Microsoft.NETCore.Platforms (>= 1.1) - restriction: || (&& (== net451) (>= dnxcore50)) (&& (== net451) (< net45)) (== netcoreapp2.0)
      Microsoft.NETCore.Targets (>= 1.1) - restriction: || (&& (== net451) (>= dnxcore50)) (&& (== net451) (< net45)) (== netcoreapp2.0)
    System.Runtime.CompilerServices.Unsafe (4.5.1) - restriction: || (&& (== net451) (>= monotouch)) (&& (== net451) (>= netcoreapp2.0)) (&& (== net451) (>= netstandard1.6)) (&& (== net451) (>= netstandard2.0)) (&& (== net451) (>= xamarinios)) (&& (== net451) (>= xamarinmac)) (&& (== net451) (>= xamarintvos)) (&& (== net451) (>= xamarinwatchos)) (== netcoreapp2.0)
    System.Runtime.Extensions (4.3) - restriction: || (&& (== net451) (>= netcoreapp2.0)) (== netcoreapp2.0)
      Microsoft.NETCore.Platforms (>= 1.1) - restriction: || (&& (== net451) (>= dnxcore50)) (&& (== net451) (< net45)) (== netcoreapp2.0)
      Microsoft.NETCore.Targets (>= 1.1) - restriction: || (&& (== net451) (>= dnxcore50)) (&& (== net451) (< net45)) (== netcoreapp2.0)
      System.Runtime (>= 4.3) - restriction: || (&& (== net451) (>= dnxcore50)) (&& (== net451) (< net45)) (== netcoreapp2.0)
    System.Runtime.Handles (4.3) - restriction: || (&& (== net451) (>= netstandard1.6)) (== netcoreapp2.0)
      Microsoft.NETCore.Platforms (>= 1.1) - restriction: || (&& (== net451) (>= netstandard1.3)) (== netcoreapp2.0)
      Microsoft.NETCore.Targets (>= 1.1) - restriction: || (&& (== net451) (>= netstandard1.3)) (== netcoreapp2.0)
      System.Runtime (>= 4.3) - restriction: || (&& (== net451) (>= netstandard1.3)) (== netcoreapp2.0)
    System.Runtime.InteropServices (4.3) - restriction: || (&& (== net451) (>= netstandard1.6)) (== netcoreapp2.0)
      Microsoft.NETCore.Platforms (>= 1.1) - restriction: || (&& (== net451) (>= dnxcore50)) (&& (== net451) (< net45)) (&& (== net451) (>= netcoreapp1.1)) (== netcoreapp2.0)
      Microsoft.NETCore.Targets (>= 1.1) - restriction: || (&& (== net451) (>= dnxcore50)) (&& (== net451) (< net45)) (&& (== net451) (>= netcoreapp1.1)) (== netcoreapp2.0)
      System.Reflection (>= 4.3) - restriction: || (&& (== net451) (>= dnxcore50)) (&& (== net451) (< net45)) (&& (== net451) (>= netcoreapp1.1)) (== netcoreapp2.0)
      System.Reflection.Primitives (>= 4.3) - restriction: || (&& (== net451) (>= dnxcore50)) (&& (== net451) (< net45)) (&& (== net451) (>= netcoreapp1.1)) (== netcoreapp2.0)
      System.Runtime (>= 4.3) - restriction: || (&& (== net451) (>= dnxcore50)) (&& (== net451) (< net45)) (&& (== net451) (>= net462)) (&& (== net451) (>= netcoreapp1.1)) (== netcoreapp2.0)
      System.Runtime.Handles (>= 4.3) - restriction: || (&& (== net451) (>= dnxcore50)) (&& (== net451) (< net45) (>= netstandard1.3)) (&& (== net451) (< net45) (>= netstandard1.5)) (&& (== net451) (>= netcoreapp1.1)) (== netcoreapp2.0)
    System.Runtime.InteropServices.RuntimeInformation (4.3)
      runtime.native.System (>= 4.3) - restriction: || (&& (== net451) (< net45)) (== netcoreapp2.0)
      System.Reflection (>= 4.3) - restriction: || (&& (== net451) (>= dnxcore50)) (&& (== net451) (< net45)) (== netcoreapp2.0)
      System.Reflection.Extensions (>= 4.3) - restriction: || (&& (== net451) (>= dnxcore50)) (&& (== net451) (< net45)) (== netcoreapp2.0)
      System.Resources.ResourceManager (>= 4.3) - restriction: || (&& (== net451) (>= dnxcore50)) (&& (== net451) (< net45)) (== netcoreapp2.0)
      System.Runtime (>= 4.3) - restriction: || (&& (== net451) (>= dnxcore50)) (&& (== net451) (< net45)) (== netcoreapp2.0)
      System.Runtime.InteropServices (>= 4.3) - restriction: || (&& (== net451) (< net45)) (== netcoreapp2.0)
      System.Threading (>= 4.3) - restriction: || (&& (== net451) (>= dnxcore50)) (&& (== net451) (< net45)) (== netcoreapp2.0)
    System.Runtime.Loader (4.3) - restriction: || (&& (== net451) (>= netstandard1.6)) (== netcoreapp2.0)
      System.IO (>= 4.3) - restriction: || (&& (== net451) (>= netstandard1.5)) (== netcoreapp2.0)
      System.Reflection (>= 4.3) - restriction: || (&& (== net451) (>= netstandard1.5)) (== netcoreapp2.0)
      System.Runtime (>= 4.3) - restriction: || (&& (== net451) (>= netstandard1.5)) (== netcoreapp2.0)
    System.Runtime.Numerics (4.3) - restriction: || (&& (== net451) (>= netstandard1.6)) (== netcoreapp2.0)
      System.Globalization (>= 4.3) - restriction: || (&& (== net451) (>= dnxcore50)) (&& (== net451) (< net45) (>= netstandard1.3)) (== netcoreapp2.0)
      System.Resources.ResourceManager (>= 4.3) - restriction: || (&& (== net451) (>= dnxcore50)) (&& (== net451) (< net45) (>= netstandard1.3)) (== netcoreapp2.0)
      System.Runtime (>= 4.3) - restriction: || (&& (== net451) (>= dnxcore50)) (&& (== net451) (< net45)) (== netcoreapp2.0)
      System.Runtime.Extensions (>= 4.3) - restriction: || (&& (== net451) (>= dnxcore50)) (&& (== net451) (< net45) (>= netstandard1.3)) (== netcoreapp2.0)
    System.Runtime.Serialization.Json (4.3) - restriction: == netcoreapp2.0
      System.IO (>= 4.3) - restriction: || (&& (== net451) (>= dnxcore50)) (&& (== net451) (< net45)) (== netcoreapp2.0)
      System.Private.DataContractSerialization (>= 4.3) - restriction: || (&& (== net451) (>= dnxcore50)) (&& (== net451) (< net45) (>= netstandard1.3)) (== netcoreapp2.0)
      System.Runtime (>= 4.3) - restriction: || (&& (== net451) (>= dnxcore50)) (&& (== net451) (< net45)) (== netcoreapp2.0)
    System.Runtime.Serialization.Primitives (4.3) - restriction: == netcoreapp2.0
      System.Resources.ResourceManager (>= 4.3) - restriction: || (&& (== net451) (>= dnxcore50)) (&& (== net451) (< net45) (>= netstandard1.3)) (== netcoreapp2.0)
      System.Runtime (>= 4.3) - restriction: || (&& (== net451) (>= dnxcore50)) (&& (== net451) (< net45)) (== netcoreapp2.0)
    System.Security.AccessControl (4.5) - restriction: || (&& (== net451) (>= monoandroid) (>= netstandard1.6)) (&& (== net451) (>= monotouch)) (&& (== net451) (>= net461) (>= netstandard1.6)) (&& (== net451) (>= netcoreapp2.0)) (&& (== net451) (>= netcoreapp2.1)) (&& (== net451) (>= netstandard2.0)) (&& (== net451) (>= xamarinios)) (&& (== net451) (>= xamarinmac)) (&& (== net451) (>= xamarintvos)) (&& (== net451) (>= xamarinwatchos)) (== netcoreapp2.0)
      Microsoft.NETCore.Platforms (>= 2.0) - restriction: || (&& (== net451) (>= netcoreapp2.0)) (== netcoreapp2.0)
      System.Security.Principal.Windows (>= 4.5) - restriction: || (&& (== net451) (>= net461)) (&& (== net451) (>= netcoreapp2.0)) (&& (== net451) (>= netstandard2.0)) (== netcoreapp2.0)
    System.Security.Cryptography.Algorithms (4.3.1) - restriction: || (&& (== net451) (>= netstandard1.6)) (== netcoreapp2.0)
      Microsoft.NETCore.Platforms (>= 1.1) - restriction: || (&& (== net451) (>= dnxcore50)) (&& (== net451) (>= netstandard1.6)) (== netcoreapp2.0)
      runtime.native.System.Security.Cryptography.Apple (>= 4.3.1) - restriction: || (&& (== net451) (>= netstandard1.6)) (== netcoreapp2.0)
      runtime.native.System.Security.Cryptography.OpenSsl (>= 4.3.2) - restriction: || (&& (== net451) (>= netstandard1.6)) (== netcoreapp2.0)
      System.Collections (>= 4.3) - restriction: || (&& (== net451) (>= netstandard1.6)) (== netcoreapp2.0)
      System.IO (>= 4.3) - restriction: || (&& (== net451) (>= dnxcore50)) (&& (== net451) (>= net463)) (&& (== net451) (>= netstandard1.3)) (&& (== net451) (>= netstandard1.4)) (&& (== net451) (>= netstandard1.6)) (== netcoreapp2.0)
      System.Resources.ResourceManager (>= 4.3) - restriction: || (&& (== net451) (>= dnxcore50)) (&& (== net451) (>= netstandard1.6)) (== netcoreapp2.0)
      System.Runtime (>= 4.3) - restriction: || (&& (== net451) (>= dnxcore50)) (&& (== net451) (>= net463)) (&& (== net451) (>= netstandard1.3)) (&& (== net451) (>= netstandard1.4)) (&& (== net451) (>= netstandard1.6)) (== netcoreapp2.0)
      System.Runtime.Extensions (>= 4.3) - restriction: || (&& (== net451) (>= dnxcore50)) (&& (== net451) (>= netstandard1.6)) (== netcoreapp2.0)
      System.Runtime.Handles (>= 4.3) - restriction: || (&& (== net451) (>= dnxcore50)) (&& (== net451) (>= netstandard1.6)) (== netcoreapp2.0)
      System.Runtime.InteropServices (>= 4.3) - restriction: || (&& (== net451) (>= dnxcore50)) (&& (== net451) (>= netstandard1.6)) (== netcoreapp2.0)
      System.Runtime.Numerics (>= 4.3) - restriction: || (&& (== net451) (>= netstandard1.6)) (== netcoreapp2.0)
      System.Security.Cryptography.Encoding (>= 4.3) - restriction: || (&& (== net451) (>= dnxcore50)) (&& (== net451) (>= net463)) (&& (== net451) (>= netstandard1.6)) (== netcoreapp2.0)
      System.Security.Cryptography.Primitives (>= 4.3) - restriction: || (&& (== net451) (>= dnxcore50)) (&& (== net451) (>= net46)) (&& (== net451) (>= net461)) (&& (== net451) (>= net463)) (&& (== net451) (>= netstandard1.3)) (&& (== net451) (>= netstandard1.4)) (&& (== net451) (>= netstandard1.6)) (== netcoreapp2.0)
      System.Text.Encoding (>= 4.3) - restriction: || (&& (== net451) (>= dnxcore50)) (&& (== net451) (>= netstandard1.6)) (== netcoreapp2.0)
    System.Security.Cryptography.Encoding (4.3) - restriction: || (&& (== net451) (>= netstandard1.6)) (== netcoreapp2.0)
      Microsoft.NETCore.Platforms (>= 1.1) - restriction: || (&& (== net451) (>= netstandard1.3)) (== netcoreapp2.0)
      runtime.native.System.Security.Cryptography.OpenSsl (>= 4.3) - restriction: || (&& (== net451) (>= netstandard1.3)) (== netcoreapp2.0)
      System.Collections (>= 4.3) - restriction: || (&& (== net451) (>= netstandard1.3)) (== netcoreapp2.0)
      System.Collections.Concurrent (>= 4.3) - restriction: || (&& (== net451) (>= netstandard1.3)) (== netcoreapp2.0)
      System.Linq (>= 4.3) - restriction: || (&& (== net451) (>= netstandard1.3)) (== netcoreapp2.0)
      System.Resources.ResourceManager (>= 4.3) - restriction: || (&& (== net451) (>= netstandard1.3)) (== netcoreapp2.0)
      System.Runtime (>= 4.3) - restriction: || (&& (== net451) (>= netstandard1.3)) (== netcoreapp2.0)
      System.Runtime.Extensions (>= 4.3) - restriction: || (&& (== net451) (>= netstandard1.3)) (== netcoreapp2.0)
      System.Runtime.Handles (>= 4.3) - restriction: || (&& (== net451) (>= netstandard1.3)) (== netcoreapp2.0)
      System.Runtime.InteropServices (>= 4.3) - restriction: || (&& (== net451) (>= netstandard1.3)) (== netcoreapp2.0)
      System.Security.Cryptography.Primitives (>= 4.3) - restriction: || (&& (== net451) (>= netstandard1.3)) (== netcoreapp2.0)
      System.Text.Encoding (>= 4.3) - restriction: || (&& (== net451) (>= netstandard1.3)) (== netcoreapp2.0)
    System.Security.Cryptography.Primitives (4.3) - restriction: || (&& (== net451) (>= netstandard1.6)) (== netcoreapp2.0)
      System.Diagnostics.Debug (>= 4.3) - restriction: || (&& (== net451) (>= netstandard1.3)) (== netcoreapp2.0)
      System.Globalization (>= 4.3) - restriction: || (&& (== net451) (>= netstandard1.3)) (== netcoreapp2.0)
      System.IO (>= 4.3) - restriction: || (&& (== net451) (>= netstandard1.3)) (== netcoreapp2.0)
      System.Resources.ResourceManager (>= 4.3) - restriction: || (&& (== net451) (>= netstandard1.3)) (== netcoreapp2.0)
      System.Runtime (>= 4.3) - restriction: || (&& (== net451) (>= netstandard1.3)) (== netcoreapp2.0)
      System.Threading (>= 4.3) - restriction: || (&& (== net451) (>= netstandard1.3)) (== netcoreapp2.0)
      System.Threading.Tasks (>= 4.3) - restriction: || (&& (== net451) (>= netstandard1.3)) (== netcoreapp2.0)
    System.Security.Principal.Windows (4.5) - restriction: || (&& (== net451) (>= monoandroid) (>= netstandard1.6)) (&& (== net451) (>= monotouch)) (&& (== net451) (>= net461) (>= netstandard1.6)) (&& (== net451) (>= netcoreapp2.0)) (&& (== net451) (>= netcoreapp2.1)) (&& (== net451) (>= netstandard2.0)) (&& (== net451) (>= xamarinios)) (&& (== net451) (>= xamarinmac)) (&& (== net451) (>= xamarintvos)) (&& (== net451) (>= xamarinwatchos)) (== netcoreapp2.0)
      Microsoft.NETCore.Platforms (>= 2.0) - restriction: || (&& (== net451) (>= netcoreapp2.0)) (== netcoreapp2.0)
    System.Text.Encoding (4.3) - restriction: || (&& (== net451) (>= netstandard1.6)) (== netcoreapp2.0)
      Microsoft.NETCore.Platforms (>= 1.1) - restriction: || (&& (== net451) (>= dnxcore50)) (&& (== net451) (< net45)) (== netcoreapp2.0)
      Microsoft.NETCore.Targets (>= 1.1) - restriction: || (&& (== net451) (>= dnxcore50)) (&& (== net451) (< net45)) (== netcoreapp2.0)
      System.Runtime (>= 4.3) - restriction: || (&& (== net451) (>= dnxcore50)) (&& (== net451) (< net45)) (== netcoreapp2.0)
    System.Text.Encoding.Extensions (4.3) - restriction: || (&& (== net451) (>= netstandard1.6)) (== netcoreapp2.0)
      Microsoft.NETCore.Platforms (>= 1.1) - restriction: || (&& (== net451) (>= dnxcore50)) (&& (== net451) (< net45)) (== netcoreapp2.0)
      Microsoft.NETCore.Targets (>= 1.1) - restriction: || (&& (== net451) (>= dnxcore50)) (&& (== net451) (< net45)) (== netcoreapp2.0)
      System.Runtime (>= 4.3) - restriction: || (&& (== net451) (>= dnxcore50)) (&& (== net451) (< net45)) (== netcoreapp2.0)
      System.Text.Encoding (>= 4.3) - restriction: || (&& (== net451) (>= dnxcore50)) (&& (== net451) (< net45)) (== netcoreapp2.0)
    System.Text.RegularExpressions (4.3) - restriction: == netcoreapp2.0
      System.Runtime (>= 4.3) - restriction: || (&& (== net451) (>= dnxcore50)) (&& (== net451) (< net45)) (&& (== net451) (>= netcoreapp1.1)) (== netcoreapp2.0)
    System.Threading (4.3) - restriction: || (&& (== net451) (>= netstandard1.6)) (== netcoreapp2.0)
      System.Runtime (>= 4.3) - restriction: || (&& (== net451) (>= dnxcore50)) (&& (== net451) (< net45)) (== netcoreapp2.0)
      System.Threading.Tasks (>= 4.3) - restriction: || (&& (== net451) (>= dnxcore50)) (&& (== net451) (< net45)) (== netcoreapp2.0)
    System.Threading.Tasks (4.3) - restriction: || (&& (== net451) (>= netstandard1.6)) (== netcoreapp2.0)
      Microsoft.NETCore.Platforms (>= 1.1) - restriction: || (&& (== net451) (>= dnxcore50)) (&& (== net451) (< net45)) (== netcoreapp2.0)
      Microsoft.NETCore.Targets (>= 1.1) - restriction: || (&& (== net451) (>= dnxcore50)) (&& (== net451) (< net45)) (== netcoreapp2.0)
      System.Runtime (>= 4.3) - restriction: || (&& (== net451) (>= dnxcore50)) (&& (== net451) (< net45)) (== netcoreapp2.0)
    System.Threading.Tasks.Extensions (4.5.1) - restriction: == netcoreapp2.0
      System.Runtime.CompilerServices.Unsafe (>= 4.5)
    System.Threading.Thread (4.3) - restriction: || (&& (== net451) (>= netcoreapp2.0)) (== netcoreapp2.0)
      System.Runtime (>= 4.3) - restriction: || (&& (== net451) (>= netstandard1.3)) (== netcoreapp2.0)
    System.Threading.ThreadPool (4.3) - restriction: || (&& (== net451) (>= netstandard1.6)) (== netcoreapp2.0)
      System.Runtime (>= 4.3) - restriction: || (&& (== net451) (>= netstandard1.3)) (== netcoreapp2.0)
      System.Runtime.Handles (>= 4.3) - restriction: || (&& (== net451) (>= netstandard1.3)) (== netcoreapp2.0)
    System.Xml.ReaderWriter (4.3.1) - restriction: == netcoreapp2.0
      System.Collections (>= 4.3) - restriction: || (&& (== net451) (>= dnxcore50)) (&& (== net451) (< net45) (>= netstandard1.3)) (== netcoreapp2.0)
      System.Diagnostics.Debug (>= 4.3) - restriction: || (&& (== net451) (>= dnxcore50)) (&& (== net451) (< net45) (>= netstandard1.3)) (== netcoreapp2.0)
      System.Globalization (>= 4.3) - restriction: || (&& (== net451) (>= dnxcore50)) (&& (== net451) (< net45) (>= netstandard1.3)) (== netcoreapp2.0)
      System.IO (>= 4.3) - restriction: || (&& (== net451) (>= dnxcore50)) (&& (== net451) (< net45)) (== netcoreapp2.0)
      System.IO.FileSystem (>= 4.3) - restriction: || (&& (== net451) (>= dnxcore50)) (&& (== net451) (< net45) (>= netstandard1.3)) (== netcoreapp2.0)
      System.IO.FileSystem.Primitives (>= 4.3) - restriction: || (&& (== net451) (>= dnxcore50)) (&& (== net451) (< net45) (>= netstandard1.3)) (== netcoreapp2.0)
      System.Resources.ResourceManager (>= 4.3) - restriction: || (&& (== net451) (>= dnxcore50)) (&& (== net451) (< net45) (>= netstandard1.3)) (== netcoreapp2.0)
      System.Runtime (>= 4.3) - restriction: || (&& (== net451) (>= dnxcore50)) (&& (== net451) (< net45)) (== netcoreapp2.0)
      System.Runtime.Extensions (>= 4.3) - restriction: || (&& (== net451) (>= dnxcore50)) (&& (== net451) (< net45) (>= netstandard1.3)) (== netcoreapp2.0)
      System.Runtime.InteropServices (>= 4.3) - restriction: || (&& (== net451) (>= dnxcore50)) (&& (== net451) (< net45) (>= netstandard1.3)) (== netcoreapp2.0)
      System.Text.Encoding (>= 4.3) - restriction: || (&& (== net451) (>= dnxcore50)) (&& (== net451) (< net45)) (== netcoreapp2.0)
      System.Text.Encoding.Extensions (>= 4.3) - restriction: || (&& (== net451) (>= dnxcore50)) (&& (== net451) (< net45) (>= netstandard1.3)) (== netcoreapp2.0)
      System.Text.RegularExpressions (>= 4.3) - restriction: || (&& (== net451) (>= dnxcore50)) (&& (== net451) (< net45) (>= netstandard1.3)) (== netcoreapp2.0)
      System.Threading.Tasks (>= 4.3) - restriction: || (&& (== net451) (>= dnxcore50)) (&& (== net451) (< net45)) (== netcoreapp2.0)
      System.Threading.Tasks.Extensions (>= 4.3) - restriction: || (&& (== net451) (>= dnxcore50)) (&& (== net451) (< net45) (>= netstandard1.3)) (== netcoreapp2.0)
    System.Xml.XDocument (4.3) - restriction: == netcoreapp2.0
      System.Collections (>= 4.3) - restriction: || (&& (== net451) (>= dnxcore50)) (&& (== net451) (< net45) (>= netstandard1.3)) (== netcoreapp2.0)
      System.Diagnostics.Debug (>= 4.3) - restriction: || (&& (== net451) (>= dnxcore50)) (&& (== net451) (< net45) (>= netstandard1.3)) (== netcoreapp2.0)
      System.Diagnostics.Tools (>= 4.3) - restriction: || (&& (== net451) (>= dnxcore50)) (&& (== net451) (< net45) (>= netstandard1.3)) (== netcoreapp2.0)
      System.Globalization (>= 4.3) - restriction: || (&& (== net451) (>= dnxcore50)) (&& (== net451) (< net45) (>= netstandard1.3)) (== netcoreapp2.0)
      System.IO (>= 4.3) - restriction: || (&& (== net451) (>= dnxcore50)) (&& (== net451) (< net45)) (== netcoreapp2.0)
      System.Reflection (>= 4.3) - restriction: || (&& (== net451) (>= dnxcore50)) (&& (== net451) (< net45) (>= netstandard1.3)) (== netcoreapp2.0)
      System.Resources.ResourceManager (>= 4.3) - restriction: || (&& (== net451) (>= dnxcore50)) (&& (== net451) (< net45) (>= netstandard1.3)) (== netcoreapp2.0)
      System.Runtime (>= 4.3) - restriction: || (&& (== net451) (>= dnxcore50)) (&& (== net451) (< net45)) (== netcoreapp2.0)
      System.Runtime.Extensions (>= 4.3) - restriction: || (&& (== net451) (>= dnxcore50)) (&& (== net451) (< net45) (>= netstandard1.3)) (== netcoreapp2.0)
      System.Text.Encoding (>= 4.3) - restriction: || (&& (== net451) (>= dnxcore50)) (&& (== net451) (< net45) (>= netstandard1.3)) (== netcoreapp2.0)
      System.Threading (>= 4.3) - restriction: || (&& (== net451) (>= dnxcore50)) (&& (== net451) (< net45) (>= netstandard1.3)) (== netcoreapp2.0)
      System.Xml.ReaderWriter (>= 4.3) - restriction: || (&& (== net451) (>= dnxcore50)) (&& (== net451) (< net45)) (== netcoreapp2.0)
    System.Xml.XmlDocument (4.3) - restriction: == netcoreapp2.0
      System.Collections (>= 4.3) - restriction: || (&& (== net451) (>= netstandard1.3)) (== netcoreapp2.0)
      System.Diagnostics.Debug (>= 4.3) - restriction: || (&& (== net451) (>= netstandard1.3)) (== netcoreapp2.0)
      System.Globalization (>= 4.3) - restriction: || (&& (== net451) (>= netstandard1.3)) (== netcoreapp2.0)
      System.IO (>= 4.3) - restriction: || (&& (== net451) (>= netstandard1.3)) (== netcoreapp2.0)
      System.Resources.ResourceManager (>= 4.3) - restriction: || (&& (== net451) (>= netstandard1.3)) (== netcoreapp2.0)
      System.Runtime (>= 4.3) - restriction: || (&& (== net451) (>= netstandard1.3)) (== netcoreapp2.0)
      System.Runtime.Extensions (>= 4.3) - restriction: || (&& (== net451) (>= netstandard1.3)) (== netcoreapp2.0)
      System.Text.Encoding (>= 4.3) - restriction: || (&& (== net451) (>= netstandard1.3)) (== netcoreapp2.0)
      System.Threading (>= 4.3) - restriction: || (&& (== net451) (>= netstandard1.3)) (== netcoreapp2.0)
      System.Xml.ReaderWriter (>= 4.3) - restriction: || (&& (== net451) (>= netstandard1.3)) (== netcoreapp2.0)
    System.Xml.XmlSerializer (4.3) - restriction: == netcoreapp2.0
      System.Collections (>= 4.3) - restriction: || (&& (== net451) (>= dnxcore50)) (&& (== net451) (< net45) (>= netstandard1.3)) (== netcoreapp2.0)
      System.Globalization (>= 4.3) - restriction: || (&& (== net451) (>= dnxcore50)) (&& (== net451) (< net45) (>= netstandard1.3)) (== netcoreapp2.0)
      System.IO (>= 4.3) - restriction: || (&& (== net451) (>= dnxcore50)) (&& (== net451) (< net45)) (== netcoreapp2.0)
      System.Linq (>= 4.3) - restriction: || (&& (== net451) (>= dnxcore50)) (&& (== net451) (< net45) (>= netstandard1.3)) (== netcoreapp2.0)
      System.Reflection (>= 4.3) - restriction: || (&& (== net451) (>= dnxcore50)) (&& (== net451) (< net45) (>= netstandard1.3)) (== netcoreapp2.0)
      System.Reflection.Emit (>= 4.3) - restriction: || (&& (== net451) (>= dnxcore50)) (&& (== net451) (< net45) (>= netstandard1.3)) (== netcoreapp2.0)
      System.Reflection.Emit.ILGeneration (>= 4.3) - restriction: || (&& (== net451) (>= dnxcore50)) (&& (== net451) (< net45) (>= netstandard1.3)) (== netcoreapp2.0)
      System.Reflection.Extensions (>= 4.3) - restriction: || (&& (== net451) (>= dnxcore50)) (&& (== net451) (< net45) (>= netstandard1.3)) (== netcoreapp2.0)
      System.Reflection.Primitives (>= 4.3) - restriction: || (&& (== net451) (>= dnxcore50)) (&& (== net451) (< net45) (>= netstandard1.3)) (== netcoreapp2.0)
      System.Reflection.TypeExtensions (>= 4.3) - restriction: || (&& (== net451) (>= dnxcore50)) (&& (== net451) (< net45) (>= netstandard1.3)) (== netcoreapp2.0)
      System.Resources.ResourceManager (>= 4.3) - restriction: || (&& (== net451) (>= dnxcore50)) (&& (== net451) (< net45) (>= netstandard1.3)) (== netcoreapp2.0)
      System.Runtime (>= 4.3) - restriction: || (&& (== net451) (>= dnxcore50)) (&& (== net451) (< net45)) (== netcoreapp2.0)
      System.Runtime.Extensions (>= 4.3) - restriction: || (&& (== net451) (>= dnxcore50)) (&& (== net451) (< net45) (>= netstandard1.3)) (== netcoreapp2.0)
      System.Text.RegularExpressions (>= 4.3) - restriction: || (&& (== net451) (>= dnxcore50)) (&& (== net451) (< net45) (>= netstandard1.3)) (== netcoreapp2.0)
      System.Threading (>= 4.3) - restriction: || (&& (== net451) (>= dnxcore50)) (&& (== net451) (< net45) (>= netstandard1.3)) (== netcoreapp2.0)
      System.Xml.ReaderWriter (>= 4.3) - restriction: || (&& (== net451) (>= dnxcore50)) (&& (== net451) (< net45)) (== netcoreapp2.0)
      System.Xml.XmlDocument (>= 4.3) - restriction: || (&& (== net451) (>= dnxcore50)) (&& (== net451) (< net45) (>= netstandard1.3)) (== netcoreapp2.0)
    System.Xml.XPath (4.3) - restriction: == netcoreapp2.0
      System.Collections (>= 4.3) - restriction: || (&& (== net451) (>= netstandard1.3)) (== netcoreapp2.0)
      System.Diagnostics.Debug (>= 4.3) - restriction: || (&& (== net451) (>= netstandard1.3)) (== netcoreapp2.0)
      System.Globalization (>= 4.3) - restriction: || (&& (== net451) (>= netstandard1.3)) (== netcoreapp2.0)
      System.IO (>= 4.3) - restriction: || (&& (== net451) (>= netstandard1.3)) (== netcoreapp2.0)
      System.Resources.ResourceManager (>= 4.3) - restriction: || (&& (== net451) (>= netstandard1.3)) (== netcoreapp2.0)
      System.Runtime (>= 4.3) - restriction: || (&& (== net451) (>= netstandard1.3)) (== netcoreapp2.0)
      System.Runtime.Extensions (>= 4.3) - restriction: || (&& (== net451) (>= netstandard1.3)) (== netcoreapp2.0)
      System.Threading (>= 4.3) - restriction: || (&& (== net451) (>= netstandard1.3)) (== netcoreapp2.0)
      System.Xml.ReaderWriter (>= 4.3) - restriction: || (&& (== net451) (>= netstandard1.3)) (== netcoreapp2.0)
    System.Xml.XPath.XmlDocument (4.3) - restriction: == netcoreapp2.0
      System.Collections (>= 4.3) - restriction: || (&& (== net451) (>= netstandard1.3)) (== netcoreapp2.0)
      System.Globalization (>= 4.3) - restriction: || (&& (== net451) (>= netstandard1.3)) (== netcoreapp2.0)
      System.IO (>= 4.3) - restriction: || (&& (== net451) (>= netstandard1.3)) (== netcoreapp2.0)
      System.Resources.ResourceManager (>= 4.3) - restriction: || (&& (== net451) (>= netstandard1.3)) (== netcoreapp2.0)
      System.Runtime (>= 4.3) - restriction: || (&& (== net451) (>= netstandard1.3)) (== netcoreapp2.0)
      System.Runtime.Extensions (>= 4.3) - restriction: || (&& (== net451) (>= netstandard1.3)) (== netcoreapp2.0)
      System.Threading (>= 4.3) - restriction: || (&& (== net451) (>= netstandard1.3)) (== netcoreapp2.0)
      System.Xml.ReaderWriter (>= 4.3) - restriction: || (&& (== net451) (>= netstandard1.3)) (== netcoreapp2.0)
      System.Xml.XmlDocument (>= 4.3) - restriction: || (&& (== net451) (>= net46)) (&& (== net451) (>= netstandard1.3)) (== netcoreapp2.0)
      System.Xml.XPath (>= 4.3) - restriction: || (&& (== net451) (>= net46)) (&& (== net451) (>= netstandard1.3)) (== netcoreapp2.0)
